{
    "Modality": "MR",
    "MagneticFieldStrength": 1.5,
    "ImagingFrequency": 63.8871,
    "Manufacturer": "Philips",
    "ManufacturersModelName": "Ingenia Ambition X",
    "BodyPartExamined": "BRAIN",
    "PatientPosition": "HFS",
    "ProcedureStepDescription": "MRI BRAIN W WO CONTRAST",
    "SoftwareVersions": "5.6.1\\5.6.1.0",
    "MRAcquisitionType": "2D",
    "SeriesDescription": "sB1000",
    "ProtocolName": "sB1000",
    "ScanningSequence": "SE",
    "SequenceVariant": "SK",
    "ScanOptions": "FS",
    "ImageType": [
        "ORIGINAL",
        "PRIMARY",
        "M",
        "SE",
        "M",
        "SE"
    ],
    "PhilipsRWVSlope": 1,
    "PhilipsRWVIntercept": 0,
    "PhilipsRescaleSlope": 1,
    "PhilipsRescaleIntercept": 0,
    "PhilipsScaleSlope": 0.617383,
    "UsePhilipsFloatNotDisplayScaling": 1,
    "SliceThickness": 5,
    "SpacingBetweenSlices": 6,
    "EchoTime": 0.089405,
    "RepetitionTime": 4.6,
    "FlipAngle": 90,
    "CoilString": "MULTI COIL",
    "PercentPhaseFOV": 107.463,
    "PercentSampling": 100,
    "EchoTrainLength": 111,
    "PartialFourierEnabled": "YES",
    "PhaseEncodingStepsNoPartialFourier": 222,
    "AcquisitionMatrixPE": 222,
    "ReconMatrixPE": 288,
    "ParallelReductionFactorInPlane": 2,
    "WaterFatShift": 30.6292,
    "EstimatedEffectiveEchoSpacing": 0.00048693,
    "EstimatedTotalReadoutTime": 0.139749,
    "PixelBandwidth": 961,
    "PhaseEncodingAxis": "j",
    "ImageOrientationPatientDICOM": [
        0.971159,
        0.238415,
        0.0028815,
        -0.237669,
        0.967011,
        0.0916644
    ],
    "InPlanePhaseEncodingDirectionDICOM": "COL",
    "ConversionSoftware": "dcm2niix",
    "ConversionSoftwareVersion": "v1.0.20201102"
}