{
    "Modality": "MR",
    "MagneticFieldStrength": 1.5,
    "ImagingFrequency": 63.8866,
    "Manufacturer": "Philips",
    "ManufacturersModelName": "Ingenia Ambition X",
    "BodyPartExamined": "BRAIN",
    "PatientPosition": "HFS",
    "ProcedureStepDescription": "MRI BRAIN WITHOUT CONTRAST",
    "SoftwareVersions": "5.6.1\\5.6.1.0",
    "MRAcquisitionType": "2D",
    "SeriesDescription": "Cor T2 FLAIR",
    "ProtocolName": "Cor T2 FLAIR",
    "ScanningSequence": "IR",
    "SequenceVariant": "SK",
    "ScanOptions": "FS",
    "ImageType": [
        "ORIGINAL",
        "PRIMARY",
        "M",
        "IR",
        "M",
        "IR"
    ],
    "PhilipsRWVSlope": 6.20928,
    "PhilipsRWVIntercept": 0,
    "PhilipsRescaleSlope": 6.20928,
    "PhilipsRescaleIntercept": 0,
    "PhilipsScaleSlope": 0.139256,
    "UsePhilipsFloatNotDisplayScaling": 1,
    "SliceThickness": 5,
    "SpacingBetweenSlices": 6,
    "EchoTime": 0.100768,
    "RepetitionTime": 6,
    "InversionTime": 2,
    "FlipAngle": 90,
    "CoilString": "MULTI COIL",
    "PercentPhaseFOV": 85.9375,
    "PercentSampling": 84.9515,
    "EchoTrainLength": 47,
    "PhaseEncodingSteps": 197,
    "AcquisitionMatrixPE": 197,
    "ReconMatrixPE": 256,
    "ParallelReductionFactorInPlane": 1.2,
    "WaterFatShift": 0.375347,
    "EstimatedEffectiveEchoSpacing": 6.6353e-06,
    "EstimatedTotalReadoutTime": 0.001692,
    "PixelBandwidth": 579,
    "PhaseEncodingAxis": "i",
    "ImageOrientationPatientDICOM": [
        0.999078,
        -0.0109496,
        -0.0415228,
        -0.0344756,
        0.37197,
        -0.927604
    ],
    "InPlanePhaseEncodingDirectionDICOM": "ROW",
    "ConversionSoftware": "dcm2niix",
    "ConversionSoftwareVersion": "v1.0.20201102"
}