{
    "Modality": "MR",
    "MagneticFieldStrength": 1.5,
    "ImagingFrequency": 63.8768,
    "Manufacturer": "Philips",
    "ManufacturersModelName": "Achieva",
    "BodyPartExamined": "HEAD",
    "PatientPosition": "HFS",
    "ProcedureStepDescription": "MRI BRAIN WITHOUT CONTRAST",
    "SoftwareVersions": "3.2.3",
    "MRAcquisitionType": "2D",
    "SeriesDescription": "sB 1000",
    "ProtocolName": "sB 1000",
    "ScanningSequence": "SE",
    "SequenceVariant": "SK",
    "ScanOptions": "FS",
    "ImageType": [
        "ORIGINAL",
        "PRIMARY",
        "M",
        "SE",
        "M",
        "SE"
    ],
    "PhilipsRWVSlope": 1,
    "PhilipsRWVIntercept": 0,
    "PhilipsRescaleSlope": 1,
    "PhilipsRescaleIntercept": 0,
    "PhilipsScaleSlope": 0.0253684,
    "UsePhilipsFloatNotDisplayScaling": 1,
    "SliceThickness": 5,
    "SpacingBetweenSlices": 6,
    "EchoTime": 0.062407,
    "RepetitionTime": 2.86504,
    "FlipAngle": 90,
    "CoilString": "SENSE-NV-16",
    "PercentPhaseFOV": 100,
    "PercentSampling": 80.3571,
    "EchoTrainLength": 89,
    "PartialFourierEnabled": "YES",
    "PhaseEncodingStepsNoPartialFourier": 89,
    "AcquisitionMatrixPE": 89,
    "ReconMatrixPE": 256,
    "WaterFatShift": 14.9314,
    "EstimatedEffectiveEchoSpacing": 0.000266616,
    "EstimatedTotalReadoutTime": 0.0679871,
    "PixelBandwidth": 1833,
    "PhaseEncodingAxis": "j",
    "ImageOrientationPatientDICOM": [
        0.989112,
        0.146582,
        -0.0131046,
        -0.146746,
        0.975649,
        -0.163016
    ],
    "InPlanePhaseEncodingDirectionDICOM": "COL",
    "ConversionSoftware": "dcm2niix",
    "ConversionSoftwareVersion": "v1.0.20201102"
}