{
    "Modality": "MR",
    "MagneticFieldStrength": 3,
    "ImagingFrequency": 127.752,
    "Manufacturer": "Philips",
    "ManufacturersModelName": "Achieva",
    "BodyPartExamined": "TSPINE",
    "PatientPosition": "HFS",
    "ProcedureStepDescription": "MRI BRAIN W WO CONTRAST",
    "SoftwareVersions": "3.2.3\\3.2.3.4",
    "MRAcquisitionType": "2D",
    "SeriesDescription": "COR FLAIR",
    "ProtocolName": "COR FLAIR SENSE",
    "ScanningSequence": "IR",
    "SequenceVariant": "SK",
    "ScanOptions": "FS",
    "ImageType": [
        "ORIGINAL",
        "PRIMARY",
        "M",
        "IR",
        "M",
        "IR"
    ],
    "PhilipsRWVSlope": 3.44738,
    "PhilipsRWVIntercept": 0,
    "PhilipsRescaleSlope": 3.44738,
    "PhilipsRescaleIntercept": 0,
    "PhilipsScaleSlope": 0.0141364,
    "UsePhilipsFloatNotDisplayScaling": 1,
    "SliceThickness": 5,
    "SpacingBetweenSlices": 6,
    "EchoTime": 0.12,
    "RepetitionTime": 11,
    "InversionTime": 2.8,
    "FlipAngle": 90,
    "CoilString": "SENSE-Head-8",
    "PercentPhaseFOV": 79.6875,
    "PercentSampling": 100,
    "EchoTrainLength": 40,
    "PhaseEncodingSteps": 195,
    "AcquisitionMatrixPE": 195,
    "ReconMatrixPE": 512,
    "ParallelReductionFactorInPlane": 2,
    "WaterFatShift": 1.1755,
    "EstimatedEffectiveEchoSpacing": 5.16691e-06,
    "EstimatedTotalReadoutTime": 0.00264029,
    "PixelBandwidth": 370,
    "PhaseEncodingAxis": "i",
    "ImageOrientationPatientDICOM": [
        0.975817,
        0.213937,
        0.0448611,
        0.0509922,
        -0.0232238,
        -0.998429
    ],
    "InPlanePhaseEncodingDirectionDICOM": "ROW",
    "ConversionSoftware": "dcm2niix",
    "ConversionSoftwareVersion": "v1.0.20201102"
}