{
    "Modality": "MR",
    "MagneticFieldStrength": 3,
    "ImagingFrequency": 127.778,
    "Manufacturer": "Philips",
    "ManufacturersModelName": "Ingenia Elition X",
    "BodyPartExamined": "BRAIN",
    "PatientPosition": "HFS",
    "ProcedureStepDescription": "MRI BRAIN W WO CONTRAST",
    "SoftwareVersions": "5.6.1\\5.6.1.0",
    "MRAcquisitionType": "2D",
    "SeriesDescription": "dADC",
    "ProtocolName": "dADC",
    "ScanningSequence": "RM",
    "SequenceVariant": "SK",
    "ScanOptions": "FS",
    "ImageType": [
        "ORIGINAL",
        "PRIMARY",
        "ADC",
        "UNSPECIFIED",
        "ADC",
        "UNSPECIFIED"
    ],
    "RawImage": false,
    "PhilipsRWVSlope": 1.11687e-06,
    "PhilipsRWVIntercept": 0,
    "PhilipsRescaleSlope": 0.00111687,
    "PhilipsRescaleIntercept": 0,
    "PhilipsScaleSlope": 0.162612,
    "UsePhilipsFloatNotDisplayScaling": 1,
    "SliceThickness": 5,
    "SpacingBetweenSlices": 6,
    "EchoTime": 0.06039,
    "RepetitionTime": 4.07079,
    "FlipAngle": 90,
    "CoilString": "MULTI COIL",
    "PercentPhaseFOV": 100,
    "PercentSampling": 90.9091,
    "EchoTrainLength": 47,
    "PartialFourierEnabled": "YES",
    "PhaseEncodingStepsNoPartialFourier": 117,
    "AcquisitionMatrixPE": 117,
    "ReconMatrixPE": 432,
    "ParallelReductionFactorInPlane": 2.5,
    "WaterFatShift": 15.0049,
    "EstimatedEffectiveEchoSpacing": 7.84652e-05,
    "EstimatedTotalReadoutTime": 0.0338185,
    "PixelBandwidth": 2165,
    "PhaseEncodingAxis": "j",
    "ImageOrientationPatientDICOM": [
        0.998508,
        0.041417,
        -0.0355955,
        -0.046529,
        0.98643,
        -0.157454
    ],
    "InPlanePhaseEncodingDirectionDICOM": "COL",
    "ConversionSoftware": "dcm2niix",
    "ConversionSoftwareVersion": "v1.0.20201102"
}