{
    "Modality": "MR",
    "MagneticFieldStrength": 1.5,
    "ImagingFrequency": 63.8863,
    "Manufacturer": "Philips",
    "ManufacturersModelName": "Achieva",
    "BodyPartExamined": "BRAIN",
    "PatientPosition": "HFS",
    "ProcedureStepDescription": "MRI BRAIN WITHOUT CONTRAST",
    "SoftwareVersions": "3.2.3",
    "MRAcquisitionType": "3D",
    "SeriesDescription": "COR FLAIR RECON",
    "ProtocolName": "COR FLAIR RECON",
    "ScanningSequence": "IR",
    "SequenceVariant": "OSP",
    "ScanOptions": "FS",
    "ImageType": [
        "ORIGINAL",
        "PRIMARY",
        "PROJECTION IMAGE",
        "M",
        "IR"
    ],
    "PhilipsRWVSlope": 13.4703,
    "PhilipsRWVIntercept": 0,
    "PhilipsRescaleSlope": 13.4703,
    "PhilipsRescaleIntercept": 0,
    "PhilipsScaleSlope": 0.000251851,
    "UsePhilipsFloatNotDisplayScaling": 1,
    "SliceThickness": 1,
    "SpacingBetweenSlices": 1,
    "NumberOfAverages": 2,
    "EchoTime": 0.361757,
    "RepetitionTime": 4.8,
    "InversionTime": 1.66,
    "FlipAngle": 90,
    "CoilString": "SENSE-Head-8",
    "PercentPhaseFOV": 107.937,
    "PercentSampling": 77.9623,
    "EchoTrainLength": 178,
    "PhaseEncodingSteps": 269,
    "AcquisitionMatrixPE": 269,
    "ReconMatrixPE": 336,
    "ParallelReductionFactorInPlane": 2.59,
    "ParallelReductionOutOfPlane": 2,
    "WaterFatShift": 0.3079,
    "EstimatedEffectiveEchoSpacing": 4.2077e-06,
    "EstimatedTotalReadoutTime": 0.00140958,
    "PixelBandwidth": 705,
    "ImageOrientationPatientDICOM": [
        0.995559,
        -0.0605034,
        -0.0721237,
        -0.0843217,
        -0.232432,
        -0.968951
    ],
    "ConversionSoftware": "dcm2niix",
    "ConversionSoftwareVersion": "v1.0.20201102"
}