{
    "Modality": "MR",
    "MagneticFieldStrength": 1.5,
    "ImagingFrequency": 63.8864,
    "Manufacturer": "Philips",
    "ManufacturersModelName": "Achieva",
    "BodyPartExamined": "BRAIN",
    "PatientPosition": "HFS",
    "ProcedureStepDescription": "MRI BRAIN WITHOUT CONTRAST",
    "SoftwareVersions": "3.2.3\\3.2.3.4",
    "MRAcquisitionType": "3D",
    "SeriesDescription": "SAG T1 3D",
    "ProtocolName": "SAG T1 3D SENSE",
    "ScanningSequence": "GR",
    "SequenceVariant": "MP",
    "ScanOptions": "OTHER",
    "ImageType": [
        "ORIGINAL",
        "PRIMARY",
        "M",
        "FFE",
        "M",
        "FFE"
    ],
    "PhilipsRWVSlope": 15.0444,
    "PhilipsRWVIntercept": 0,
    "PhilipsRescaleSlope": 15.0444,
    "PhilipsRescaleIntercept": 0,
    "PhilipsScaleSlope": 0.000216959,
    "UsePhilipsFloatNotDisplayScaling": 1,
    "SliceThickness": 1,
    "SpacingBetweenSlices": 1,
    "EchoTime": 0.003187,
    "RepetitionTime": 0.0070348,
    "FlipAngle": 8,
    "CoilString": "SENSE-Head-8",
    "PercentPhaseFOV": 98.4375,
    "PercentSampling": 100,
    "EchoTrainLength": 232,
    "PhaseEncodingSteps": 236,
    "AcquisitionMatrixPE": 236,
    "ReconMatrixPE": 256,
    "ParallelReductionOutOfPlane": 2,
    "WaterFatShift": 0.900829,
    "EstimatedEffectiveEchoSpacing": 1.61937e-05,
    "EstimatedTotalReadoutTime": 0.0041294,
    "PixelBandwidth": 241,
    "PhaseEncodingAxis": "i",
    "ImageOrientationPatientDICOM": [
        0.00149899,
        0.999999,
        -0.000332007,
        -0.036108,
        -0.000277665,
        -0.999348
    ],
    "InPlanePhaseEncodingDirectionDICOM": "ROW",
    "ConversionSoftware": "dcm2niix",
    "ConversionSoftwareVersion": "v1.0.20201102"
}