{
    "Modality": "MR",
    "MagneticFieldStrength": 3,
    "ImagingFrequency": 127.778,
    "Manufacturer": "Philips",
    "ManufacturersModelName": "Ingenia Elition X",
    "BodyPartExamined": "BRAIN",
    "PatientPosition": "HFS",
    "ProcedureStepDescription": "MRI BRAIN WITHOUT CONTRAST",
    "SoftwareVersions": "5.6.1\\5.6.1.0",
    "MRAcquisitionType": "3D",
    "SeriesDescription": "Sag Flair 3D",
    "ProtocolName": "Sag Flair 3D",
    "ScanningSequence": "IR",
    "SequenceVariant": "SK",
    "ScanOptions": "FS",
    "ImageType": [
        "ORIGINAL",
        "PRIMARY",
        "M",
        "IR",
        "M",
        "IR"
    ],
    "PhilipsRWVSlope": 6.88474,
    "PhilipsRWVIntercept": 0,
    "PhilipsRescaleSlope": 6.88474,
    "PhilipsRescaleIntercept": 0,
    "PhilipsScaleSlope": 0.00155074,
    "UsePhilipsFloatNotDisplayScaling": 1,
    "SliceThickness": 1.12,
    "SpacingBetweenSlices": 0.56,
    "NumberOfAverages": 2,
    "EchoTime": 0.34,
    "RepetitionTime": 4.8,
    "InversionTime": 1.65,
    "FlipAngle": 90,
    "CoilString": "MULTI COIL",
    "PercentPhaseFOV": 100,
    "PercentSampling": 77.8126,
    "EchoTrainLength": 167,
    "PhaseEncodingSteps": 214,
    "AcquisitionMatrixPE": 214,
    "ReconMatrixPE": 336,
    "ParallelReductionFactorInPlane": 2.91548,
    "ParallelReductionOutOfPlane": 2.91548,
    "WaterFatShift": 0.619345,
    "EstimatedEffectiveEchoSpacing": 4.23019e-06,
    "EstimatedTotalReadoutTime": 0.00141711,
    "PixelBandwidth": 701,
    "PhaseEncodingAxis": "i",
    "ImageOrientationPatientDICOM": [
        -0.0431285,
        0.946675,
        0.319291,
        -0.0117285,
        0.319086,
        -0.947653
    ],
    "InPlanePhaseEncodingDirectionDICOM": "ROW",
    "ConversionSoftware": "dcm2niix",
    "ConversionSoftwareVersion": "v1.0.20201102"
}