{
    "Modality": "MR",
    "MagneticFieldStrength": 3,
    "ImagingFrequency": 127.778,
    "Manufacturer": "Philips",
    "ManufacturersModelName": "Ingenia Elition X",
    "BodyPartExamined": "CIRCLEOFWILLIS",
    "PatientPosition": "HFS",
    "ProcedureStepDescription": "MRI BRAIN WITHOUT CONTRAST",
    "SoftwareVersions": "5.6.1\\5.6.1.0",
    "MRAcquisitionType": "2D",
    "SeriesDescription": "sB1000",
    "ProtocolName": "sB1000",
    "ScanningSequence": "SE",
    "SequenceVariant": "SK",
    "ScanOptions": "FS",
    "ImageType": [
        "ORIGINAL",
        "PRIMARY",
        "M",
        "SE",
        "M",
        "SE"
    ],
    "PhilipsRWVSlope": 1,
    "PhilipsRWVIntercept": 0,
    "PhilipsRescaleSlope": 1,
    "PhilipsRescaleIntercept": 0,
    "PhilipsScaleSlope": 0.724439,
    "UsePhilipsFloatNotDisplayScaling": 1,
    "SliceThickness": 5,
    "SpacingBetweenSlices": 6,
    "NumberOfAverages": 2,
    "EchoTime": 0.074593,
    "RepetitionTime": 4.2965,
    "FlipAngle": 90,
    "CoilString": "MULTI COIL",
    "PercentPhaseFOV": 100,
    "PercentSampling": 89.8438,
    "EchoTrainLength": 47,
    "PartialFourierEnabled": "YES",
    "PhaseEncodingStepsNoPartialFourier": 116,
    "AcquisitionMatrixPE": 116,
    "ReconMatrixPE": 384,
    "ParallelReductionFactorInPlane": 2.5,
    "WaterFatShift": 15.1303,
    "EstimatedEffectiveEchoSpacing": 8.90372e-05,
    "EstimatedTotalReadoutTime": 0.0341012,
    "PixelBandwidth": 2144,
    "PhaseEncodingAxis": "j",
    "ImageOrientationPatientDICOM": [
        0.992741,
        0.0927536,
        0.0765658,
        -0.0985383,
        0.992258,
        0.0755876
    ],
    "InPlanePhaseEncodingDirectionDICOM": "COL",
    "ConversionSoftware": "dcm2niix",
    "ConversionSoftwareVersion": "v1.0.20201102"
}