{
    "Modality": "MR",
    "MagneticFieldStrength": 1.5,
    "ImagingFrequency": 63.8868,
    "Manufacturer": "Philips",
    "ManufacturersModelName": "Ingenia Ambition X",
    "BodyPartExamined": "BRAIN",
    "PatientPosition": "HFS",
    "ProcedureStepDescription": "MRI BRAIN WITHOUT CONTRAST",
    "SoftwareVersions": "5.6.1\\5.6.1.0",
    "MRAcquisitionType": "3D",
    "SeriesDescription": "SAG FLAIR",
    "ProtocolName": "SAG FLAIR",
    "ScanningSequence": "IR",
    "SequenceVariant": "SK",
    "ScanOptions": "FS",
    "ImageType": [
        "ORIGINAL",
        "PRIMARY",
        "M",
        "IR",
        "M",
        "IR"
    ],
    "PhilipsRWVSlope": 9.64103,
    "PhilipsRWVIntercept": 0,
    "PhilipsRescaleSlope": 9.64103,
    "PhilipsRescaleIntercept": 0,
    "PhilipsScaleSlope": 0.00251631,
    "UsePhilipsFloatNotDisplayScaling": 1,
    "SliceThickness": 1.8,
    "SpacingBetweenSlices": 0.9,
    "EchoTime": 0.3,
    "RepetitionTime": 4.8,
    "InversionTime": 1.66,
    "FlipAngle": 90,
    "CoilString": "MULTI COIL",
    "PercentPhaseFOV": 140.426,
    "PercentSampling": 78.5398,
    "EchoTrainLength": 116,
    "PhaseEncodingSteps": 253,
    "AcquisitionMatrixPE": 253,
    "ReconMatrixPE": 528,
    "ParallelReductionFactorInPlane": 2.54951,
    "ParallelReductionOutOfPlane": 2.54951,
    "WaterFatShift": 0.441034,
    "EstimatedEffectiveEchoSpacing": 3.81982e-06,
    "EstimatedTotalReadoutTime": 0.00201305,
    "PixelBandwidth": 493,
    "PhaseEncodingAxis": "i",
    "ImageOrientationPatientDICOM": [
        -0.0312345,
        0.99126,
        0.128172,
        -0.0209383,
        0.127558,
        -0.99161
    ],
    "InPlanePhaseEncodingDirectionDICOM": "ROW",
    "ConversionSoftware": "dcm2niix",
    "ConversionSoftwareVersion": "v1.0.20201102"
}