{
    "Modality": "MR",
    "MagneticFieldStrength": 1.5,
    "ImagingFrequency": 63.8622,
    "Manufacturer": "GE",
    "ManufacturersModelName": "Signa HDxt",
    "PatientPosition": "HFS",
    "SoftwareVersions": "24\\LX\\MR Software release:HD16.0_V03_1638.a",
    "MRAcquisitionType": "3D",
    "SeriesDescription": "1 MM COR FLAIR",
    "ProtocolName": "1 MM COR FLAIR",
    "ScanningSequence": "SE\\IR",
    "SequenceVariant": "SK",
    "ScanOptions": "EDR_GEMS\\FILTERED_GEMS\\ACC_GEMS",
    "ImageType": [
        "DERIVED",
        "SECONDARY",
        "REFORMATTED",
        "MIN IP"
    ],
    "RawImage": false,
    "SliceThickness": 1,
    "EchoTime": 0.1242,
    "RepetitionTime": 6,
    "InversionTime": 1.87,
    "FlipAngle": 90,
    "CoilString": "8HRBRAIN",
    "PercentPhaseFOV": 90,
    "PercentSampling": 100,
    "EchoTrainLength": 130,
    "AcquisitionMatrixPE": 224,
    "ReconMatrixPE": 512,
    "PixelBandwidth": 97.6562,
    "PhaseEncodingAxis": "i",
    "ImageOrientationPatientDICOM": [
        0.998998,
        -0.0323644,
        -0.0309015,
        -0.0302853,
        0.0193604,
        -0.999354
    ],
    "InPlanePhaseEncodingDirectionDICOM": "ROW",
    "ConversionSoftware": "dcm2niix",
    "ConversionSoftwareVersion": "v1.0.20201102"
}