{
    "Modality": "MR",
    "MagneticFieldStrength": 1.5,
    "ImagingFrequency": 63.8931,
    "Manufacturer": "Philips",
    "ManufacturersModelName": "Intera",
    "PatientPosition": "HFS",
    "ProcedureStepDescription": "MRI BRAIN WITHOUT CONTRAST",
    "SoftwareVersions": "11.8.1\\11.8.1.5\\Gyroscan PMS/DICOM 4.0 MR datadefs $Revision: 6.3",
    "SeriesDescription": "COR T2 FLAIR",
    "ProtocolName": "COR T2 FLAIR CLEAR",
    "ScanningSequence": "IR",
    "SequenceVariant": "SK",
    "ScanOptions": "OTHER",
    "ImageType": [
        "ORIGINAL",
        "PRIMARY",
        "M",
        "IR",
        "M",
        "IR"
    ],
    "PhilipsRWVSlope": 3.69084,
    "PhilipsRWVIntercept": 0,
    "PhilipsRescaleSlope": 3.69084,
    "PhilipsRescaleIntercept": 0,
    "PhilipsScaleSlope": 0.0176594,
    "UsePhilipsFloatNotDisplayScaling": 1,
    "SliceThickness": 5,
    "SpacingBetweenSlices": 6,
    "NumberOfAverages": 2,
    "EchoTime": 0.12,
    "RepetitionTime": 6,
    "InversionTime": 2,
    "FlipAngle": 90,
    "CoilString": "SENSE-head",
    "PercentPhaseFOV": 80.5556,
    "PercentSampling": 80,
    "EchoTrainLength": 21,
    "PhaseEncodingSteps": 209,
    "AcquisitionMatrixPE": 209,
    "ReconMatrixPE": 432,
    "WaterFatShift": 1.12615,
    "EstimatedEffectiveEchoSpacing": 1.14811e-05,
    "EstimatedTotalReadoutTime": 0.00494836,
    "PixelBandwidth": 193,
    "PhaseEncodingAxis": "i",
    "ImageOrientationPatientDICOM": [
        0.987899,
        -0.123994,
        0.0931769,
        0.0461614,
        -0.338475,
        -0.939843
    ],
    "InPlanePhaseEncodingDirectionDICOM": "ROW",
    "ConversionSoftware": "dcm2niix",
    "ConversionSoftwareVersion": "v1.0.20201102"
}