{
    "Modality": "MR",
    "MagneticFieldStrength": 3,
    "ImagingFrequency": 127.778,
    "Manufacturer": "Philips",
    "ManufacturersModelName": "Ingenia Elition X",
    "BodyPartExamined": "BRAIN",
    "PatientPosition": "HFS",
    "ProcedureStepDescription": "MRI BRAIN WITHOUT CONTRAST",
    "SoftwareVersions": "5.6.1\\5.6.1.0",
    "MRAcquisitionType": "3D",
    "SeriesDescription": "Sag Flair 3D",
    "ProtocolName": "Sag Flair 3D",
    "ScanningSequence": "IR",
    "SequenceVariant": "SK",
    "ScanOptions": "FS",
    "ImageType": [
        "ORIGINAL",
        "PRIMARY",
        "M",
        "IR",
        "M",
        "IR"
    ],
    "PhilipsRWVSlope": 6.33944,
    "PhilipsRWVIntercept": 0,
    "PhilipsRescaleSlope": 6.33944,
    "PhilipsRescaleIntercept": 0,
    "PhilipsScaleSlope": 0.000966938,
    "UsePhilipsFloatNotDisplayScaling": 1,
    "SliceThickness": 1.12,
    "SpacingBetweenSlices": 0.56,
    "NumberOfAverages": 2,
    "EchoTime": 0.34,
    "RepetitionTime": 4.8,
    "InversionTime": 1.65,
    "FlipAngle": 90,
    "CoilString": "MULTI COIL",
    "PercentPhaseFOV": 139.13,
    "PercentSampling": 78.5398,
    "EchoTrainLength": 167,
    "PhaseEncodingSteps": 223,
    "AcquisitionMatrixPE": 223,
    "ReconMatrixPE": 384,
    "ParallelReductionFactorInPlane": 2.91548,
    "ParallelReductionOutOfPlane": 2.91548,
    "WaterFatShift": 0.6117,
    "EstimatedEffectiveEchoSpacing": 3.65436e-06,
    "EstimatedTotalReadoutTime": 0.00139962,
    "PixelBandwidth": 710,
    "PhaseEncodingAxis": "i",
    "ImageOrientationPatientDICOM": [
        -0.0412986,
        0.962984,
        0.266376,
        -0.123512,
        0.259639,
        -0.957775
    ],
    "InPlanePhaseEncodingDirectionDICOM": "ROW",
    "ConversionSoftware": "dcm2niix",
    "ConversionSoftwareVersion": "v1.0.20201102"
}