{
    "Modality": "MR",
    "MagneticFieldStrength": 1.5,
    "ImagingFrequency": 63.8872,
    "Manufacturer": "Philips",
    "ManufacturersModelName": "Ingenia Ambition X",
    "BodyPartExamined": "BRAIN",
    "PatientPosition": "HFS",
    "ProcedureStepDescription": "MRI BRAIN WITHOUT CONTRAST",
    "SoftwareVersions": "5.6.1\\5.6.1.0",
    "MRAcquisitionType": "2D",
    "SeriesDescription": "Cor T2 FLAIR",
    "ProtocolName": "Cor T2 FLAIR",
    "ScanningSequence": "IR",
    "SequenceVariant": "SK",
    "ScanOptions": "FS",
    "ImageType": [
        "ORIGINAL",
        "PRIMARY",
        "M",
        "IR",
        "M",
        "IR"
    ],
    "PhilipsRWVSlope": 7.67766,
    "PhilipsRWVIntercept": 0,
    "PhilipsRescaleSlope": 7.67766,
    "PhilipsRescaleIntercept": 0,
    "PhilipsScaleSlope": 0.148458,
    "UsePhilipsFloatNotDisplayScaling": 1,
    "SliceThickness": 5,
    "SpacingBetweenSlices": 6,
    "EchoTime": 0.103241,
    "RepetitionTime": 6,
    "InversionTime": 2,
    "FlipAngle": 90,
    "CoilString": "MULTI COIL",
    "PercentPhaseFOV": 96.4286,
    "PercentSampling": 84.456,
    "EchoTrainLength": 47,
    "PhaseEncodingSteps": 117,
    "AcquisitionMatrixPE": 117,
    "ReconMatrixPE": 224,
    "ParallelReductionFactorInPlane": 1.2,
    "WaterFatShift": 0.424006,
    "EstimatedEffectiveEchoSpacing": 8.571e-06,
    "EstimatedTotalReadoutTime": 0.00191133,
    "PixelBandwidth": 512,
    "PhaseEncodingAxis": "i",
    "ImageOrientationPatientDICOM": [
        0.893852,
        -0.446814,
        -0.0372339,
        0.00500248,
        0.0929773,
        -0.995656
    ],
    "InPlanePhaseEncodingDirectionDICOM": "ROW",
    "ConversionSoftware": "dcm2niix",
    "ConversionSoftwareVersion": "v1.0.20201102"
}