{
    "Modality": "MR",
    "MagneticFieldStrength": 1.5,
    "ImagingFrequency": 63.8869,
    "Manufacturer": "Philips",
    "ManufacturersModelName": "Ingenia Ambition X",
    "BodyPartExamined": "BRAIN",
    "PatientPosition": "HFS",
    "ProcedureStepDescription": "MRI BRAIN WITHOUT CONTRAST",
    "SoftwareVersions": "5.6.1\\5.6.1.0",
    "MRAcquisitionType": "3D",
    "SeriesDescription": "cs_3D_BrainVIEW_T1W",
    "ProtocolName": "cs_3D_BrainVIEW_T1W",
    "ScanningSequence": "SE",
    "SequenceVariant": "SK",
    "ScanOptions": "FS",
    "ImageType": [
        "ORIGINAL",
        "PRIMARY",
        "M",
        "SE",
        "M",
        "SE"
    ],
    "PhilipsRWVSlope": 6.69231,
    "PhilipsRWVIntercept": 0,
    "PhilipsRescaleSlope": 6.69231,
    "PhilipsRescaleIntercept": 0,
    "PhilipsScaleSlope": 0.00388795,
    "UsePhilipsFloatNotDisplayScaling": 1,
    "SliceThickness": 1.1,
    "SpacingBetweenSlices": 0.55,
    "EchoTime": 0.028984,
    "RepetitionTime": 0.6,
    "FlipAngle": 90,
    "CoilString": "MULTI COIL",
    "PercentPhaseFOV": 100,
    "PercentSampling": 77.9165,
    "EchoTrainLength": 20,
    "PhaseEncodingSteps": 250,
    "AcquisitionMatrixPE": 250,
    "ReconMatrixPE": 640,
    "ParallelReductionFactorInPlane": 2.23607,
    "ParallelReductionOutOfPlane": 2.23607,
    "WaterFatShift": 0.617457,
    "EstimatedEffectiveEchoSpacing": 4.23668e-06,
    "EstimatedTotalReadoutTime": 0.00270724,
    "PixelBandwidth": 352,
    "PhaseEncodingAxis": "i",
    "ImageOrientationPatientDICOM": [
        0.0186909,
        0.999825,
        0.000437467,
        0.117656,
        -0.00176498,
        -0.993053
    ],
    "InPlanePhaseEncodingDirectionDICOM": "ROW",
    "ConversionSoftware": "dcm2niix",
    "ConversionSoftwareVersion": "v1.0.20201102"
}