{
    "Modality": "MR",
    "MagneticFieldStrength": 1.5,
    "ImagingFrequency": 63.8868,
    "Manufacturer": "Philips",
    "ManufacturersModelName": "Ingenia Ambition X",
    "BodyPartExamined": "BRAIN",
    "PatientPosition": "HFS",
    "ProcedureStepDescription": "MRI BRAIN WITHOUT CONTRAST",
    "SoftwareVersions": "5.6.1\\5.6.1.0",
    "MRAcquisitionType": "3D",
    "SeriesDescription": "COR FLAIR RECON",
    "ProtocolName": "COR FLAIR RECON",
    "ScanningSequence": "IR",
    "SequenceVariant": "SK",
    "ScanOptions": "FS",
    "ImageType": [
        "ORIGINAL",
        "PRIMARY",
        "PROJECTION IMAGE",
        "M",
        "IR"
    ],
    "PhilipsRWVSlope": 11.2012,
    "PhilipsRWVIntercept": 0,
    "PhilipsRescaleSlope": 11.2012,
    "PhilipsRescaleIntercept": 0,
    "PhilipsScaleSlope": 0.00255921,
    "UsePhilipsFloatNotDisplayScaling": 1,
    "SliceThickness": 1,
    "SpacingBetweenSlices": 1,
    "NumberOfAverages": 2,
    "EchoTime": 0.342626,
    "RepetitionTime": 4.8,
    "InversionTime": 1.66,
    "FlipAngle": 90,
    "CoilString": "MULTI COIL",
    "PercentPhaseFOV": 137.5,
    "PercentSampling": 78.5398,
    "EchoTrainLength": 178,
    "PhaseEncodingSteps": 247,
    "AcquisitionMatrixPE": 247,
    "ReconMatrixPE": 1024,
    "ParallelReductionFactorInPlane": 2.91548,
    "ParallelReductionOutOfPlane": 2.91548,
    "WaterFatShift": 0.25336,
    "EstimatedEffectiveEchoSpacing": 1.13381e-06,
    "EstimatedTotalReadoutTime": 0.00115988,
    "PixelBandwidth": 857,
    "ImageOrientationPatientDICOM": [
        0.97564,
        -0.117571,
        0.185212,
        0.1783,
        -0.0668967,
        -0.981699
    ],
    "ConversionSoftware": "dcm2niix",
    "ConversionSoftwareVersion": "v1.0.20201102"
}