{
    "Modality": "MR",
    "MagneticFieldStrength": 3,
    "ImagingFrequency": 127.778,
    "Manufacturer": "Philips",
    "ManufacturersModelName": "Ingenia Elition X",
    "BodyPartExamined": "BRAIN",
    "PatientPosition": "HFS",
    "ProcedureStepDescription": "MRI BRAIN WITHOUT CONTRAST",
    "SoftwareVersions": "5.6.1\\5.6.1.0",
    "MRAcquisitionType": "2D",
    "SeriesDescription": "T1 FFE SAG",
    "ProtocolName": "T1 FFE SAG",
    "ScanningSequence": "GR",
    "SequenceVariant": "SS",
    "ScanOptions": "PFF",
    "ImageType": [
        "ORIGINAL",
        "PRIMARY",
        "M",
        "FFE",
        "M",
        "FFE"
    ],
    "PhilipsRWVSlope": 94.2625,
    "PhilipsRWVIntercept": 0,
    "PhilipsRescaleSlope": 94.2625,
    "PhilipsRescaleIntercept": 0,
    "PhilipsScaleSlope": 0.340749,
    "UsePhilipsFloatNotDisplayScaling": 1,
    "SliceThickness": 5,
    "SpacingBetweenSlices": 6,
    "EchoTime": 0.002302,
    "RepetitionTime": 0.290679,
    "FlipAngle": 75,
    "CoilString": "MULTI COIL",
    "PercentPhaseFOV": 140.426,
    "PercentSampling": 85.7651,
    "PartialFourierEnabled": "YES",
    "PhaseEncodingStepsNoPartialFourier": 241,
    "AcquisitionMatrixPE": 241,
    "ReconMatrixPE": 528,
    "ParallelReductionFactorInPlane": 1.5,
    "WaterFatShift": 2.00193,
    "EstimatedEffectiveEchoSpacing": 4.37192e-06,
    "EstimatedTotalReadoutTime": 0.002304,
    "PixelBandwidth": 217,
    "PhaseEncodingAxis": "i",
    "ImageOrientationPatientDICOM": [
        0.0635025,
        0.947,
        -0.314895,
        -0.146213,
        -0.303298,
        -0.941611
    ],
    "InPlanePhaseEncodingDirectionDICOM": "ROW",
    "ConversionSoftware": "dcm2niix",
    "ConversionSoftwareVersion": "v1.0.20201102"
}