{
    "Modality": "MR",
    "MagneticFieldStrength": 1.5,
    "ImagingFrequency": 63.8931,
    "Manufacturer": "Philips",
    "ManufacturersModelName": "Intera",
    "PatientPosition": "HFS",
    "ProcedureStepDescription": "MRI BRAIN WITHOUT CONTRAST",
    "SoftwareVersions": "11.8.1\\11.8.1.5\\Gyroscan PMS/DICOM 4.0 MR datadefs $Revision: 6.3",
    "MRAcquisitionType": "3D",
    "SeriesDescription": "SAG T1 3D",
    "ProtocolName": "SAG T1 3D SENSE",
    "ScanningSequence": "GR",
    "SequenceVariant": "MP",
    "ScanOptions": "OTHER",
    "ImageType": [
        "ORIGINAL",
        "PRIMARY",
        "M",
        "FFE",
        "M",
        "FFE"
    ],
    "PhilipsRWVSlope": 8.95751,
    "PhilipsRWVIntercept": 0,
    "PhilipsRescaleSlope": 8.95751,
    "PhilipsRescaleIntercept": 0,
    "PhilipsScaleSlope": 0.000226897,
    "UsePhilipsFloatNotDisplayScaling": 1,
    "SliceThickness": 1,
    "SpacingBetweenSlices": 1,
    "EchoTime": 0.003637,
    "RepetitionTime": 0.0079578,
    "FlipAngle": 8,
    "CoilString": "SENSE-head",
    "PercentPhaseFOV": 95.3125,
    "PercentSampling": 100,
    "EchoTrainLength": 180,
    "PhaseEncodingSteps": 189,
    "AcquisitionMatrixPE": 189,
    "ReconMatrixPE": 256,
    "ParallelReductionOutOfPlane": 2,
    "WaterFatShift": 1.11781,
    "EstimatedEffectiveEchoSpacing": 2.00673e-05,
    "EstimatedTotalReadoutTime": 0.00511717,
    "PixelBandwidth": 194,
    "PhaseEncodingAxis": "i",
    "ImageOrientationPatientDICOM": [
        0,
        1,
        0,
        0,
        0,
        -1
    ],
    "InPlanePhaseEncodingDirectionDICOM": "ROW",
    "ConversionSoftware": "dcm2niix",
    "ConversionSoftwareVersion": "v1.0.20201102"
}