{
    "Modality": "MR",
    "MagneticFieldStrength": 1.5,
    "ImagingFrequency": 63.8854,
    "Manufacturer": "Philips",
    "ManufacturersModelName": "Achieva",
    "BodyPartExamined": "BRAIN",
    "PatientPosition": "HFS",
    "ProcedureStepDescription": "MRI BRAIN WITHOUT CONTRAST",
    "SoftwareVersions": "3.2.3",
    "MRAcquisitionType": "2D",
    "SeriesDescription": "dADC",
    "ProtocolName": "dADC",
    "ScanningSequence": "RM",
    "SequenceVariant": "SK",
    "ScanOptions": "FS",
    "ImageType": [
        "ORIGINAL",
        "PRIMARY",
        "ADC",
        "ADC",
        "UNSPECIFIED"
    ],
    "RawImage": false,
    "PhilipsRWVSlope": 0.966995,
    "PhilipsRWVIntercept": 0,
    "PhilipsRescaleSlope": 0.966995,
    "PhilipsRescaleIntercept": 0,
    "PhilipsScaleSlope": 0.00497768,
    "UsePhilipsFloatNotDisplayScaling": 1,
    "SliceThickness": 5,
    "SpacingBetweenSlices": 6,
    "EchoTime": 0.09873,
    "RepetitionTime": 3.88684,
    "FlipAngle": 90,
    "CoilString": "SENSE-Head-8",
    "PercentPhaseFOV": 100,
    "PercentSampling": 82.7381,
    "EchoTrainLength": 47,
    "PhaseEncodingSteps": 136,
    "AcquisitionMatrixPE": 136,
    "ReconMatrixPE": 288,
    "ParallelReductionFactorInPlane": 6,
    "WaterFatShift": 11.0392,
    "EstimatedEffectiveEchoSpacing": 0.000173392,
    "EstimatedTotalReadoutTime": 0.0497636,
    "PixelBandwidth": 1190,
    "PhaseEncodingAxis": "j",
    "ImageOrientationPatientDICOM": [
        0.971513,
        0.162603,
        -0.172406,
        -0.15317,
        0.985942,
        0.0667656
    ],
    "InPlanePhaseEncodingDirectionDICOM": "COL",
    "ConversionSoftware": "dcm2niix",
    "ConversionSoftwareVersion": "v1.0.20201102"
}