{
    "Modality": "MR",
    "MagneticFieldStrength": 1.5,
    "ImagingFrequency": 63.8872,
    "Manufacturer": "Philips",
    "ManufacturersModelName": "Ingenia Ambition X",
    "BodyPartExamined": "BRAIN",
    "PatientPosition": "HFS",
    "ProcedureStepDescription": "MRI BRAIN WITHOUT CONTRAST",
    "SoftwareVersions": "5.6.1\\5.6.1.0",
    "MRAcquisitionType": "2D",
    "SeriesDescription": "sB1000",
    "ProtocolName": "sB1000",
    "ScanningSequence": "SE",
    "SequenceVariant": "SK",
    "ScanOptions": "FS",
    "ImageType": [
        "ORIGINAL",
        "PRIMARY",
        "M",
        "SE",
        "M",
        "SE"
    ],
    "PhilipsRWVSlope": 1,
    "PhilipsRWVIntercept": 0,
    "PhilipsRescaleSlope": 1,
    "PhilipsRescaleIntercept": 0,
    "PhilipsScaleSlope": 2.23373,
    "UsePhilipsFloatNotDisplayScaling": 1,
    "SliceThickness": 5,
    "SpacingBetweenSlices": 6,
    "EchoTime": 0.110336,
    "RepetitionTime": 3.98701,
    "FlipAngle": 90,
    "CoilString": "MULTI COIL",
    "PercentPhaseFOV": 102.564,
    "PercentSampling": 83.5366,
    "EchoTrainLength": 63,
    "PhaseEncodingSteps": 138,
    "AcquisitionMatrixPE": 138,
    "ReconMatrixPE": 320,
    "ParallelReductionFactorInPlane": 2.2,
    "WaterFatShift": 14.1618,
    "EstimatedEffectiveEchoSpacing": 0.000201185,
    "EstimatedTotalReadoutTime": 0.0641781,
    "PixelBandwidth": 1250,
    "PhaseEncodingAxis": "j",
    "ImageOrientationPatientDICOM": [
        0.996401,
        -0.0613638,
        -0.0584732,
        0.0565725,
        0.995161,
        -0.0803439
    ],
    "InPlanePhaseEncodingDirectionDICOM": "COL",
    "ConversionSoftware": "dcm2niix",
    "ConversionSoftwareVersion": "v1.0.20201102"
}