{
    "Modality": "MR",
    "MagneticFieldStrength": 1.5,
    "ImagingFrequency": 63.8862,
    "Manufacturer": "Philips",
    "ManufacturersModelName": "Achieva",
    "BodyPartExamined": "BRAIN",
    "PatientPosition": "HFS",
    "ProcedureStepDescription": "MRI BRAIN WITHOUT CONTRAST",
    "SoftwareVersions": "3.2.3",
    "MRAcquisitionType": "3D",
    "SeriesDescription": "COR FLAIR RECON",
    "ProtocolName": "COR FLAIR RECON",
    "ScanningSequence": "IR",
    "SequenceVariant": "OSP",
    "ScanOptions": "FS",
    "ImageType": [
        "ORIGINAL",
        "PRIMARY",
        "PROJECTION IMAGE",
        "M",
        "IR"
    ],
    "PhilipsRWVSlope": 21.3194,
    "PhilipsRWVIntercept": 0,
    "PhilipsRescaleSlope": 21.3194,
    "PhilipsRescaleIntercept": 0,
    "PhilipsScaleSlope": 0.000200779,
    "UsePhilipsFloatNotDisplayScaling": 1,
    "SliceThickness": 1,
    "SpacingBetweenSlices": 1,
    "NumberOfAverages": 2,
    "EchoTime": 0.330647,
    "RepetitionTime": 4.8,
    "InversionTime": 1.66,
    "FlipAngle": 90,
    "CoilString": "SENSE-Head-8",
    "PercentPhaseFOV": 107.937,
    "PercentSampling": 77.9623,
    "EchoTrainLength": 178,
    "PhaseEncodingSteps": 269,
    "AcquisitionMatrixPE": 269,
    "ReconMatrixPE": 336,
    "ParallelReductionFactorInPlane": 2.59,
    "ParallelReductionOutOfPlane": 2,
    "WaterFatShift": 0.273688,
    "EstimatedEffectiveEchoSpacing": 3.74018e-06,
    "EstimatedTotalReadoutTime": 0.00125296,
    "PixelBandwidth": 794,
    "ImageOrientationPatientDICOM": [
        0.998453,
        -0.0286793,
        -0.0476347,
        -0.047778,
        -0.00433332,
        -0.998849
    ],
    "ConversionSoftware": "dcm2niix",
    "ConversionSoftwareVersion": "v1.0.20201102"
}