{
    "Modality": "MR",
    "MagneticFieldStrength": 1.5,
    "ImagingFrequency": 63.8869,
    "Manufacturer": "Philips",
    "ManufacturersModelName": "Ingenia Ambition X",
    "BodyPartExamined": "BRAIN",
    "PatientPosition": "HFS",
    "ProcedureStepDescription": "MRI BRAIN WITHOUT CONTRAST",
    "SoftwareVersions": "5.6.1\\5.6.1.0",
    "MRAcquisitionType": "2D",
    "SeriesDescription": "Ax T1 FFE",
    "ProtocolName": "Ax T1 FFE",
    "ScanningSequence": "GR",
    "SequenceVariant": "SS",
    "ScanOptions": "SP",
    "ImageType": [
        "ORIGINAL",
        "PRIMARY",
        "M",
        "FFE",
        "M",
        "FFE"
    ],
    "PhilipsRWVSlope": 4.42882,
    "PhilipsRWVIntercept": 0,
    "PhilipsRescaleSlope": 4.42882,
    "PhilipsRescaleIntercept": 0,
    "PhilipsScaleSlope": 0.113858,
    "UsePhilipsFloatNotDisplayScaling": 1,
    "SliceThickness": 5,
    "SpacingBetweenSlices": 6,
    "EchoTime": 0.001892,
    "RepetitionTime": 0.205993,
    "FlipAngle": 80,
    "CoilString": "MULTI COIL",
    "PercentPhaseFOV": 85.9375,
    "PercentSampling": 80,
    "PartialFourierEnabled": "YES",
    "PhaseEncodingStepsNoPartialFourier": 205,
    "AcquisitionMatrixPE": 205,
    "ReconMatrixPE": 256,
    "ParallelReductionFactorInPlane": 1.75,
    "WaterFatShift": 1.27229,
    "EstimatedEffectiveEchoSpacing": 1.14849e-05,
    "EstimatedTotalReadoutTime": 0.00292864,
    "PixelBandwidth": 171,
    "PhaseEncodingAxis": "i",
    "ImageOrientationPatientDICOM": [
        0.977423,
        -0.0410454,
        0.207266,
        0.0797486,
        0.98006,
        -0.181994
    ],
    "InPlanePhaseEncodingDirectionDICOM": "ROW",
    "ConversionSoftware": "dcm2niix",
    "ConversionSoftwareVersion": "v1.0.20201102"
}