{
    "Modality": "MR",
    "MagneticFieldStrength": 3,
    "ImagingFrequency": 127.778,
    "Manufacturer": "Philips",
    "ManufacturersModelName": "Ingenia Elition X",
    "BodyPartExamined": "BRAIN",
    "PatientPosition": "HFS",
    "ProcedureStepDescription": "MRI BRAIN WITHOUT CONTRAST",
    "SoftwareVersions": "5.6.1\\5.6.1.0",
    "MRAcquisitionType": "2D",
    "SeriesDescription": "T2 FLAIR COR",
    "ProtocolName": "T2 FLAIR COR",
    "ScanningSequence": "IR",
    "SequenceVariant": "SK",
    "ScanOptions": "FS",
    "ImageType": [
        "ORIGINAL",
        "PRIMARY",
        "M",
        "IR",
        "M",
        "IR"
    ],
    "PhilipsRWVSlope": 1.47448,
    "PhilipsRWVIntercept": 0,
    "PhilipsRescaleSlope": 1.47448,
    "PhilipsRescaleIntercept": 0,
    "PhilipsScaleSlope": 0.0731266,
    "UsePhilipsFloatNotDisplayScaling": 1,
    "SliceThickness": 5,
    "SpacingBetweenSlices": 6,
    "EchoTime": 0.12,
    "RepetitionTime": 11,
    "InversionTime": 2.8,
    "FlipAngle": 90,
    "CoilString": "MULTI COIL",
    "PercentPhaseFOV": 83,
    "PercentSampling": 80.3109,
    "EchoTrainLength": 38,
    "PhaseEncodingSteps": 119,
    "AcquisitionMatrixPE": 119,
    "ReconMatrixPE": 400,
    "ParallelReductionFactorInPlane": 1.4,
    "WaterFatShift": 1.44336,
    "EstimatedEffectiveEchoSpacing": 8.11306e-06,
    "EstimatedTotalReadoutTime": 0.00323711,
    "PixelBandwidth": 301,
    "PhaseEncodingAxis": "i",
    "ImageOrientationPatientDICOM": [
        0.982661,
        0.0148344,
        -0.184818,
        -0.176176,
        -0.235984,
        -0.955653
    ],
    "InPlanePhaseEncodingDirectionDICOM": "ROW",
    "ConversionSoftware": "dcm2niix",
    "ConversionSoftwareVersion": "v1.0.20201102"
}