{
    "Modality": "MR",
    "MagneticFieldStrength": 1.5,
    "ImagingFrequency": 63.8859,
    "Manufacturer": "Philips",
    "ManufacturersModelName": "Achieva",
    "BodyPartExamined": "BRAIN",
    "PatientPosition": "HFS",
    "ProcedureStepDescription": "MRI BRAIN WITHOUT CONTRAST",
    "SoftwareVersions": "3.2.3\\3.2.3.4",
    "MRAcquisitionType": "2D",
    "SeriesDescription": "SAG T1",
    "ProtocolName": "SAG T1 CLEAR",
    "ScanningSequence": "SE",
    "SequenceVariant": "SS",
    "ScanOptions": "OTHER",
    "ImageType": [
        "ORIGINAL",
        "PRIMARY",
        "M",
        "SE",
        "M",
        "SE"
    ],
    "PhilipsRWVSlope": 2.47863,
    "PhilipsRWVIntercept": 0,
    "PhilipsRescaleSlope": 2.47863,
    "PhilipsRescaleIntercept": 0,
    "PhilipsScaleSlope": 0.035873,
    "UsePhilipsFloatNotDisplayScaling": 1,
    "SliceThickness": 5,
    "SpacingBetweenSlices": 6,
    "EchoTime": 0.015,
    "RepetitionTime": 0.62367,
    "FlipAngle": 69,
    "CoilString": "SENSE-Head-8",
    "PercentPhaseFOV": 100,
    "PercentSampling": 55.8333,
    "PhaseEncodingSteps": 134,
    "AcquisitionMatrixPE": 134,
    "ReconMatrixPE": 480,
    "WaterFatShift": 1.99922,
    "EstimatedEffectiveEchoSpacing": 9.60752e-06,
    "EstimatedTotalReadoutTime": 0.004602,
    "PixelBandwidth": 109,
    "PhaseEncodingAxis": "i",
    "ImageOrientationPatientDICOM": [
        -0.0547916,
        0.992693,
        -0.107512,
        -0.0616057,
        -0.110829,
        -0.991928
    ],
    "InPlanePhaseEncodingDirectionDICOM": "ROW",
    "ConversionSoftware": "dcm2niix",
    "ConversionSoftwareVersion": "v1.0.20201102"
}