{
    "Modality": "MR",
    "MagneticFieldStrength": 1.5,
    "ImagingFrequency": 63.8793,
    "Manufacturer": "GE",
    "ManufacturersModelName": "Signa HDxt",
    "PatientPosition": "HFS",
    "ProcedureStepDescription": "MRI BRAIN W WO CONTRAST",
    "SoftwareVersions": "23\\LX\\MR Software release:HD23.0_V03_1614.b",
    "MRAcquisitionType": "2D",
    "SeriesDescription": "Ax T1 Post Contrast",
    "ProtocolName": "Ax T1 Post Contrast",
    "ScanningSequence": "SE",
    "SequenceVariant": "SK",
    "ScanOptions": "FAST_GEMS\\FC_SLICE_AX_GEMS\\FC\\EDR_GEMS\\TRF_GEMS\\FILTERED_GEMS",
    "ImageType": [
        "ORIGINAL",
        "PRIMARY",
        "OTHER"
    ],
    "SliceThickness": 5,
    "SpacingBetweenSlices": 6,
    "NumberOfAverages": 2,
    "EchoTime": 0.008864,
    "RepetitionTime": 0.665,
    "FlipAngle": 90,
    "CoilString": "HNS Head",
    "PercentPhaseFOV": 100,
    "PercentSampling": 100,
    "EchoTrainLength": 2,
    "AcquisitionMatrixPE": 256,
    "ReconMatrixPE": 512,
    "PixelBandwidth": 122.07,
    "PhaseEncodingAxis": "j",
    "ImageOrientationPatientDICOM": [
        0.999927,
        0.000676628,
        0.0120777,
        0.00183298,
        0.978431,
        -0.206564
    ],
    "InPlanePhaseEncodingDirectionDICOM": "COL",
    "ConversionSoftware": "dcm2niix",
    "ConversionSoftwareVersion": "v1.0.20201102"
}