{
    "Modality": "MR",
    "MagneticFieldStrength": 1.5,
    "ImagingFrequency": 63.8869,
    "Manufacturer": "Philips",
    "ManufacturersModelName": "Ingenia Ambition X",
    "BodyPartExamined": "BRAIN",
    "PatientPosition": "HFS",
    "ProcedureStepDescription": "MRI BRAIN W WO CONTRAST",
    "SoftwareVersions": "5.6.1\\5.6.1.0",
    "MRAcquisitionType": "3D",
    "SeriesDescription": "SAG FLAIR",
    "ProtocolName": "SAG FLAIR",
    "ScanningSequence": "IR",
    "SequenceVariant": "SK",
    "ScanOptions": "FS",
    "ImageType": [
        "ORIGINAL",
        "PRIMARY",
        "M",
        "IR",
        "M",
        "IR"
    ],
    "PhilipsRWVSlope": 10.6632,
    "PhilipsRWVIntercept": 0,
    "PhilipsRescaleSlope": 10.6632,
    "PhilipsRescaleIntercept": 0,
    "PhilipsScaleSlope": 0.0025858,
    "UsePhilipsFloatNotDisplayScaling": 1,
    "SliceThickness": 1.8,
    "SpacingBetweenSlices": 0.9,
    "EchoTime": 0.3,
    "RepetitionTime": 4.8,
    "InversionTime": 1.66,
    "FlipAngle": 90,
    "CoilString": "MULTI COIL",
    "PercentPhaseFOV": 120,
    "PercentSampling": 78.5398,
    "EchoTrainLength": 116,
    "PhaseEncodingSteps": 240,
    "AcquisitionMatrixPE": 240,
    "ReconMatrixPE": 432,
    "ParallelReductionFactorInPlane": 2.54951,
    "ParallelReductionOutOfPlane": 2.54951,
    "WaterFatShift": 0.46571,
    "EstimatedEffectiveEchoSpacing": 4.93196e-06,
    "EstimatedTotalReadoutTime": 0.00212568,
    "PixelBandwidth": 466,
    "PhaseEncodingAxis": "i",
    "ImageOrientationPatientDICOM": [
        0.127647,
        0.991787,
        0.00808831,
        0.154784,
        -0.011865,
        -0.987877
    ],
    "InPlanePhaseEncodingDirectionDICOM": "ROW",
    "ConversionSoftware": "dcm2niix",
    "ConversionSoftwareVersion": "v1.0.20201102"
}