{
    "Modality": "MR",
    "MagneticFieldStrength": 1.5,
    "ImagingFrequency": 63.887,
    "Manufacturer": "Philips",
    "ManufacturersModelName": "Ingenia Ambition X",
    "BodyPartExamined": "BRAIN",
    "PatientPosition": "HFS",
    "ProcedureStepDescription": "MRI BRAIN WITHOUT CONTRAST",
    "SoftwareVersions": "5.6.1\\5.6.1.0",
    "MRAcquisitionType": "3D",
    "SeriesDescription": "SAG FLAIR 3D",
    "ProtocolName": "SAG FLAIR 3D",
    "ScanningSequence": "IR",
    "SequenceVariant": "SK",
    "ScanOptions": "FS",
    "ImageType": [
        "ORIGINAL",
        "PRIMARY",
        "M",
        "IR",
        "M",
        "IR"
    ],
    "PhilipsRWVSlope": 9.57851,
    "PhilipsRWVIntercept": 0,
    "PhilipsRescaleSlope": 9.57851,
    "PhilipsRescaleIntercept": 0,
    "PhilipsScaleSlope": 0.00259777,
    "UsePhilipsFloatNotDisplayScaling": 1,
    "SliceThickness": 1.8,
    "SpacingBetweenSlices": 0.9,
    "EchoTime": 0.3,
    "RepetitionTime": 4.8,
    "InversionTime": 1.66,
    "FlipAngle": 90,
    "CoilString": "MULTI COIL",
    "PercentPhaseFOV": 137.255,
    "PercentSampling": 77.6473,
    "EchoTrainLength": 116,
    "PhaseEncodingSteps": 261,
    "AcquisitionMatrixPE": 261,
    "ReconMatrixPE": 560,
    "ParallelReductionFactorInPlane": 2.54951,
    "ParallelReductionOutOfPlane": 2.54951,
    "WaterFatShift": 0.487128,
    "EstimatedEffectiveEchoSpacing": 3.97752e-06,
    "EstimatedTotalReadoutTime": 0.00222343,
    "PixelBandwidth": 446,
    "PhaseEncodingAxis": "i",
    "ImageOrientationPatientDICOM": [
        0.0153696,
        0.999882,
        -0.000690256,
        0.0145044,
        -0.000913218,
        -0.999894
    ],
    "InPlanePhaseEncodingDirectionDICOM": "ROW",
    "ConversionSoftware": "dcm2niix",
    "ConversionSoftwareVersion": "v1.0.20201102"
}