{
    "Modality": "MR",
    "MagneticFieldStrength": 3,
    "ImagingFrequency": 127.778,
    "Manufacturer": "Philips",
    "ManufacturersModelName": "Ingenia Elition X",
    "BodyPartExamined": "BRAIN",
    "PatientPosition": "HFS",
    "ProcedureStepDescription": "MRI BRAIN W WO CONTRAST",
    "SoftwareVersions": "5.6.1\\5.6.1.0",
    "MRAcquisitionType": "2D",
    "SeriesDescription": "sB1000",
    "ProtocolName": "sB1000",
    "ScanningSequence": "SE",
    "SequenceVariant": "SK",
    "ScanOptions": "FS",
    "ImageType": [
        "ORIGINAL",
        "PRIMARY",
        "M",
        "SE",
        "M",
        "SE"
    ],
    "PhilipsRWVSlope": 1,
    "PhilipsRWVIntercept": 0,
    "PhilipsRescaleSlope": 1,
    "PhilipsRescaleIntercept": 0,
    "PhilipsScaleSlope": 1.07737,
    "UsePhilipsFloatNotDisplayScaling": 1,
    "SliceThickness": 5,
    "SpacingBetweenSlices": 6,
    "EchoTime": 0.060111,
    "RepetitionTime": 3.75268,
    "FlipAngle": 90,
    "CoilString": "MULTI COIL",
    "PercentPhaseFOV": 100,
    "PercentSampling": 89.8438,
    "EchoTrainLength": 47,
    "PartialFourierEnabled": "YES",
    "PhaseEncodingStepsNoPartialFourier": 116,
    "AcquisitionMatrixPE": 116,
    "ReconMatrixPE": 384,
    "ParallelReductionFactorInPlane": 2.5,
    "WaterFatShift": 15.12,
    "EstimatedEffectiveEchoSpacing": 8.89761e-05,
    "EstimatedTotalReadoutTime": 0.0340778,
    "PixelBandwidth": 2141,
    "PhaseEncodingAxis": "j",
    "ImageOrientationPatientDICOM": [
        0.999883,
        0.00546497,
        -0.0142857,
        -0.00851578,
        0.974747,
        -0.223148
    ],
    "InPlanePhaseEncodingDirectionDICOM": "COL",
    "ConversionSoftware": "dcm2niix",
    "ConversionSoftwareVersion": "v1.0.20201102"
}