{
    "Modality": "MR",
    "MagneticFieldStrength": 3,
    "ImagingFrequency": 127.75,
    "Manufacturer": "Philips",
    "ManufacturersModelName": "Achieva",
    "BodyPartExamined": "TSPINE",
    "PatientPosition": "HFS",
    "ProcedureStepDescription": "MRI BRAIN WITHOUT CONTRAST",
    "SoftwareVersions": "3.2.3\\3.2.3.4",
    "MRAcquisitionType": "3D",
    "SeriesDescription": "SAG T1 3D",
    "ProtocolName": "SAG T1 3D SENSE",
    "ScanningSequence": "GR",
    "SequenceVariant": "MP",
    "ScanOptions": "OTHER",
    "ImageType": [
        "ORIGINAL",
        "PRIMARY",
        "M",
        "FFE",
        "M",
        "FFE"
    ],
    "PhilipsRWVSlope": 3.92601,
    "PhilipsRWVIntercept": 0,
    "PhilipsRescaleSlope": 3.92601,
    "PhilipsRescaleIntercept": 0,
    "PhilipsScaleSlope": 0.000597341,
    "UsePhilipsFloatNotDisplayScaling": 1,
    "SliceThickness": 1,
    "SpacingBetweenSlices": 1,
    "EchoTime": 0.004598,
    "RepetitionTime": 0.0098351,
    "FlipAngle": 8,
    "CoilString": "SENSE-Head-8",
    "PercentPhaseFOV": 100,
    "PercentSampling": 99.2064,
    "EchoTrainLength": 200,
    "PhaseEncodingSteps": 200,
    "AcquisitionMatrixPE": 200,
    "ReconMatrixPE": 288,
    "ParallelReductionOutOfPlane": 1.5,
    "WaterFatShift": 2.87713,
    "EstimatedEffectiveEchoSpacing": 2.29653e-05,
    "EstimatedTotalReadoutTime": 0.00659105,
    "PixelBandwidth": 151,
    "PhaseEncodingAxis": "i",
    "ImageOrientationPatientDICOM": [
        0.188565,
        0.952972,
        -0.237251,
        0.0772818,
        -0.255235,
        -0.963786
    ],
    "InPlanePhaseEncodingDirectionDICOM": "ROW",
    "ConversionSoftware": "dcm2niix",
    "ConversionSoftwareVersion": "v1.0.20201102"
}