{
    "Modality": "MR",
    "MagneticFieldStrength": 1.5,
    "ImagingFrequency": 63.8868,
    "Manufacturer": "Philips",
    "ManufacturersModelName": "Ingenia Ambition X",
    "BodyPartExamined": "BRAIN",
    "PatientPosition": "HFS",
    "ProcedureStepDescription": "MRI BRAIN W WO CONTRAST",
    "SoftwareVersions": "5.6.1\\5.6.1.0",
    "MRAcquisitionType": "2D",
    "SeriesDescription": "sB1000",
    "ProtocolName": "sB1000",
    "ScanningSequence": "SE",
    "SequenceVariant": "SK",
    "ScanOptions": "FS",
    "ImageType": [
        "ORIGINAL",
        "PRIMARY",
        "M",
        "SE",
        "M",
        "SE"
    ],
    "PhilipsRWVSlope": 1,
    "PhilipsRWVIntercept": 0,
    "PhilipsRescaleSlope": 1,
    "PhilipsRescaleIntercept": 0,
    "PhilipsScaleSlope": 7.22642,
    "UsePhilipsFloatNotDisplayScaling": 1,
    "SliceThickness": 5,
    "SpacingBetweenSlices": 6,
    "EchoTime": 0.076603,
    "RepetitionTime": 4.17721,
    "FlipAngle": 90,
    "CoilString": "MULTI COIL",
    "PercentPhaseFOV": 117.647,
    "PercentSampling": 100.816,
    "EchoTrainLength": 123,
    "PartialFourierEnabled": "YES",
    "PhaseEncodingStepsNoPartialFourier": 179,
    "AcquisitionMatrixPE": 179,
    "ReconMatrixPE": 320,
    "ParallelReductionFactorInPlane": 2,
    "WaterFatShift": 26.3744,
    "EstimatedEffectiveEchoSpacing": 0.00037756,
    "EstimatedTotalReadoutTime": 0.120442,
    "PixelBandwidth": 1314,
    "PhaseEncodingAxis": "j",
    "ImageOrientationPatientDICOM": [
        0.986498,
        0.0675711,
        -0.149181,
        -0.0385671,
        0.981148,
        0.189372
    ],
    "InPlanePhaseEncodingDirectionDICOM": "COL",
    "ConversionSoftware": "dcm2niix",
    "ConversionSoftwareVersion": "v1.0.20201102"
}