{
    "Modality": "MR",
    "MagneticFieldStrength": 1.5,
    "ImagingFrequency": 63.879,
    "Manufacturer": "Philips",
    "ManufacturersModelName": "Achieva",
    "BodyPartExamined": "HEAD",
    "PatientPosition": "HFS",
    "ProcedureStepDescription": "MRI BRAIN WITHOUT CONTRAST",
    "SoftwareVersions": "3.2.3\\3.2.3.4",
    "MRAcquisitionType": "2D",
    "SeriesDescription": "Ax T1",
    "ProtocolName": "Ax T1 CLEAR",
    "ScanningSequence": "SE",
    "SequenceVariant": "SS",
    "ScanOptions": "OTHER",
    "ImageType": [
        "ORIGINAL",
        "PRIMARY",
        "M",
        "SE",
        "M",
        "SE"
    ],
    "PhilipsRWVSlope": 4.17485,
    "PhilipsRWVIntercept": 0,
    "PhilipsRescaleSlope": 4.17485,
    "PhilipsRescaleIntercept": 0,
    "PhilipsScaleSlope": 0.00542086,
    "UsePhilipsFloatNotDisplayScaling": 1,
    "SliceThickness": 5,
    "SpacingBetweenSlices": 6,
    "EchoTime": 0.015,
    "RepetitionTime": 0.650162,
    "FlipAngle": 69,
    "CoilString": "SENSE-Head-8",
    "PercentPhaseFOV": 79.6875,
    "PercentSampling": 79.902,
    "PhaseEncodingSteps": 205,
    "AcquisitionMatrixPE": 205,
    "ReconMatrixPE": 256,
    "WaterFatShift": 1.98771,
    "EstimatedEffectiveEchoSpacing": 1.79451e-05,
    "EstimatedTotalReadoutTime": 0.004576,
    "PixelBandwidth": 109,
    "PhaseEncodingAxis": "i",
    "ImageOrientationPatientDICOM": [
        0.99559,
        -0.034165,
        0.0873709,
        0.0509327,
        0.978965,
        -0.197568
    ],
    "InPlanePhaseEncodingDirectionDICOM": "ROW",
    "ConversionSoftware": "dcm2niix",
    "ConversionSoftwareVersion": "v1.0.20201102"
}