{
    "Modality": "MR",
    "MagneticFieldStrength": 1.5,
    "ImagingFrequency": 63.8766,
    "Manufacturer": "Philips",
    "ManufacturersModelName": "Achieva",
    "BodyPartExamined": "HEAD",
    "PatientPosition": "HFS",
    "ProcedureStepDescription": "MRI BRAIN WITHOUT CONTRAST",
    "SoftwareVersions": "3.2.3",
    "MRAcquisitionType": "2D",
    "SeriesDescription": "ddADC",
    "ProtocolName": "ddADC",
    "ScanningSequence": "RM",
    "SequenceVariant": "SK",
    "ScanOptions": "FS",
    "ImageType": [
        "ORIGINAL",
        "PRIMARY",
        "ADC",
        "ADC",
        "UNSPECIFIED"
    ],
    "RawImage": false,
    "PhilipsRWVSlope": 1.20257,
    "PhilipsRWVIntercept": 0,
    "PhilipsRescaleSlope": 1.20257,
    "PhilipsRescaleIntercept": 0,
    "PhilipsScaleSlope": 0.0024827,
    "UsePhilipsFloatNotDisplayScaling": 1,
    "SliceThickness": 5,
    "SpacingBetweenSlices": 6,
    "EchoTime": 0.062407,
    "RepetitionTime": 3.10379,
    "FlipAngle": 90,
    "CoilString": "SENSE-NV-16",
    "PercentPhaseFOV": 100,
    "PercentSampling": 80.3571,
    "EchoTrainLength": 89,
    "PartialFourierEnabled": "YES",
    "PhaseEncodingStepsNoPartialFourier": 89,
    "AcquisitionMatrixPE": 89,
    "ReconMatrixPE": 256,
    "WaterFatShift": 14.9314,
    "EstimatedEffectiveEchoSpacing": 0.000266616,
    "EstimatedTotalReadoutTime": 0.0679871,
    "PixelBandwidth": 1833,
    "PhaseEncodingAxis": "j",
    "ImageOrientationPatientDICOM": [
        0.999995,
        0.00312695,
        -0.000779273,
        -0.00321428,
        0.98517,
        -0.171549
    ],
    "InPlanePhaseEncodingDirectionDICOM": "COL",
    "ConversionSoftware": "dcm2niix",
    "ConversionSoftwareVersion": "v1.0.20201102"
}