{
    "Modality": "MR",
    "MagneticFieldStrength": 1.5,
    "ImagingFrequency": 63.893,
    "Manufacturer": "Philips",
    "ManufacturersModelName": "Intera",
    "PatientPosition": "HFS",
    "ProcedureStepDescription": "MRI BRAIN W WO CONTRAST",
    "SoftwareVersions": "11.8.1\\11.8.1.5\\Gyroscan PMS/DICOM 4.0 MR datadefs $Revision: 6.3",
    "MRAcquisitionType": "3D",
    "SeriesDescription": "MPRCOR T1 3D",
    "ProtocolName": "MPRCOR T1 3D",
    "ScanningSequence": "GR",
    "SequenceVariant": "MP",
    "ScanOptions": "OTHER",
    "ImageType": [
        "ORIGINAL",
        "PRIMARY",
        "MPR",
        "M",
        "FFE"
    ],
    "PhilipsRWVSlope": 5.65031,
    "PhilipsRWVIntercept": 0,
    "PhilipsRescaleSlope": 5.6503,
    "PhilipsRescaleIntercept": 0,
    "PhilipsScaleSlope": 0.000261597,
    "UsePhilipsFloatNotDisplayScaling": 1,
    "SliceThickness": 0.977,
    "SpacingBetweenSlices": 0.977,
    "EchoTime": 0.003825,
    "RepetitionTime": 0.0083377,
    "FlipAngle": 8,
    "CoilString": "SENSE-head",
    "PercentPhaseFOV": 95.3125,
    "PercentSampling": 100,
    "EchoTrainLength": 180,
    "PhaseEncodingSteps": 189,
    "AcquisitionMatrixPE": 189,
    "ReconMatrixPE": 256,
    "ParallelReductionOutOfPlane": 2,
    "WaterFatShift": 1.16786,
    "EstimatedEffectiveEchoSpacing": 2.09659e-05,
    "EstimatedTotalReadoutTime": 0.0053463,
    "PixelBandwidth": 186,
    "ImageOrientationPatientDICOM": [
        0.987506,
        -0.156811,
        -0.0155589,
        0.0239651,
        0.247035,
        -0.96871
    ],
    "ConversionSoftware": "dcm2niix",
    "ConversionSoftwareVersion": "v1.0.20201102"
}