{
    "Modality": "MR",
    "MagneticFieldStrength": 1.5,
    "ImagingFrequency": 63.8869,
    "Manufacturer": "Philips",
    "ManufacturersModelName": "Ingenia Ambition X",
    "BodyPartExamined": "BRAIN",
    "PatientPosition": "HFS",
    "ProcedureStepDescription": "MRI BRAIN WITHOUT CONTRAST",
    "SoftwareVersions": "5.6.1\\5.6.1.0",
    "MRAcquisitionType": "3D",
    "SeriesDescription": "SAG T1 3D TFE",
    "ProtocolName": "SAG T1 3D TFE",
    "ScanningSequence": "GR",
    "SequenceVariant": "MP",
    "ScanOptions": "OTHER",
    "ImageType": [
        "ORIGINAL",
        "PRIMARY",
        "M",
        "FFE",
        "M",
        "FFE"
    ],
    "PhilipsRWVSlope": 7.91013,
    "PhilipsRWVIntercept": 0,
    "PhilipsRescaleSlope": 7.91013,
    "PhilipsRescaleIntercept": 0,
    "PhilipsScaleSlope": 0.00711095,
    "UsePhilipsFloatNotDisplayScaling": 1,
    "SliceThickness": 1,
    "SpacingBetweenSlices": 0.5,
    "EchoTime": 0.003396,
    "RepetitionTime": 0.0074834,
    "FlipAngle": 8,
    "CoilString": "MULTI COIL",
    "PercentPhaseFOV": 137.143,
    "PercentSampling": 78.5398,
    "EchoTrainLength": 250,
    "PhaseEncodingSteps": 247,
    "AcquisitionMatrixPE": 247,
    "ReconMatrixPE": 576,
    "ParallelReductionFactorInPlane": 1.73205,
    "ParallelReductionOutOfPlane": 1.73205,
    "WaterFatShift": 1.00093,
    "EstimatedEffectiveEchoSpacing": 7.98199e-06,
    "EstimatedTotalReadoutTime": 0.00458964,
    "PixelBandwidth": 217,
    "PhaseEncodingAxis": "i",
    "ImageOrientationPatientDICOM": [
        0.0216982,
        0.999765,
        -8.1263e-05,
        0.0132336,
        -0.000368488,
        -0.999912
    ],
    "InPlanePhaseEncodingDirectionDICOM": "ROW",
    "ConversionSoftware": "dcm2niix",
    "ConversionSoftwareVersion": "v1.0.20201102"
}