{
    "Modality": "MR",
    "MagneticFieldStrength": 1.5,
    "ImagingFrequency": 63.8851,
    "Manufacturer": "Philips",
    "ManufacturersModelName": "Achieva",
    "BodyPartExamined": "BRAIN",
    "PatientPosition": "HFS",
    "ProcedureStepDescription": "MRI BRAIN WITHOUT CONTRAST",
    "SoftwareVersions": "3.2.3",
    "MRAcquisitionType": "2D",
    "SeriesDescription": "dADC",
    "ProtocolName": "dADC",
    "ScanningSequence": "RM",
    "SequenceVariant": "SK",
    "ScanOptions": "FS",
    "ImageType": [
        "ORIGINAL",
        "PRIMARY",
        "ADC",
        "ADC",
        "UNSPECIFIED"
    ],
    "RawImage": false,
    "PhilipsRWVSlope": 0.966995,
    "PhilipsRWVIntercept": 0,
    "PhilipsRescaleSlope": 0.966995,
    "PhilipsRescaleIntercept": 0,
    "PhilipsScaleSlope": 0.00541219,
    "UsePhilipsFloatNotDisplayScaling": 1,
    "SliceThickness": 5,
    "SpacingBetweenSlices": 6,
    "EchoTime": 0.095652,
    "RepetitionTime": 3.77544,
    "FlipAngle": 90,
    "CoilString": "SENSE-Head-8",
    "PercentPhaseFOV": 100,
    "PercentSampling": 83.75,
    "EchoTrainLength": 47,
    "PhaseEncodingSteps": 134,
    "AcquisitionMatrixPE": 134,
    "ReconMatrixPE": 288,
    "ParallelReductionFactorInPlane": 6,
    "WaterFatShift": 10.6221,
    "EstimatedEffectiveEchoSpacing": 0.000166842,
    "EstimatedTotalReadoutTime": 0.0478836,
    "PixelBandwidth": 1249,
    "PhaseEncodingAxis": "j",
    "ImageOrientationPatientDICOM": [
        0.996536,
        -0.0792152,
        -0.0253292,
        0.0742348,
        0.984564,
        -0.158504
    ],
    "InPlanePhaseEncodingDirectionDICOM": "COL",
    "ConversionSoftware": "dcm2niix",
    "ConversionSoftwareVersion": "v1.0.20201102"
}