{
    "Modality": "MR",
    "MagneticFieldStrength": 1.5,
    "ImagingFrequency": 63.8868,
    "Manufacturer": "Philips",
    "ManufacturersModelName": "Ingenia Ambition X",
    "BodyPartExamined": "BRAIN",
    "PatientPosition": "HFS",
    "ProcedureStepDescription": "MRI BRAIN W WO CONTRAST",
    "SoftwareVersions": "5.6.1\\5.6.1.0",
    "MRAcquisitionType": "2D",
    "SeriesDescription": "sB1000",
    "ProtocolName": "sB1000",
    "ScanningSequence": "SE",
    "SequenceVariant": "SK",
    "ScanOptions": "FS",
    "ImageType": [
        "ORIGINAL",
        "PRIMARY",
        "M",
        "SE",
        "M",
        "SE"
    ],
    "PhilipsRWVSlope": 1,
    "PhilipsRWVIntercept": 0,
    "PhilipsRescaleSlope": 1,
    "PhilipsRescaleIntercept": 0,
    "PhilipsScaleSlope": 0.803883,
    "UsePhilipsFloatNotDisplayScaling": 1,
    "SliceThickness": 5,
    "SpacingBetweenSlices": 6,
    "EchoTime": 0.071165,
    "RepetitionTime": 3.65159,
    "FlipAngle": 90,
    "CoilString": "MULTI COIL",
    "PercentPhaseFOV": 100,
    "PercentSampling": 100,
    "EchoTrainLength": 79,
    "PartialFourierEnabled": "YES",
    "PhaseEncodingStepsNoPartialFourier": 158,
    "AcquisitionMatrixPE": 158,
    "ReconMatrixPE": 240,
    "ParallelReductionFactorInPlane": 2,
    "WaterFatShift": 17.7161,
    "EstimatedEffectiveEchoSpacing": 0.00033699,
    "EstimatedTotalReadoutTime": 0.0805406,
    "PixelBandwidth": 1248,
    "PhaseEncodingAxis": "j",
    "ImageOrientationPatientDICOM": [
        0.991081,
        -0.110853,
        -0.0739561,
        0.118525,
        0.98695,
        0.109003
    ],
    "InPlanePhaseEncodingDirectionDICOM": "COL",
    "ConversionSoftware": "dcm2niix",
    "ConversionSoftwareVersion": "v1.0.20201102"
}