{
    "Modality": "MR",
    "MagneticFieldStrength": 1.5,
    "ImagingFrequency": 63.893,
    "Manufacturer": "Philips",
    "ManufacturersModelName": "Intera",
    "PatientPosition": "HFS",
    "ProcedureStepDescription": "MRI BRAIN WITHOUT CONTRAST",
    "SoftwareVersions": "11.8.1\\11.8.1.5\\Gyroscan PMS/DICOM 4.0 MR datadefs $Revision: 6.3",
    "MRAcquisitionType": "3D",
    "SeriesDescription": "SAG T1 3D",
    "ProtocolName": "SAG T1 3D SENSE",
    "ScanningSequence": "GR",
    "SequenceVariant": "MP",
    "ScanOptions": "OTHER",
    "ImageType": [
        "ORIGINAL",
        "PRIMARY",
        "M",
        "FFE",
        "M",
        "FFE"
    ],
    "PhilipsRWVSlope": 9.86642,
    "PhilipsRWVIntercept": 0,
    "PhilipsRescaleSlope": 9.86642,
    "PhilipsRescaleIntercept": 0,
    "PhilipsScaleSlope": 0.000243629,
    "UsePhilipsFloatNotDisplayScaling": 1,
    "SliceThickness": 1,
    "SpacingBetweenSlices": 1,
    "EchoTime": 0.003807,
    "RepetitionTime": 0.0082797,
    "FlipAngle": 8,
    "CoilString": "SENSE-head",
    "PercentPhaseFOV": 95.3125,
    "PercentSampling": 100,
    "EchoTrainLength": 180,
    "PhaseEncodingSteps": 189,
    "AcquisitionMatrixPE": 189,
    "ReconMatrixPE": 256,
    "ParallelReductionOutOfPlane": 2,
    "WaterFatShift": 1.16786,
    "EstimatedEffectiveEchoSpacing": 2.09659e-05,
    "EstimatedTotalReadoutTime": 0.0053463,
    "PixelBandwidth": 186,
    "PhaseEncodingAxis": "i",
    "ImageOrientationPatientDICOM": [
        0.0258364,
        0.999544,
        0.0156017,
        -0.0322929,
        0.0164332,
        -0.999343
    ],
    "InPlanePhaseEncodingDirectionDICOM": "ROW",
    "ConversionSoftware": "dcm2niix",
    "ConversionSoftwareVersion": "v1.0.20201102"
}