{
    "Modality": "MR",
    "MagneticFieldStrength": 3,
    "ImagingFrequency": 127.778,
    "Manufacturer": "Philips",
    "ManufacturersModelName": "Ingenia Elition X",
    "BodyPartExamined": "CIRCLEOFWILLIS",
    "PatientPosition": "HFS",
    "ProcedureStepDescription": "MRI BRAIN WITHOUT CONTRAST",
    "SoftwareVersions": "5.6.1\\5.6.1.0",
    "MRAcquisitionType": "2D",
    "SeriesDescription": "Ax FLAIR",
    "ProtocolName": "Ax FLAIR",
    "ScanningSequence": "IR",
    "SequenceVariant": "SK",
    "ScanOptions": "FS",
    "ImageType": [
        "ORIGINAL",
        "PRIMARY",
        "M",
        "IR",
        "M",
        "IR"
    ],
    "PhilipsRWVSlope": 4.31746,
    "PhilipsRWVIntercept": 0,
    "PhilipsRescaleSlope": 4.31746,
    "PhilipsRescaleIntercept": 0,
    "PhilipsScaleSlope": 0.0701246,
    "UsePhilipsFloatNotDisplayScaling": 1,
    "SliceThickness": 5,
    "SpacingBetweenSlices": 6,
    "NumberOfAverages": 2,
    "EchoTime": 0.125,
    "RepetitionTime": 11,
    "InversionTime": 2.8,
    "FlipAngle": 90,
    "CoilString": "MULTI COIL",
    "PercentPhaseFOV": 80,
    "PercentSampling": 79.0514,
    "EchoTrainLength": 35,
    "PhaseEncodingSteps": 234,
    "AcquisitionMatrixPE": 234,
    "ReconMatrixPE": 480,
    "ParallelReductionFactorInPlane": 1.8,
    "WaterFatShift": 1.63647,
    "EstimatedEffectiveEchoSpacing": 7.64544e-06,
    "EstimatedTotalReadoutTime": 0.00366217,
    "PixelBandwidth": 265,
    "PhaseEncodingAxis": "i",
    "ImageOrientationPatientDICOM": [
        0.992741,
        0.0927536,
        0.0765658,
        -0.0985383,
        0.992258,
        0.0755876
    ],
    "InPlanePhaseEncodingDirectionDICOM": "ROW",
    "ConversionSoftware": "dcm2niix",
    "ConversionSoftwareVersion": "v1.0.20201102"
}