{
    "Modality": "MR",
    "MagneticFieldStrength": 1.5,
    "ImagingFrequency": 63.8864,
    "Manufacturer": "Philips",
    "ManufacturersModelName": "Achieva",
    "BodyPartExamined": "BRAIN",
    "PatientPosition": "HFS",
    "ProcedureStepDescription": "MRI BRAIN WITHOUT CONTRAST",
    "SoftwareVersions": "3.2.3",
    "MRAcquisitionType": "3D",
    "SeriesDescription": "COR FLAIR RECON",
    "ProtocolName": "COR FLAIR RECON",
    "ScanningSequence": "IR",
    "SequenceVariant": "OSP",
    "ScanOptions": "FS",
    "ImageType": [
        "ORIGINAL",
        "PRIMARY",
        "PROJECTION IMAGE",
        "M",
        "IR"
    ],
    "PhilipsRWVSlope": 17.1004,
    "PhilipsRWVIntercept": 0,
    "PhilipsRescaleSlope": 17.1004,
    "PhilipsRescaleIntercept": 0,
    "PhilipsScaleSlope": 0.000208481,
    "UsePhilipsFloatNotDisplayScaling": 1,
    "SliceThickness": 1,
    "SpacingBetweenSlices": 1,
    "NumberOfAverages": 2,
    "EchoTime": 0.357462,
    "RepetitionTime": 4.8,
    "InversionTime": 1.66,
    "FlipAngle": 90,
    "CoilString": "SENSE-Head-8",
    "PercentPhaseFOV": 107.937,
    "PercentSampling": 77.9623,
    "EchoTrainLength": 178,
    "PhaseEncodingSteps": 269,
    "AcquisitionMatrixPE": 269,
    "ReconMatrixPE": 336,
    "ParallelReductionFactorInPlane": 2.59,
    "ParallelReductionOutOfPlane": 2,
    "WaterFatShift": 0.301058,
    "EstimatedEffectiveEchoSpacing": 4.1142e-06,
    "EstimatedTotalReadoutTime": 0.00137826,
    "PixelBandwidth": 722,
    "ImageOrientationPatientDICOM": [
        0.999893,
        -0.00966367,
        -0.0109407,
        -0.0126978,
        -0.206093,
        -0.97845
    ],
    "ConversionSoftware": "dcm2niix",
    "ConversionSoftwareVersion": "v1.0.20201102"
}