{
    "Modality": "MR",
    "MagneticFieldStrength": 3,
    "ImagingFrequency": 127.749,
    "Manufacturer": "Philips",
    "ManufacturersModelName": "Achieva",
    "BodyPartExamined": "BRAIN",
    "PatientPosition": "HFS",
    "ProcedureStepDescription": "MRI BRAIN W WO CONTRAST",
    "SoftwareVersions": "3.2.3",
    "MRAcquisitionType": "2D",
    "SeriesDescription": "sB1000",
    "ProtocolName": "sB1000",
    "ScanningSequence": "SE",
    "SequenceVariant": "SK",
    "ScanOptions": "FS",
    "ImageType": [
        "ORIGINAL",
        "PRIMARY",
        "M",
        "SE",
        "M",
        "SE"
    ],
    "PhilipsRWVSlope": 1,
    "PhilipsRWVIntercept": 0,
    "PhilipsRescaleSlope": 1,
    "PhilipsRescaleIntercept": 0,
    "PhilipsScaleSlope": 0.0161234,
    "UsePhilipsFloatNotDisplayScaling": 1,
    "SliceThickness": 5,
    "SpacingBetweenSlices": 6,
    "EchoTime": 0.076,
    "RepetitionTime": 3.0796,
    "FlipAngle": 90,
    "CoilString": "SENSE-Head-8",
    "PercentPhaseFOV": 100,
    "PercentSampling": 84.6154,
    "EchoTrainLength": 69,
    "PartialFourierEnabled": "YES",
    "PhaseEncodingStepsNoPartialFourier": 133,
    "AcquisitionMatrixPE": 133,
    "ReconMatrixPE": 240,
    "ParallelReductionFactorInPlane": 2,
    "WaterFatShift": 30.3801,
    "EstimatedEffectiveEchoSpacing": 0.000288472,
    "EstimatedTotalReadoutTime": 0.0689448,
    "PixelBandwidth": 1281,
    "PhaseEncodingAxis": "j",
    "ImageOrientationPatientDICOM": [
        0.986419,
        -0.164061,
        0.0077877,
        0.162227,
        0.965789,
        -0.202322
    ],
    "InPlanePhaseEncodingDirectionDICOM": "COL",
    "ConversionSoftware": "dcm2niix",
    "ConversionSoftwareVersion": "v1.0.20201102"
}