{
    "Modality": "MR",
    "MagneticFieldStrength": 3,
    "ImagingFrequency": 127.749,
    "Manufacturer": "Philips",
    "ManufacturersModelName": "Achieva",
    "BodyPartExamined": "TSPINE",
    "PatientPosition": "HFS",
    "ProcedureStepDescription": "MRI BRAIN WITHOUT CONTRAST",
    "SoftwareVersions": "3.2.3\\3.2.3.4",
    "MRAcquisitionType": "2D",
    "SeriesDescription": "AXIAL T1",
    "ProtocolName": "AXIAL T1 SENSE",
    "ScanningSequence": "SE",
    "SequenceVariant": "SK",
    "ScanOptions": "FC",
    "ImageType": [
        "ORIGINAL",
        "PRIMARY",
        "M",
        "SE",
        "M",
        "SE"
    ],
    "PhilipsRWVSlope": 1.55116,
    "PhilipsRWVIntercept": 0,
    "PhilipsRescaleSlope": 1.55116,
    "PhilipsRescaleIntercept": 0,
    "PhilipsScaleSlope": 0.0169076,
    "UsePhilipsFloatNotDisplayScaling": 1,
    "SliceThickness": 5,
    "SpacingBetweenSlices": 6,
    "EchoTime": 0.01,
    "RepetitionTime": 0.563932,
    "FlipAngle": 70,
    "CoilString": "SENSE-Head-8",
    "PercentPhaseFOV": 100,
    "PercentSampling": 99.1379,
    "EchoTrainLength": 3,
    "PhaseEncodingSteps": 222,
    "AcquisitionMatrixPE": 222,
    "ReconMatrixPE": 480,
    "ParallelReductionFactorInPlane": 2,
    "WaterFatShift": 2.39543,
    "EstimatedEffectiveEchoSpacing": 8.63517e-06,
    "EstimatedTotalReadoutTime": 0.00413625,
    "PixelBandwidth": 181,
    "PhaseEncodingAxis": "i",
    "ImageOrientationPatientDICOM": [
        0.996307,
        -0.0683406,
        0.0519717,
        0.0635305,
        0.993989,
        0.0891625
    ],
    "InPlanePhaseEncodingDirectionDICOM": "ROW",
    "ConversionSoftware": "dcm2niix",
    "ConversionSoftwareVersion": "v1.0.20201102"
}