{
    "Modality": "MR",
    "MagneticFieldStrength": 1.5,
    "ImagingFrequency": 63.6796,
    "Manufacturer": "Siemens",
    "ManufacturersModelName": "Symphony",
    "PatientPosition": "HFS",
    "ProcedureStepDescription": "MRI BRAIN WITHOUT CONTRAST",
    "SoftwareVersions": "syngo MR A40 4VA40A",
    "MRAcquisitionType": "2D",
    "SeriesDescription": "DWI Scans B0 B500 B1000",
    "ProtocolName": "DWI Scans B0 B500 B1000",
    "ScanningSequence": "EP\\SE\\EP",
    "SequenceVariant": "SK\\SP",
    "ScanOptions": "FS",
    "SequenceName": "*ep_b0",
    "ImageType": [
        "ORIGINAL",
        "PRIMARY",
        "M",
        "ND"
    ],
    "SliceThickness": 5,
    "SpacingBetweenSlices": 6,
    "NumberOfAverages": 3,
    "EchoTime": 0.119,
    "RepetitionTime": 8.1,
    "RepetitionTimeExcitation": 5.4,
    "FlipAngle": 90,
    "PartialFourier": 0.75,
    "Interpolation2D": 1,
    "BaseResolution": 128,
    "ShimSetting": [
        -40,
        -35,
        36,
        0,
        0,
        0,
        0,
        0
    ],
    "DiffusionScheme": "Monopolar",
    "TxRefAmp": 188.873,
    "PhaseResolution": 1,
    "ReceiveCoilName": "CP_HeadArray",
    "CoilString": "HE",
    "PulseSequenceDetails": "%SiemensSeq%\\ep2d_diff",
    "PercentPhaseFOV": 100,
    "PercentSampling": 100,
    "PhaseEncodingSteps": 96,
    "AcquisitionMatrixPE": 128,
    "ReconMatrixPE": 256,
    "BandwidthPerPixelPhaseEncode": 3.36746,
    "EffectiveEchoSpacing": 0.00116,
    "DerivedVendorReportedEchoSpacing": 0.00116,
    "TotalReadoutTime": 0.2958,
    "PixelBandwidth": 955,
    "PhaseEncodingDirection": "j-",
    "SliceTiming": [
        0,
        2.73438,
        0.14063,
        2.95313,
        0.35938,
        3.15625,
        0.5625,
        3.375,
        0.78125,
        3.59375,
        1,
        3.8125,
        1.21875,
        4.03125,
        1.4375,
        4.23438,
        1.65625,
        4.45313,
        1.85938,
        4.67188,
        2.07813,
        4.89063,
        2.29688,
        5.10938,
        2.51563
    ],
    "ImageOrientationPatientDICOM": [
        1,
        -5.50806e-05,
        0.000926837,
        2.31707e-08,
        0.99824,
        0.059299
    ],
    "InPlanePhaseEncodingDirectionDICOM": "COL",
    "ConversionSoftware": "dcm2niix",
    "ConversionSoftwareVersion": "v1.0.20201102"
}