{
    "Modality": "MR",
    "MagneticFieldStrength": 1.5,
    "ImagingFrequency": 63.893,
    "Manufacturer": "Philips",
    "ManufacturersModelName": "Intera",
    "PatientPosition": "HFS",
    "ProcedureStepDescription": "MRI BRAIN WITHOUT CONTRAST",
    "SoftwareVersions": "11.8.1\\11.8.1.5\\Gyroscan PMS/DICOM 4.0 MR datadefs $Revision: 6.3",
    "SeriesDescription": "AX T1",
    "ProtocolName": "AX T1 CLEAR",
    "ScanningSequence": "SE",
    "SequenceVariant": "SK",
    "ScanOptions": "OTHER",
    "ImageType": [
        "ORIGINAL",
        "PRIMARY",
        "M",
        "SE",
        "M",
        "SE"
    ],
    "PhilipsRWVSlope": 1.63614,
    "PhilipsRWVIntercept": 0,
    "PhilipsRescaleSlope": 1.63614,
    "PhilipsRescaleIntercept": 0,
    "PhilipsScaleSlope": 0.0231978,
    "UsePhilipsFloatNotDisplayScaling": 1,
    "SliceThickness": 5,
    "SpacingBetweenSlices": 6,
    "NumberOfAverages": 3,
    "EchoTime": 0.01,
    "RepetitionTime": 0.55,
    "FlipAngle": 90,
    "CoilString": "SENSE-head",
    "PercentPhaseFOV": 79.6875,
    "PercentSampling": 80,
    "EchoTrainLength": 3,
    "PhaseEncodingSteps": 203,
    "AcquisitionMatrixPE": 203,
    "ReconMatrixPE": 400,
    "WaterFatShift": 1.15674,
    "EstimatedEffectiveEchoSpacing": 1.0009e-05,
    "EstimatedTotalReadoutTime": 0.0039936,
    "PixelBandwidth": 188,
    "PhaseEncodingAxis": "i",
    "ImageOrientationPatientDICOM": [
        0.986721,
        -0.0135865,
        -0.161855,
        0.00876003,
        0.999497,
        -0.0304959
    ],
    "InPlanePhaseEncodingDirectionDICOM": "ROW",
    "ConversionSoftware": "dcm2niix",
    "ConversionSoftwareVersion": "v1.0.20201102"
}