{
    "Modality": "MR",
    "MagneticFieldStrength": 1.5,
    "ImagingFrequency": 63.893,
    "Manufacturer": "Philips",
    "ManufacturersModelName": "Intera",
    "PatientPosition": "HFS",
    "ProcedureStepDescription": "MRI BRAIN WITHOUT CONTRAST",
    "SoftwareVersions": "11.8.1\\11.8.1.5\\Gyroscan PMS/DICOM 4.0 MR datadefs $Revision: 6.3",
    "SeriesDescription": "SAG T1",
    "ProtocolName": "SAG T1",
    "ScanningSequence": "SE",
    "SequenceVariant": "SK",
    "ScanOptions": "FC",
    "ImageType": [
        "ORIGINAL",
        "PRIMARY",
        "M",
        "SE",
        "M",
        "SE"
    ],
    "PhilipsRWVSlope": 1.45885,
    "PhilipsRWVIntercept": 0,
    "PhilipsRescaleSlope": 1.45885,
    "PhilipsRescaleIntercept": 0,
    "PhilipsScaleSlope": 0.0191692,
    "UsePhilipsFloatNotDisplayScaling": 1,
    "SliceThickness": 4,
    "SpacingBetweenSlices": 5,
    "EchoTime": 0.0074,
    "RepetitionTime": 0.4,
    "FlipAngle": 90,
    "CoilString": "SENSE-head",
    "PercentPhaseFOV": 100,
    "PercentSampling": 70,
    "EchoTrainLength": 5,
    "PhaseEncodingSteps": 155,
    "AcquisitionMatrixPE": 155,
    "ReconMatrixPE": 512,
    "WaterFatShift": 0.540136,
    "EstimatedEffectiveEchoSpacing": 4.05479e-06,
    "EstimatedTotalReadoutTime": 0.002072,
    "PixelBandwidth": 402,
    "PhaseEncodingAxis": "i",
    "ImageOrientationPatientDICOM": [
        -0.135987,
        0.990577,
        0.0162925,
        -0.0667814,
        0.00724257,
        -0.997741
    ],
    "InPlanePhaseEncodingDirectionDICOM": "ROW",
    "ConversionSoftware": "dcm2niix",
    "ConversionSoftwareVersion": "v1.0.20201102"
}