{
    "Modality": "MR",
    "MagneticFieldStrength": 1.5,
    "ImagingFrequency": 63.8871,
    "Manufacturer": "Philips",
    "ManufacturersModelName": "Ingenia Ambition X",
    "BodyPartExamined": "BRAIN",
    "PatientPosition": "HFS",
    "ProcedureStepDescription": "MRI BRAIN W WO CONTRAST",
    "SoftwareVersions": "5.6.1\\5.6.1.0",
    "MRAcquisitionType": "2D",
    "SeriesDescription": "ddADC",
    "ProtocolName": "ddADC",
    "ScanningSequence": "RM",
    "SequenceVariant": "SK",
    "ScanOptions": "FS",
    "ImageType": [
        "ORIGINAL",
        "PRIMARY",
        "ADC",
        "UNSPECIFIED",
        "ADC",
        "UNSPECIFIED"
    ],
    "RawImage": false,
    "PhilipsRWVSlope": 9.66995e-07,
    "PhilipsRWVIntercept": 0,
    "PhilipsRescaleSlope": 0.000966995,
    "PhilipsRescaleIntercept": 0,
    "PhilipsScaleSlope": 0.117175,
    "UsePhilipsFloatNotDisplayScaling": 1,
    "SliceThickness": 5,
    "SpacingBetweenSlices": 6,
    "EchoTime": 0.089405,
    "RepetitionTime": 4.6,
    "FlipAngle": 90,
    "CoilString": "MULTI COIL",
    "PercentPhaseFOV": 107.463,
    "PercentSampling": 100,
    "EchoTrainLength": 111,
    "PartialFourierEnabled": "YES",
    "PhaseEncodingStepsNoPartialFourier": 222,
    "AcquisitionMatrixPE": 222,
    "ReconMatrixPE": 288,
    "ParallelReductionFactorInPlane": 2,
    "WaterFatShift": 30.6292,
    "EstimatedEffectiveEchoSpacing": 0.000486931,
    "EstimatedTotalReadoutTime": 0.139749,
    "PixelBandwidth": 961,
    "PhaseEncodingAxis": "j",
    "ImageOrientationPatientDICOM": [
        0.992304,
        -0.0917296,
        0.0831823,
        0.0514084,
        0.916297,
        0.397186
    ],
    "InPlanePhaseEncodingDirectionDICOM": "COL",
    "ConversionSoftware": "dcm2niix",
    "ConversionSoftwareVersion": "v1.0.20201102"
}