{
    "Modality": "MR",
    "MagneticFieldStrength": 3,
    "ImagingFrequency": 127.751,
    "Manufacturer": "Philips",
    "ManufacturersModelName": "Achieva",
    "BodyPartExamined": "TSPINE",
    "PatientPosition": "HFS",
    "ProcedureStepDescription": "MRI BRAIN WITHOUT CONTRAST",
    "SoftwareVersions": "3.2.3\\3.2.3.4",
    "MRAcquisitionType": "3D",
    "SeriesDescription": "SAG FLAIR 3D",
    "ProtocolName": "SAG FLAIR 3D SENSE",
    "ScanningSequence": "IR",
    "SequenceVariant": "SK",
    "ScanOptions": "FS",
    "ImageType": [
        "ORIGINAL",
        "PRIMARY",
        "M",
        "IR",
        "M",
        "IR"
    ],
    "PhilipsRWVSlope": 7.34335,
    "PhilipsRWVIntercept": 0,
    "PhilipsRescaleSlope": 7.34335,
    "PhilipsRescaleIntercept": 0,
    "PhilipsScaleSlope": 0.000217628,
    "UsePhilipsFloatNotDisplayScaling": 1,
    "SliceThickness": 1.8,
    "SpacingBetweenSlices": 0.9,
    "NumberOfAverages": 2,
    "EchoTime": 0.279533,
    "RepetitionTime": 4.8,
    "InversionTime": 1.65,
    "FlipAngle": 90,
    "CoilString": "SENSE-Head-8",
    "PercentPhaseFOV": 100,
    "PercentSampling": 77.9165,
    "EchoTrainLength": 182,
    "PhaseEncodingSteps": 249,
    "AcquisitionMatrixPE": 249,
    "ReconMatrixPE": 320,
    "ParallelReductionFactorInPlane": 2.6,
    "ParallelReductionOutOfPlane": 2,
    "WaterFatShift": 0.337753,
    "EstimatedEffectiveEchoSpacing": 2.4243e-06,
    "EstimatedTotalReadoutTime": 0.000773351,
    "PixelBandwidth": 1286,
    "PhaseEncodingAxis": "i",
    "ImageOrientationPatientDICOM": [
        -0.0459934,
        0.998942,
        1.51453e-10,
        -0.0700481,
        -0.00322516,
        -0.997538
    ],
    "InPlanePhaseEncodingDirectionDICOM": "ROW",
    "ConversionSoftware": "dcm2niix",
    "ConversionSoftwareVersion": "v1.0.20201102"
}