{
    "Modality": "MR",
    "MagneticFieldStrength": 1.5,
    "ImagingFrequency": 63.8868,
    "Manufacturer": "Philips",
    "ManufacturersModelName": "Ingenia Ambition X",
    "BodyPartExamined": "BRAIN",
    "PatientPosition": "HFS",
    "ProcedureStepDescription": "MRI BRAIN W WO CONTRAST",
    "SoftwareVersions": "5.6.1\\5.6.1.0",
    "MRAcquisitionType": "2D",
    "SeriesDescription": "SAG T1 FFE POST CONTRAST",
    "ProtocolName": "SAG T1 FFE POST CONTRAST",
    "ScanningSequence": "GR",
    "SequenceVariant": "SS",
    "ScanOptions": "PFF",
    "ImageType": [
        "ORIGINAL",
        "PRIMARY",
        "M",
        "FFE",
        "M",
        "FFE"
    ],
    "PhilipsRWVSlope": 2.13602,
    "PhilipsRWVIntercept": 0,
    "PhilipsRescaleSlope": 2.13602,
    "PhilipsRescaleIntercept": 0,
    "PhilipsScaleSlope": 0.270859,
    "UsePhilipsFloatNotDisplayScaling": 1,
    "SliceThickness": 5,
    "SpacingBetweenSlices": 6,
    "EchoTime": 0.001855,
    "RepetitionTime": 0.184383,
    "FlipAngle": 80,
    "CoilString": "MULTI COIL",
    "PercentPhaseFOV": 121.212,
    "PercentSampling": 79.771,
    "PartialFourierEnabled": "YES",
    "PhaseEncodingStepsNoPartialFourier": 209,
    "AcquisitionMatrixPE": 209,
    "ReconMatrixPE": 320,
    "WaterFatShift": 1.26492,
    "EstimatedEffectiveEchoSpacing": 9.12752e-06,
    "EstimatedTotalReadoutTime": 0.00291168,
    "PixelBandwidth": 172,
    "PhaseEncodingAxis": "i",
    "ImageOrientationPatientDICOM": [
        -0.185432,
        0.982225,
        0.0291232,
        -0.0574024,
        0.0187593,
        -0.998175
    ],
    "InPlanePhaseEncodingDirectionDICOM": "ROW",
    "ConversionSoftware": "dcm2niix",
    "ConversionSoftwareVersion": "v1.0.20201102"
}