{
    "Modality": "MR",
    "MagneticFieldStrength": 1.5,
    "ImagingFrequency": 63.8836,
    "Manufacturer": "Philips",
    "ManufacturersModelName": "Achieva",
    "BodyPartExamined": "HEAD",
    "PatientPosition": "HFS",
    "ProcedureStepDescription": "MRI BRAIN WITHOUT CONTRAST",
    "SoftwareVersions": "3.2.3\\3.2.3.4",
    "MRAcquisitionType": "2D",
    "SeriesDescription": "Ax T1",
    "ProtocolName": "Ax T1 CLEAR",
    "ScanningSequence": "SE",
    "SequenceVariant": "SS",
    "ScanOptions": "PFP",
    "ImageType": [
        "ORIGINAL",
        "PRIMARY",
        "M",
        "SE",
        "M",
        "SE"
    ],
    "PhilipsRWVSlope": 2.46422,
    "PhilipsRWVIntercept": 0,
    "PhilipsRescaleSlope": 2.46422,
    "PhilipsRescaleIntercept": 0,
    "PhilipsScaleSlope": 0.0244124,
    "UsePhilipsFloatNotDisplayScaling": 1,
    "SliceThickness": 5,
    "SpacingBetweenSlices": 6,
    "NumberOfAverages": 2,
    "EchoTime": 0.015,
    "RepetitionTime": 0.704709,
    "FlipAngle": 74,
    "CoilString": "SENSE-Head-8",
    "PercentPhaseFOV": 100,
    "PercentSampling": 89.4231,
    "PartialFourierEnabled": "YES",
    "PhaseEncodingStepsNoPartialFourier": 186,
    "AcquisitionMatrixPE": 186,
    "ReconMatrixPE": 384,
    "WaterFatShift": 1.99915,
    "EstimatedEffectiveEchoSpacing": 1.20157e-05,
    "EstimatedTotalReadoutTime": 0.004602,
    "PixelBandwidth": 109,
    "PhaseEncodingAxis": "i",
    "ImageOrientationPatientDICOM": [
        0.997832,
        -0.0170963,
        -0.0635462,
        0.0170558,
        0.999854,
        -0.00117997
    ],
    "InPlanePhaseEncodingDirectionDICOM": "ROW",
    "ConversionSoftware": "dcm2niix",
    "ConversionSoftwareVersion": "v1.0.20201102"
}