{
    "Modality": "MR",
    "MagneticFieldStrength": 1.5,
    "ImagingFrequency": 63.8871,
    "Manufacturer": "Philips",
    "ManufacturersModelName": "Ingenia Ambition X",
    "BodyPartExamined": "BRAIN",
    "PatientPosition": "HFS",
    "ProcedureStepDescription": "MRI BRAIN W WO CONTRAST",
    "SoftwareVersions": "5.6.1\\5.6.1.0",
    "MRAcquisitionType": "3D",
    "SeriesDescription": "SAG T1 3D TFE POST CONTRAST",
    "ProtocolName": "SAG T1 3D TFE POST CONTRAST",
    "ScanningSequence": "GR",
    "SequenceVariant": "MP",
    "ScanOptions": "OTHER",
    "ImageType": [
        "ORIGINAL",
        "PRIMARY",
        "M",
        "FFE",
        "M",
        "FFE"
    ],
    "PhilipsRWVSlope": 5.23858,
    "PhilipsRWVIntercept": 0,
    "PhilipsRescaleSlope": 5.23858,
    "PhilipsRescaleIntercept": 0,
    "PhilipsScaleSlope": 0.00709373,
    "UsePhilipsFloatNotDisplayScaling": 1,
    "SliceThickness": 1,
    "SpacingBetweenSlices": 0.5,
    "EchoTime": 0.003606,
    "RepetitionTime": 0.0078204,
    "FlipAngle": 8,
    "CoilString": "MULTI COIL",
    "PercentPhaseFOV": 137.143,
    "PercentSampling": 77.9165,
    "EchoTrainLength": 250,
    "PhaseEncodingSteps": 250,
    "AcquisitionMatrixPE": 250,
    "ReconMatrixPE": 576,
    "ParallelReductionFactorInPlane": 1.73205,
    "ParallelReductionOutOfPlane": 1.73205,
    "WaterFatShift": 1.0008,
    "EstimatedEffectiveEchoSpacing": 7.98095e-06,
    "EstimatedTotalReadoutTime": 0.00458904,
    "PixelBandwidth": 217,
    "PhaseEncodingAxis": "i",
    "ImageOrientationPatientDICOM": [
        0.157755,
        0.960203,
        -0.230486,
        0.0702563,
        -0.243731,
        -0.967295
    ],
    "InPlanePhaseEncodingDirectionDICOM": "ROW",
    "ConversionSoftware": "dcm2niix",
    "ConversionSoftwareVersion": "v1.0.20201102"
}