{
    "Modality": "MR",
    "MagneticFieldStrength": 3,
    "ImagingFrequency": 127.778,
    "Manufacturer": "Philips",
    "ManufacturersModelName": "Ingenia Elition X",
    "BodyPartExamined": "BRAIN",
    "PatientPosition": "HFS",
    "ProcedureStepDescription": "MRI BRAIN WITHOUT CONTRAST",
    "SoftwareVersions": "5.6.1\\5.6.1.0",
    "MRAcquisitionType": "2D",
    "SeriesDescription": "dADC",
    "ProtocolName": "dADC",
    "ScanningSequence": "RM",
    "SequenceVariant": "SK",
    "ScanOptions": "FS",
    "ImageType": [
        "ORIGINAL",
        "PRIMARY",
        "ADC",
        "UNSPECIFIED",
        "ADC",
        "UNSPECIFIED"
    ],
    "RawImage": false,
    "PhilipsRWVSlope": 1.11687e-06,
    "PhilipsRWVIntercept": 0,
    "PhilipsRescaleSlope": 0.00111687,
    "PhilipsRescaleIntercept": 0,
    "PhilipsScaleSlope": 0.104573,
    "UsePhilipsFloatNotDisplayScaling": 1,
    "SliceThickness": 5,
    "SpacingBetweenSlices": 6,
    "EchoTime": 0.060189,
    "RepetitionTime": 4.40016,
    "FlipAngle": 90,
    "CoilString": "MULTI COIL",
    "PercentPhaseFOV": 100,
    "PercentSampling": 90.9091,
    "EchoTrainLength": 47,
    "PartialFourierEnabled": "YES",
    "PhaseEncodingStepsNoPartialFourier": 117,
    "AcquisitionMatrixPE": 117,
    "ReconMatrixPE": 432,
    "ParallelReductionFactorInPlane": 2.5,
    "WaterFatShift": 15.4505,
    "EstimatedEffectiveEchoSpacing": 8.07956e-05,
    "EstimatedTotalReadoutTime": 0.0348229,
    "PixelBandwidth": 2171,
    "PhaseEncodingAxis": "j",
    "ImageOrientationPatientDICOM": [
        0.863197,
        -0.46723,
        -0.191276,
        0.496587,
        0.854079,
        0.154757
    ],
    "InPlanePhaseEncodingDirectionDICOM": "COL",
    "ConversionSoftware": "dcm2niix",
    "ConversionSoftwareVersion": "v1.0.20201102"
}