{
    "Modality": "MR",
    "MagneticFieldStrength": 3,
    "ImagingFrequency": 127.75,
    "Manufacturer": "Philips",
    "ManufacturersModelName": "Achieva",
    "BodyPartExamined": "TSPINE",
    "PatientPosition": "HFS",
    "ProcedureStepDescription": "MRI BRAIN WITHOUT CONTRAST",
    "SoftwareVersions": "3.2.3\\3.2.3.4",
    "MRAcquisitionType": "3D",
    "SeriesDescription": "SAG T1 3D",
    "ProtocolName": "SAG T1 3D SENSE",
    "ScanningSequence": "GR",
    "SequenceVariant": "MP",
    "ScanOptions": "OTHER",
    "ImageType": [
        "ORIGINAL",
        "PRIMARY",
        "M",
        "FFE",
        "M",
        "FFE"
    ],
    "PhilipsRWVSlope": 3.89206,
    "PhilipsRWVIntercept": 0,
    "PhilipsRescaleSlope": 3.89206,
    "PhilipsRescaleIntercept": 0,
    "PhilipsScaleSlope": 0.000542269,
    "UsePhilipsFloatNotDisplayScaling": 1,
    "SliceThickness": 1,
    "SpacingBetweenSlices": 1,
    "EchoTime": 0.004595,
    "RepetitionTime": 0.0098751,
    "FlipAngle": 8,
    "CoilString": "SENSE-Head-8",
    "PercentPhaseFOV": 100,
    "PercentSampling": 99.2064,
    "EchoTrainLength": 200,
    "PhaseEncodingSteps": 200,
    "AcquisitionMatrixPE": 200,
    "ReconMatrixPE": 288,
    "ParallelReductionOutOfPlane": 1.5,
    "WaterFatShift": 2.98346,
    "EstimatedEffectiveEchoSpacing": 2.38141e-05,
    "EstimatedTotalReadoutTime": 0.00683463,
    "PixelBandwidth": 146,
    "PhaseEncodingAxis": "i",
    "ImageOrientationPatientDICOM": [
        0.146884,
        0.982456,
        -0.11491,
        -1.08402e-19,
        -0.11617,
        -0.993229
    ],
    "InPlanePhaseEncodingDirectionDICOM": "ROW",
    "ConversionSoftware": "dcm2niix",
    "ConversionSoftwareVersion": "v1.0.20201102"
}