{
    "Modality": "MR",
    "MagneticFieldStrength": 1.5,
    "ImagingFrequency": 63.8864,
    "Manufacturer": "Philips",
    "ManufacturersModelName": "Achieva",
    "BodyPartExamined": "CSPINE",
    "PatientPosition": "HFS",
    "ProcedureStepDescription": "MRI BRAIN WITHOUT CONTRAST",
    "SoftwareVersions": "3.2.3",
    "MRAcquisitionType": "2D",
    "SeriesDescription": "dADC",
    "ProtocolName": "dADC",
    "ScanningSequence": "RM",
    "SequenceVariant": "SK",
    "ScanOptions": "FS",
    "ImageType": [
        "ORIGINAL",
        "PRIMARY",
        "ADC",
        "ADC",
        "UNSPECIFIED"
    ],
    "RawImage": false,
    "PhilipsRWVSlope": 0.966995,
    "PhilipsRWVIntercept": 0,
    "PhilipsRescaleSlope": 0.966995,
    "PhilipsRescaleIntercept": 0,
    "PhilipsScaleSlope": 0.00415857,
    "UsePhilipsFloatNotDisplayScaling": 1,
    "SliceThickness": 5,
    "SpacingBetweenSlices": 6,
    "EchoTime": 0.092573,
    "RepetitionTime": 3.50857,
    "FlipAngle": 90,
    "CoilString": "SENSE-NV-16",
    "PercentPhaseFOV": 100,
    "PercentSampling": 84.2105,
    "EchoTrainLength": 45,
    "PhaseEncodingSteps": 129,
    "AcquisitionMatrixPE": 129,
    "ReconMatrixPE": 256,
    "ParallelReductionFactorInPlane": 6,
    "WaterFatShift": 9.78001,
    "EstimatedEffectiveEchoSpacing": 0.000172729,
    "EstimatedTotalReadoutTime": 0.044046,
    "PixelBandwidth": 1315,
    "PhaseEncodingAxis": "j",
    "ImageOrientationPatientDICOM": [
        0.997073,
        -0.0761139,
        0.0072579,
        0.0737334,
        0.932066,
        -0.354706
    ],
    "InPlanePhaseEncodingDirectionDICOM": "COL",
    "ConversionSoftware": "dcm2niix",
    "ConversionSoftwareVersion": "v1.0.20201102"
}