{
    "Modality": "MR",
    "MagneticFieldStrength": 1.5,
    "ImagingFrequency": 63.8783,
    "Manufacturer": "GE",
    "ManufacturersModelName": "Signa HDxt",
    "PatientPosition": "HFS",
    "ProcedureStepDescription": "MRI BRAIN W WO CONTRAST",
    "SoftwareVersions": "23\\LX\\MR Software release:HD23.0_V03_1614.b",
    "MRAcquisitionType": "3D",
    "SeriesDescription": "Sag T2 Flair 3D",
    "ProtocolName": "Sag T2 Flair 3D",
    "ScanningSequence": "SE\\IR",
    "SequenceVariant": "SK",
    "ScanOptions": "SAT_GEMS\\EDR_GEMS\\ACC_GEMS\\FS",
    "ImageType": [
        "ORIGINAL",
        "PRIMARY",
        "OTHER"
    ],
    "SliceThickness": 1.2,
    "SpacingBetweenSlices": 0.600001,
    "EchoTime": 0.133213,
    "RepetitionTime": 7,
    "InversionTime": 2.055,
    "FlipAngle": 90,
    "CoilString": "HNS Head",
    "PercentPhaseFOV": 100,
    "PercentSampling": 100,
    "EchoTrainLength": 160,
    "AcquisitionMatrixPE": 224,
    "ReconMatrixPE": 512,
    "ParallelReductionFactorInPlane": 2,
    "ParallelReductionOutOfPlane": 2,
    "PixelBandwidth": 122.07,
    "PhaseEncodingAxis": "i",
    "ImageOrientationPatientDICOM": [
        0.013241,
        0.999727,
        -0.019248,
        -0.00436331,
        -0.0191917,
        -0.999806
    ],
    "InPlanePhaseEncodingDirectionDICOM": "ROW",
    "ConversionSoftware": "dcm2niix",
    "ConversionSoftwareVersion": "v1.0.20201102"
}