{
    "Modality": "MR",
    "MagneticFieldStrength": 1.5,
    "ImagingFrequency": 63.8858,
    "Manufacturer": "Philips",
    "ManufacturersModelName": "Achieva",
    "BodyPartExamined": "BRAIN",
    "PatientPosition": "HFS",
    "ProcedureStepDescription": "MRI BRAIN WITHOUT CONTRAST",
    "SoftwareVersions": "3.2.3",
    "MRAcquisitionType": "3D",
    "SeriesDescription": "COR FLAIR RECON",
    "ProtocolName": "COR FLAIR RECON",
    "ScanningSequence": "IR",
    "SequenceVariant": "OSP",
    "ScanOptions": "FS",
    "ImageType": [
        "ORIGINAL",
        "PRIMARY",
        "PROJECTION IMAGE",
        "M",
        "IR"
    ],
    "PhilipsRWVSlope": 20.0618,
    "PhilipsRWVIntercept": 0,
    "PhilipsRescaleSlope": 20.0618,
    "PhilipsRescaleIntercept": 0,
    "PhilipsScaleSlope": 0.000192367,
    "UsePhilipsFloatNotDisplayScaling": 1,
    "SliceThickness": 1,
    "SpacingBetweenSlices": 1,
    "NumberOfAverages": 2,
    "EchoTime": 0.351215,
    "RepetitionTime": 4.8,
    "InversionTime": 1.66,
    "FlipAngle": 90,
    "CoilString": "SENSE-Head-8",
    "PercentPhaseFOV": 107.937,
    "PercentSampling": 77.9623,
    "EchoTrainLength": 178,
    "PhaseEncodingSteps": 269,
    "AcquisitionMatrixPE": 269,
    "ReconMatrixPE": 336,
    "ParallelReductionFactorInPlane": 2.59,
    "ParallelReductionOutOfPlane": 2,
    "WaterFatShift": 0.273687,
    "EstimatedEffectiveEchoSpacing": 3.74018e-06,
    "EstimatedTotalReadoutTime": 0.00125296,
    "PixelBandwidth": 794,
    "ImageOrientationPatientDICOM": [
        0.990318,
        0.0954256,
        -0.100818,
        -0.0843786,
        -0.162908,
        -0.983027
    ],
    "ConversionSoftware": "dcm2niix",
    "ConversionSoftwareVersion": "v1.0.20201102"
}