{
    "Modality": "MR",
    "MagneticFieldStrength": 3,
    "ImagingFrequency": 127.778,
    "Manufacturer": "Philips",
    "ManufacturersModelName": "Ingenia Elition X",
    "BodyPartExamined": "BRAIN",
    "PatientPosition": "HFS",
    "ProcedureStepDescription": "MRI BRAIN WITHOUT CONTRAST",
    "SoftwareVersions": "5.6.1\\5.6.1.0",
    "MRAcquisitionType": "2D",
    "SeriesDescription": "dADC",
    "ProtocolName": "dADC",
    "ScanningSequence": "RM",
    "SequenceVariant": "SK",
    "ScanOptions": "FS",
    "ImageType": [
        "ORIGINAL",
        "PRIMARY",
        "ADC",
        "UNSPECIFIED",
        "ADC",
        "UNSPECIFIED"
    ],
    "RawImage": false,
    "PhilipsRWVSlope": 1.11687e-06,
    "PhilipsRWVIntercept": 0,
    "PhilipsRescaleSlope": 0.00111687,
    "PhilipsRescaleIntercept": 0,
    "PhilipsScaleSlope": 0.151176,
    "UsePhilipsFloatNotDisplayScaling": 1,
    "SliceThickness": 5,
    "SpacingBetweenSlices": 6,
    "EchoTime": 0.061344,
    "RepetitionTime": 3.79409,
    "FlipAngle": 90,
    "CoilString": "MULTI COIL",
    "PercentPhaseFOV": 100,
    "PercentSampling": 89.8438,
    "EchoTrainLength": 47,
    "PartialFourierEnabled": "YES",
    "PhaseEncodingStepsNoPartialFourier": 116,
    "AcquisitionMatrixPE": 116,
    "ReconMatrixPE": 384,
    "ParallelReductionFactorInPlane": 2.5,
    "WaterFatShift": 15.0075,
    "EstimatedEffectiveEchoSpacing": 8.83144e-05,
    "EstimatedTotalReadoutTime": 0.0338244,
    "PixelBandwidth": 2142,
    "PhaseEncodingAxis": "j",
    "ImageOrientationPatientDICOM": [
        0.975989,
        0.0132734,
        0.217417,
        0.00952813,
        0.994585,
        -0.103492
    ],
    "InPlanePhaseEncodingDirectionDICOM": "COL",
    "ConversionSoftware": "dcm2niix",
    "ConversionSoftwareVersion": "v1.0.20201102"
}