{
    "Modality": "MR",
    "MagneticFieldStrength": 3,
    "ImagingFrequency": 127.778,
    "Manufacturer": "Philips",
    "ManufacturersModelName": "Ingenia Elition X",
    "BodyPartExamined": "BRAIN",
    "PatientPosition": "HFS",
    "ProcedureStepDescription": "MRI BRAIN W WO CONTRAST",
    "SoftwareVersions": "5.6.1\\5.6.1.0",
    "MRAcquisitionType": "3D",
    "SeriesDescription": "Sag Flair 3D",
    "ProtocolName": "Sag Flair 3D",
    "ScanningSequence": "IR",
    "SequenceVariant": "SK",
    "ScanOptions": "FS",
    "ImageType": [
        "ORIGINAL",
        "PRIMARY",
        "M",
        "IR",
        "M",
        "IR"
    ],
    "PhilipsRWVSlope": 6.83321,
    "PhilipsRWVIntercept": 0,
    "PhilipsRescaleSlope": 6.83321,
    "PhilipsRescaleIntercept": 0,
    "PhilipsScaleSlope": 0.00128556,
    "UsePhilipsFloatNotDisplayScaling": 1,
    "SliceThickness": 1.12,
    "SpacingBetweenSlices": 0.56,
    "NumberOfAverages": 2,
    "EchoTime": 0.34,
    "RepetitionTime": 4.8,
    "InversionTime": 1.65,
    "FlipAngle": 90,
    "CoilString": "MULTI COIL",
    "PercentPhaseFOV": 139.13,
    "PercentSampling": 78.5398,
    "EchoTrainLength": 167,
    "PhaseEncodingSteps": 223,
    "AcquisitionMatrixPE": 223,
    "ReconMatrixPE": 384,
    "ParallelReductionFactorInPlane": 2.91548,
    "ParallelReductionOutOfPlane": 2.91548,
    "WaterFatShift": 0.608963,
    "EstimatedEffectiveEchoSpacing": 3.63801e-06,
    "EstimatedTotalReadoutTime": 0.00139336,
    "PixelBandwidth": 713,
    "PhaseEncodingAxis": "i",
    "ImageOrientationPatientDICOM": [
        -0.0466296,
        0.961047,
        0.272423,
        0.103448,
        0.275899,
        -0.955604
    ],
    "InPlanePhaseEncodingDirectionDICOM": "ROW",
    "ConversionSoftware": "dcm2niix",
    "ConversionSoftwareVersion": "v1.0.20201102"
}