{
    "Modality": "MR",
    "MagneticFieldStrength": 1.5,
    "ImagingFrequency": 63.8929,
    "Manufacturer": "Philips",
    "ManufacturersModelName": "Intera",
    "PatientPosition": "HFS",
    "ProcedureStepDescription": "MRI BRAIN WITHOUT CONTRAST",
    "SoftwareVersions": "11.8.1\\Gyroscan PMS/DICOM 4.0 MR datadefs $Revision: 6.30 $",
    "SeriesDescription": "sB1000",
    "ProtocolName": "sB1000",
    "ScanningSequence": "SE",
    "SequenceVariant": "SK",
    "ScanOptions": "FS",
    "ImageType": [
        "ORIGINAL",
        "PRIMARY",
        "M",
        "SE",
        "M",
        "SE"
    ],
    "PhilipsRWVSlope": 1,
    "PhilipsRWVIntercept": 0,
    "PhilipsRescaleSlope": 1,
    "PhilipsRescaleIntercept": 0,
    "PhilipsScaleSlope": 0.0322374,
    "UsePhilipsFloatNotDisplayScaling": 1,
    "SliceThickness": 5,
    "SpacingBetweenSlices": 6,
    "NumberOfAverages": 2,
    "EchoTime": 0.077642,
    "RepetitionTime": 4.43923,
    "FlipAngle": 90,
    "CoilString": "SENSE-head",
    "PercentPhaseFOV": 100,
    "PercentSampling": 100,
    "EchoTrainLength": 127,
    "PartialFourierEnabled": "YES",
    "PhaseEncodingStepsNoPartialFourier": 127,
    "AcquisitionMatrixPE": 127,
    "ReconMatrixPE": 256,
    "WaterFatShift": 23.2404,
    "EstimatedEffectiveEchoSpacing": 0.000416261,
    "EstimatedTotalReadoutTime": 0.106147,
    "PixelBandwidth": 1744,
    "PhaseEncodingAxis": "j",
    "ImageOrientationPatientDICOM": [
        0.995329,
        -0.0727276,
        0.0634861,
        0.073266,
        0.997293,
        -0.00619072
    ],
    "InPlanePhaseEncodingDirectionDICOM": "COL",
    "ConversionSoftware": "dcm2niix",
    "ConversionSoftwareVersion": "v1.0.20201102"
}