{
    "Modality": "MR",
    "MagneticFieldStrength": 3,
    "ImagingFrequency": 127.778,
    "Manufacturer": "Philips",
    "ManufacturersModelName": "Ingenia Elition X",
    "BodyPartExamined": "BRAIN",
    "PatientPosition": "HFS",
    "ProcedureStepDescription": "MRI BRAIN WITHOUT CONTRAST",
    "SoftwareVersions": "5.6.1\\5.6.1.0",
    "MRAcquisitionType": "2D",
    "SeriesDescription": "dADC",
    "ProtocolName": "dADC",
    "ScanningSequence": "RM",
    "SequenceVariant": "SK",
    "ScanOptions": "FS",
    "ImageType": [
        "ORIGINAL",
        "PRIMARY",
        "ADC",
        "UNSPECIFIED",
        "ADC",
        "UNSPECIFIED"
    ],
    "RawImage": false,
    "PhilipsRWVSlope": 1.11687e-06,
    "PhilipsRWVIntercept": 0,
    "PhilipsRescaleSlope": 0.00111687,
    "PhilipsRescaleIntercept": 0,
    "PhilipsScaleSlope": 0.13556,
    "UsePhilipsFloatNotDisplayScaling": 1,
    "SliceThickness": 5,
    "SpacingBetweenSlices": 6,
    "EchoTime": 0.061189,
    "RepetitionTime": 4.144,
    "FlipAngle": 90,
    "CoilString": "MULTI COIL",
    "PercentPhaseFOV": 109.402,
    "PercentSampling": 90,
    "EchoTrainLength": 49,
    "PartialFourierEnabled": "YES",
    "PhaseEncodingStepsNoPartialFourier": 123,
    "AcquisitionMatrixPE": 123,
    "ReconMatrixPE": 512,
    "ParallelReductionFactorInPlane": 2.5,
    "WaterFatShift": 15.8352,
    "EstimatedEffectiveEchoSpacing": 6.99026e-05,
    "EstimatedTotalReadoutTime": 0.0357202,
    "PixelBandwidth": 2143,
    "PhaseEncodingAxis": "j",
    "ImageOrientationPatientDICOM": [
        0.966081,
        -0.221774,
        0.132303,
        0.164213,
        0.922978,
        0.348059
    ],
    "InPlanePhaseEncodingDirectionDICOM": "COL",
    "ConversionSoftware": "dcm2niix",
    "ConversionSoftwareVersion": "v1.0.20201102"
}