{
    "Modality": "MR",
    "MagneticFieldStrength": 3,
    "ImagingFrequency": 127.778,
    "Manufacturer": "Philips",
    "ManufacturersModelName": "Ingenia Elition X",
    "BodyPartExamined": "BRAIN",
    "PatientPosition": "HFS",
    "ProcedureStepDescription": "MRI BRAIN WITHOUT CONTRAST",
    "SoftwareVersions": "5.6.1\\5.6.1.0",
    "MRAcquisitionType": "2D",
    "SeriesDescription": "dADC",
    "ProtocolName": "dADC",
    "ScanningSequence": "RM",
    "SequenceVariant": "SK",
    "ScanOptions": "FS",
    "ImageType": [
        "ORIGINAL",
        "PRIMARY",
        "ADC",
        "UNSPECIFIED",
        "ADC",
        "UNSPECIFIED"
    ],
    "RawImage": false,
    "PhilipsRWVSlope": 1.11687e-06,
    "PhilipsRWVIntercept": 0,
    "PhilipsRescaleSlope": 0.00111687,
    "PhilipsRescaleIntercept": 0,
    "PhilipsScaleSlope": 0.132245,
    "UsePhilipsFloatNotDisplayScaling": 1,
    "SliceThickness": 5,
    "SpacingBetweenSlices": 6,
    "EchoTime": 0.06039,
    "RepetitionTime": 4.42605,
    "FlipAngle": 90,
    "CoilString": "MULTI COIL",
    "PercentPhaseFOV": 100,
    "PercentSampling": 89.2857,
    "EchoTrainLength": 49,
    "PartialFourierEnabled": "YES",
    "PhaseEncodingStepsNoPartialFourier": 123,
    "AcquisitionMatrixPE": 123,
    "ReconMatrixPE": 432,
    "ParallelReductionFactorInPlane": 2.5,
    "WaterFatShift": 15.8127,
    "EstimatedEffectiveEchoSpacing": 8.276e-05,
    "EstimatedTotalReadoutTime": 0.0356695,
    "PixelBandwidth": 2127,
    "PhaseEncodingAxis": "j",
    "ImageOrientationPatientDICOM": [
        0.999667,
        0.0256981,
        0.00249772,
        -0.0249116,
        0.985426,
        -0.16827
    ],
    "InPlanePhaseEncodingDirectionDICOM": "COL",
    "ConversionSoftware": "dcm2niix",
    "ConversionSoftwareVersion": "v1.0.20201102"
}