{
    "Modality": "MR",
    "MagneticFieldStrength": 1.5,
    "ImagingFrequency": 63.8869,
    "Manufacturer": "Philips",
    "ManufacturersModelName": "Ingenia Ambition X",
    "BodyPartExamined": "BRAIN",
    "PatientPosition": "HFS",
    "ProcedureStepDescription": "MRI BRAIN W WO CONTRAST",
    "SoftwareVersions": "5.6.1\\5.6.1.0",
    "MRAcquisitionType": "3D",
    "SeriesDescription": "SAG 3D T1",
    "ProtocolName": "SAG 3D T1",
    "ScanningSequence": "SE",
    "SequenceVariant": "SK",
    "ScanOptions": "FS",
    "ImageType": [
        "ORIGINAL",
        "PRIMARY",
        "M",
        "SE",
        "M",
        "SE"
    ],
    "PhilipsRWVSlope": 6.99438,
    "PhilipsRWVIntercept": 0,
    "PhilipsRescaleSlope": 6.99438,
    "PhilipsRescaleIntercept": 0,
    "PhilipsScaleSlope": 0.00468741,
    "UsePhilipsFloatNotDisplayScaling": 1,
    "SliceThickness": 1,
    "SpacingBetweenSlices": 0.5,
    "EchoTime": 0.028984,
    "RepetitionTime": 0.6,
    "FlipAngle": 90,
    "CoilString": "MULTI COIL",
    "PercentPhaseFOV": 100,
    "PercentSampling": 77.8627,
    "EchoTrainLength": 20,
    "PhaseEncodingSteps": 230,
    "AcquisitionMatrixPE": 230,
    "ReconMatrixPE": 480,
    "ParallelReductionFactorInPlane": 2.19089,
    "ParallelReductionOutOfPlane": 2.19089,
    "WaterFatShift": 0.616827,
    "EstimatedEffectiveEchoSpacing": 5.64609e-06,
    "EstimatedTotalReadoutTime": 0.00270448,
    "PixelBandwidth": 352,
    "PhaseEncodingAxis": "i",
    "ImageOrientationPatientDICOM": [
        0.0448516,
        0.9988,
        0.0196585,
        0.0318335,
        0.0182393,
        -0.999327
    ],
    "InPlanePhaseEncodingDirectionDICOM": "ROW",
    "ConversionSoftware": "dcm2niix",
    "ConversionSoftwareVersion": "v1.0.20201102"
}