{
    "Modality": "MR",
    "MagneticFieldStrength": 1.5,
    "ImagingFrequency": 63.8868,
    "Manufacturer": "Philips",
    "ManufacturersModelName": "Ingenia Ambition X",
    "BodyPartExamined": "BRAIN",
    "PatientPosition": "HFS",
    "ProcedureStepDescription": "MRI BRAIN WITHOUT CONTRAST",
    "SoftwareVersions": "5.6.1\\5.6.1.0",
    "MRAcquisitionType": "2D",
    "SeriesDescription": "sB1000",
    "ProtocolName": "sB1000",
    "ScanningSequence": "SE",
    "SequenceVariant": "SK",
    "ScanOptions": "FS",
    "ImageType": [
        "ORIGINAL",
        "PRIMARY",
        "M",
        "SE",
        "M",
        "SE"
    ],
    "PhilipsRWVSlope": 1,
    "PhilipsRWVIntercept": 0,
    "PhilipsRescaleSlope": 1,
    "PhilipsRescaleIntercept": 0,
    "PhilipsScaleSlope": 0.706788,
    "UsePhilipsFloatNotDisplayScaling": 1,
    "SliceThickness": 5,
    "SpacingBetweenSlices": 6,
    "EchoTime": 0.085282,
    "RepetitionTime": 4.6,
    "FlipAngle": 90,
    "CoilString": "MULTI COIL",
    "PercentPhaseFOV": 107.692,
    "PercentSampling": 99.5169,
    "EchoTrainLength": 103,
    "PartialFourierEnabled": "YES",
    "PhaseEncodingStepsNoPartialFourier": 205,
    "AcquisitionMatrixPE": 205,
    "ReconMatrixPE": 224,
    "ParallelReductionFactorInPlane": 2,
    "WaterFatShift": 26.6341,
    "EstimatedEffectiveEchoSpacing": 0.000544561,
    "EstimatedTotalReadoutTime": 0.121437,
    "PixelBandwidth": 1041,
    "PhaseEncodingAxis": "j",
    "ImageOrientationPatientDICOM": [
        0.995614,
        0.0597649,
        -0.0719725,
        -0.0349621,
        0.951293,
        0.3063
    ],
    "InPlanePhaseEncodingDirectionDICOM": "COL",
    "ConversionSoftware": "dcm2niix",
    "ConversionSoftwareVersion": "v1.0.20201102"
}