{
    "Modality": "MR",
    "MagneticFieldStrength": 1.5,
    "ImagingFrequency": 63.8867,
    "Manufacturer": "Philips",
    "ManufacturersModelName": "Ingenia Ambition X",
    "BodyPartExamined": "BRAIN",
    "PatientPosition": "HFS",
    "ProcedureStepDescription": "MRI BRAIN W WO CONTRAST",
    "SoftwareVersions": "5.6.1\\5.6.1.0",
    "MRAcquisitionType": "2D",
    "SeriesDescription": "dADC",
    "ProtocolName": "dADC",
    "ScanningSequence": "RM",
    "SequenceVariant": "SK",
    "ScanOptions": "FS",
    "ImageType": [
        "ORIGINAL",
        "PRIMARY",
        "ADC",
        "UNSPECIFIED",
        "ADC",
        "UNSPECIFIED"
    ],
    "RawImage": false,
    "PhilipsRWVSlope": 1.27773e-06,
    "PhilipsRWVIntercept": -0.00193634,
    "PhilipsRescaleSlope": 1.27773e-06,
    "PhilipsRescaleIntercept": -0.00193634,
    "PhilipsScaleSlope": 0.119789,
    "UsePhilipsFloatNotDisplayScaling": 1,
    "SliceThickness": 5,
    "SpacingBetweenSlices": 6,
    "EchoTime": 0.071553,
    "RepetitionTime": 3.63538,
    "FlipAngle": 90,
    "CoilString": "MULTI COIL",
    "PercentPhaseFOV": 100,
    "PercentSampling": 98.8095,
    "EchoTrainLength": 83,
    "PartialFourierEnabled": "YES",
    "PhaseEncodingStepsNoPartialFourier": 166,
    "AcquisitionMatrixPE": 166,
    "ReconMatrixPE": 256,
    "ParallelReductionFactorInPlane": 2,
    "WaterFatShift": 19.3317,
    "EstimatedEffectiveEchoSpacing": 0.000344857,
    "EstimatedTotalReadoutTime": 0.0879385,
    "PixelBandwidth": 1189,
    "PhaseEncodingAxis": "j",
    "ImageOrientationPatientDICOM": [
        0.990517,
        0.111289,
        0.0805594,
        -0.137372,
        0.810883,
        0.568856
    ],
    "InPlanePhaseEncodingDirectionDICOM": "COL",
    "ConversionSoftware": "dcm2niix",
    "ConversionSoftwareVersion": "v1.0.20201102"
}