{
    "Modality": "MR",
    "MagneticFieldStrength": 3,
    "ImagingFrequency": 127.75,
    "Manufacturer": "Philips",
    "ManufacturersModelName": "Achieva",
    "BodyPartExamined": "TSPINE",
    "PatientPosition": "HFS",
    "ProcedureStepDescription": "MRI BRAIN WITHOUT CONTRAST",
    "SoftwareVersions": "3.2.3\\3.2.3.4",
    "MRAcquisitionType": "2D",
    "SeriesDescription": "COR FLAIR",
    "ProtocolName": "COR FLAIR SENSE",
    "ScanningSequence": "IR",
    "SequenceVariant": "SK",
    "ScanOptions": "FS",
    "ImageType": [
        "ORIGINAL",
        "PRIMARY",
        "M",
        "IR",
        "M",
        "IR"
    ],
    "PhilipsRWVSlope": 3.30281,
    "PhilipsRWVIntercept": 0,
    "PhilipsRescaleSlope": 3.30281,
    "PhilipsRescaleIntercept": 0,
    "PhilipsScaleSlope": 0.0189286,
    "UsePhilipsFloatNotDisplayScaling": 1,
    "SliceThickness": 5,
    "SpacingBetweenSlices": 6,
    "EchoTime": 0.12,
    "RepetitionTime": 11,
    "InversionTime": 2.8,
    "FlipAngle": 90,
    "CoilString": "SENSE-Head-8",
    "PercentPhaseFOV": 79.3103,
    "PercentSampling": 100,
    "EchoTrainLength": 40,
    "PhaseEncodingSteps": 195,
    "AcquisitionMatrixPE": 195,
    "ReconMatrixPE": 512,
    "ParallelReductionFactorInPlane": 2,
    "WaterFatShift": 1.1747,
    "EstimatedEffectiveEchoSpacing": 5.16348e-06,
    "EstimatedTotalReadoutTime": 0.00263854,
    "PixelBandwidth": 370,
    "PhaseEncodingAxis": "i",
    "ImageOrientationPatientDICOM": [
        0.999737,
        0.0229224,
        -0.000108688,
        0.000920475,
        -0.0448823,
        -0.998992
    ],
    "InPlanePhaseEncodingDirectionDICOM": "ROW",
    "ConversionSoftware": "dcm2niix",
    "ConversionSoftwareVersion": "v1.0.20201102"
}