{
    "Modality": "MR",
    "MagneticFieldStrength": 1.5,
    "ImagingFrequency": 63.8872,
    "Manufacturer": "Philips",
    "ManufacturersModelName": "Ingenia Ambition X",
    "BodyPartExamined": "NECK",
    "PatientPosition": "HFS",
    "ProcedureStepDescription": "MRI BRAIN WITHOUT CONTRAST",
    "SoftwareVersions": "5.6.1\\5.6.1.0",
    "MRAcquisitionType": "2D",
    "SeriesDescription": "Cor T2 FLAIR",
    "ProtocolName": "Cor T2 FLAIR",
    "ScanningSequence": "IR",
    "SequenceVariant": "SK",
    "ScanOptions": "FS",
    "ImageType": [
        "ORIGINAL",
        "PRIMARY",
        "M",
        "IR",
        "M",
        "IR"
    ],
    "PhilipsRWVSlope": 4.863,
    "PhilipsRWVIntercept": 0,
    "PhilipsRescaleSlope": 4.863,
    "PhilipsRescaleIntercept": 0,
    "PhilipsScaleSlope": 0.104652,
    "UsePhilipsFloatNotDisplayScaling": 1,
    "SliceThickness": 5,
    "SpacingBetweenSlices": 6,
    "EchoTime": 0.103241,
    "RepetitionTime": 6,
    "InversionTime": 2,
    "FlipAngle": 90,
    "CoilString": "MULTI COIL",
    "PercentPhaseFOV": 85.9375,
    "PercentSampling": 84.9515,
    "EchoTrainLength": 47,
    "PhaseEncodingSteps": 197,
    "AcquisitionMatrixPE": 197,
    "ReconMatrixPE": 256,
    "ParallelReductionFactorInPlane": 1.2,
    "WaterFatShift": 0.417056,
    "EstimatedEffectiveEchoSpacing": 7.37255e-06,
    "EstimatedTotalReadoutTime": 0.00188,
    "PixelBandwidth": 521,
    "PhaseEncodingAxis": "i",
    "ImageOrientationPatientDICOM": [
        0.999801,
        -0.0115847,
        -0.0162695,
        -0.0161512,
        0.0102326,
        -0.999817
    ],
    "InPlanePhaseEncodingDirectionDICOM": "ROW",
    "ConversionSoftware": "dcm2niix",
    "ConversionSoftwareVersion": "v1.0.20201102"
}