{
    "Modality": "MR",
    "MagneticFieldStrength": 1.5,
    "ImagingFrequency": 63.8865,
    "Manufacturer": "Philips",
    "ManufacturersModelName": "Ingenia Ambition X",
    "BodyPartExamined": "BRAIN",
    "PatientPosition": "HFS",
    "ProcedureStepDescription": "MRI BRAIN WITHOUT CONTRAST",
    "SoftwareVersions": "5.6.1\\5.6.1.0",
    "MRAcquisitionType": "2D",
    "SeriesDescription": "ddADC",
    "ProtocolName": "ddADC",
    "ScanningSequence": "RM",
    "SequenceVariant": "SK",
    "ScanOptions": "FS",
    "ImageType": [
        "ORIGINAL",
        "PRIMARY",
        "ADC",
        "UNSPECIFIED",
        "ADC",
        "UNSPECIFIED"
    ],
    "RawImage": false,
    "PhilipsRWVSlope": 9.66995e-07,
    "PhilipsRWVIntercept": 0,
    "PhilipsRescaleSlope": 9.66995e-07,
    "PhilipsRescaleIntercept": 0,
    "PhilipsScaleSlope": 0.0837394,
    "UsePhilipsFloatNotDisplayScaling": 1,
    "SliceThickness": 5,
    "SpacingBetweenSlices": 6,
    "EchoTime": 0.090587,
    "RepetitionTime": 4.6,
    "FlipAngle": 90,
    "CoilString": "MULTI COIL",
    "PercentPhaseFOV": 100,
    "PercentSampling": 100.481,
    "EchoTrainLength": 105,
    "PartialFourierEnabled": "YES",
    "PhaseEncodingStepsNoPartialFourier": 210,
    "AcquisitionMatrixPE": 210,
    "ReconMatrixPE": 224,
    "ParallelReductionFactorInPlane": 2,
    "WaterFatShift": 28.9881,
    "EstimatedEffectiveEchoSpacing": 0.000592803,
    "EstimatedTotalReadoutTime": 0.132195,
    "PixelBandwidth": 961,
    "PhaseEncodingAxis": "j",
    "ImageOrientationPatientDICOM": [
        0.971163,
        0.237885,
        0.0159046,
        -0.238004,
        0.971245,
        0.00605303
    ],
    "InPlanePhaseEncodingDirectionDICOM": "COL",
    "ConversionSoftware": "dcm2niix",
    "ConversionSoftwareVersion": "v1.0.20201102"
}