{
    "Modality": "MR",
    "MagneticFieldStrength": 1.5,
    "ImagingFrequency": 63.8872,
    "Manufacturer": "Philips",
    "ManufacturersModelName": "Ingenia Ambition X",
    "BodyPartExamined": "BRAIN",
    "PatientPosition": "HFS",
    "ProcedureStepDescription": "MRI BRAIN W WO CONTRAST",
    "SoftwareVersions": "5.6.1\\5.6.1.0",
    "MRAcquisitionType": "3D",
    "SeriesDescription": "3D_FLAIR_Brain_VIEW_SAG",
    "ProtocolName": "3D_FLAIR_Brain_VIEW_SAG",
    "ScanningSequence": "IR",
    "SequenceVariant": "SK",
    "ScanOptions": "FS",
    "ImageType": [
        "ORIGINAL",
        "PRIMARY",
        "M",
        "IR",
        "M",
        "IR"
    ],
    "PhilipsRWVSlope": 12.6217,
    "PhilipsRWVIntercept": 0,
    "PhilipsRescaleSlope": 12.6217,
    "PhilipsRescaleIntercept": 0,
    "PhilipsScaleSlope": 0.00321034,
    "UsePhilipsFloatNotDisplayScaling": 1,
    "SliceThickness": 1.101,
    "SpacingBetweenSlices": 0.6,
    "NumberOfAverages": 2,
    "EchoTime": 0.38,
    "RepetitionTime": 4.8,
    "InversionTime": 1.66,
    "FlipAngle": 90,
    "CoilString": "MULTI COIL",
    "PercentPhaseFOV": 138.272,
    "PercentSampling": 78.1938,
    "EchoTrainLength": 189,
    "PhaseEncodingSteps": 226,
    "AcquisitionMatrixPE": 226,
    "ReconMatrixPE": 448,
    "ParallelReductionFactorInPlane": 2.44949,
    "ParallelReductionOutOfPlane": 2.44949,
    "WaterFatShift": 0.245107,
    "EstimatedEffectiveEchoSpacing": 2.5111e-06,
    "EstimatedTotalReadoutTime": 0.00112246,
    "PixelBandwidth": 886,
    "PhaseEncodingAxis": "i",
    "ImageOrientationPatientDICOM": [
        0.0865015,
        0.921356,
        0.378972,
        0.140194,
        0.365355,
        -0.920251
    ],
    "InPlanePhaseEncodingDirectionDICOM": "ROW",
    "ConversionSoftware": "dcm2niix",
    "ConversionSoftwareVersion": "v1.0.20201102"
}