{
    "Modality": "MR",
    "MagneticFieldStrength": 1.5,
    "ImagingFrequency": 63.8868,
    "Manufacturer": "Philips",
    "ManufacturersModelName": "Ingenia Ambition X",
    "BodyPartExamined": "BRAIN",
    "PatientPosition": "HFS",
    "ProcedureStepDescription": "MRI CERVICAL SPINE WO CONTRAST",
    "SoftwareVersions": "5.6.1\\5.6.1.0",
    "MRAcquisitionType": "3D",
    "SeriesDescription": "SAG FLAIR",
    "ProtocolName": "SAG FLAIR",
    "ScanningSequence": "IR",
    "SequenceVariant": "SK",
    "ScanOptions": "FS",
    "ImageType": [
        "ORIGINAL",
        "PRIMARY",
        "M",
        "IR",
        "M",
        "IR"
    ],
    "PhilipsRWVSlope": 11.0745,
    "PhilipsRWVIntercept": 0,
    "PhilipsRescaleSlope": 11.0745,
    "PhilipsRescaleIntercept": 0,
    "PhilipsScaleSlope": 0.00209234,
    "UsePhilipsFloatNotDisplayScaling": 1,
    "SliceThickness": 1.8,
    "SpacingBetweenSlices": 0.9,
    "EchoTime": 0.3,
    "RepetitionTime": 4.8,
    "InversionTime": 1.66,
    "FlipAngle": 90,
    "CoilString": "MULTI COIL",
    "PercentPhaseFOV": 125.49,
    "PercentSampling": 78.5398,
    "EchoTrainLength": 116,
    "PhaseEncodingSteps": 251,
    "AcquisitionMatrixPE": 251,
    "ReconMatrixPE": 512,
    "ParallelReductionFactorInPlane": 2.54951,
    "ParallelReductionOutOfPlane": 2.54951,
    "WaterFatShift": 0.46571,
    "EstimatedEffectiveEchoSpacing": 4.15984e-06,
    "EstimatedTotalReadoutTime": 0.00212568,
    "PixelBandwidth": 466,
    "PhaseEncodingAxis": "i",
    "ImageOrientationPatientDICOM": [
        -0.0260082,
        0.999375,
        -0.0239377,
        0.0171791,
        -0.0234954,
        -0.999576
    ],
    "InPlanePhaseEncodingDirectionDICOM": "ROW",
    "ConversionSoftware": "dcm2niix",
    "ConversionSoftwareVersion": "v1.0.20201102"
}