{
    "Modality": "MR",
    "MagneticFieldStrength": 1.5,
    "ImagingFrequency": 63.887,
    "Manufacturer": "Philips",
    "ManufacturersModelName": "Ingenia Ambition X",
    "BodyPartExamined": "BRAIN",
    "PatientPosition": "HFS",
    "ProcedureStepDescription": "MRI BRAIN WITHOUT CONTRAST",
    "SoftwareVersions": "5.6.1\\5.6.1.0",
    "MRAcquisitionType": "3D",
    "SeriesDescription": "AX FLAIR RECON",
    "ProtocolName": "AX FLAIR RECON",
    "ScanningSequence": "IR",
    "SequenceVariant": "SK",
    "ScanOptions": "FS",
    "ImageType": [
        "ORIGINAL",
        "PRIMARY",
        "PROJECTION IMAGE",
        "M",
        "IR"
    ],
    "PhilipsRWVSlope": 7.21954,
    "PhilipsRWVIntercept": 0,
    "PhilipsRescaleSlope": 7.21954,
    "PhilipsRescaleIntercept": 0,
    "PhilipsScaleSlope": 0.0111603,
    "UsePhilipsFloatNotDisplayScaling": 1,
    "SliceThickness": 1,
    "SpacingBetweenSlices": 1,
    "NumberOfAverages": 2,
    "EchoTime": 0.331681,
    "RepetitionTime": 4.8,
    "InversionTime": 1.66,
    "FlipAngle": 90,
    "CoilString": "MULTI COIL",
    "PercentPhaseFOV": 139.683,
    "PercentSampling": 78.5398,
    "EchoTrainLength": 178,
    "PhaseEncodingSteps": 251,
    "AcquisitionMatrixPE": 251,
    "ReconMatrixPE": 1024,
    "ParallelReductionFactorInPlane": 2.59,
    "ParallelReductionOutOfPlane": 2,
    "WaterFatShift": 0.248669,
    "EstimatedEffectiveEchoSpacing": 1.11281e-06,
    "EstimatedTotalReadoutTime": 0.00113841,
    "PixelBandwidth": 874,
    "ImageOrientationPatientDICOM": [
        0.997857,
        -0.0638311,
        0.0143658,
        0.0638328,
        0.997961,
        0.00033793
    ],
    "ConversionSoftware": "dcm2niix",
    "ConversionSoftwareVersion": "v1.0.20201102"
}