{
    "Modality": "MR",
    "MagneticFieldStrength": 1.5,
    "ImagingFrequency": 63.8868,
    "Manufacturer": "Philips",
    "ManufacturersModelName": "Ingenia Ambition X",
    "BodyPartExamined": "BRAIN",
    "PatientPosition": "HFS",
    "ProcedureStepDescription": "MRI BRAIN WITHOUT CONTRAST",
    "SoftwareVersions": "5.6.1\\5.6.1.0",
    "MRAcquisitionType": "2D",
    "SeriesDescription": "sB1000",
    "ProtocolName": "sB1000",
    "ScanningSequence": "SE",
    "SequenceVariant": "SK",
    "ScanOptions": "FS",
    "ImageType": [
        "ORIGINAL",
        "PRIMARY",
        "M",
        "SE",
        "M",
        "SE"
    ],
    "PhilipsRWVSlope": 1,
    "PhilipsRWVIntercept": 0,
    "PhilipsRescaleSlope": 1,
    "PhilipsRescaleIntercept": 0,
    "PhilipsScaleSlope": 2.66433,
    "UsePhilipsFloatNotDisplayScaling": 1,
    "SliceThickness": 5,
    "SpacingBetweenSlices": 6,
    "EchoTime": 0.089691,
    "RepetitionTime": 3.3593,
    "FlipAngle": 90,
    "CoilString": "MULTI COIL",
    "PercentPhaseFOV": 102.857,
    "PercentSampling": 84.6154,
    "EchoTrainLength": 43,
    "PhaseEncodingSteps": 129,
    "AcquisitionMatrixPE": 129,
    "ReconMatrixPE": 288,
    "ParallelReductionFactorInPlane": 3,
    "WaterFatShift": 9.35581,
    "EstimatedEffectiveEchoSpacing": 0.000146665,
    "EstimatedTotalReadoutTime": 0.0420927,
    "PixelBandwidth": 1315,
    "PhaseEncodingAxis": "j",
    "ImageOrientationPatientDICOM": [
        0.999978,
        0.00637667,
        0.00157325,
        -0.00610016,
        0.990504,
        -0.13735
    ],
    "InPlanePhaseEncodingDirectionDICOM": "COL",
    "ConversionSoftware": "dcm2niix",
    "ConversionSoftwareVersion": "v1.0.20201102"
}