{
    "Modality": "MR",
    "MagneticFieldStrength": 1.5,
    "ImagingFrequency": 63.8871,
    "Manufacturer": "Philips",
    "ManufacturersModelName": "Ingenia Ambition X",
    "BodyPartExamined": "BRAIN",
    "PatientPosition": "HFS",
    "ProcedureStepDescription": "MRI HIP RIGHT WO CONTRAST",
    "SoftwareVersions": "5.6.1\\5.6.1.0",
    "MRAcquisitionType": "2D",
    "SeriesDescription": "sB1000",
    "ProtocolName": "sB1000",
    "ScanningSequence": "SE",
    "SequenceVariant": "SK",
    "ScanOptions": "FS",
    "ImageType": [
        "ORIGINAL",
        "PRIMARY",
        "M",
        "SE",
        "M",
        "SE"
    ],
    "PhilipsRWVSlope": 1,
    "PhilipsRWVIntercept": 0,
    "PhilipsRescaleSlope": 1,
    "PhilipsRescaleIntercept": 0,
    "PhilipsScaleSlope": 0.808257,
    "UsePhilipsFloatNotDisplayScaling": 1,
    "SliceThickness": 5,
    "SpacingBetweenSlices": 6,
    "EchoTime": 0.071942,
    "RepetitionTime": 3.63197,
    "FlipAngle": 90,
    "CoilString": "MULTI COIL",
    "PercentPhaseFOV": 100,
    "PercentSampling": 98.8095,
    "EchoTrainLength": 83,
    "PartialFourierEnabled": "YES",
    "PhaseEncodingStepsNoPartialFourier": 166,
    "AcquisitionMatrixPE": 166,
    "ReconMatrixPE": 256,
    "ParallelReductionFactorInPlane": 2,
    "WaterFatShift": 19.3318,
    "EstimatedEffectiveEchoSpacing": 0.000344857,
    "EstimatedTotalReadoutTime": 0.0879386,
    "PixelBandwidth": 1189,
    "PhaseEncodingAxis": "j",
    "ImageOrientationPatientDICOM": [
        0.99541,
        0.0421955,
        0.0859036,
        -0.0396966,
        0.998743,
        -0.0305933
    ],
    "InPlanePhaseEncodingDirectionDICOM": "COL",
    "ConversionSoftware": "dcm2niix",
    "ConversionSoftwareVersion": "v1.0.20201102"
}