{
    "Modality": "MR",
    "MagneticFieldStrength": 1.5,
    "ImagingFrequency": 63.8852,
    "Manufacturer": "Philips",
    "ManufacturersModelName": "Achieva",
    "BodyPartExamined": "BRAIN",
    "PatientPosition": "HFS",
    "ProcedureStepDescription": "MRI BRAIN WITHOUT CONTRAST",
    "SoftwareVersions": "3.2.3",
    "MRAcquisitionType": "3D",
    "SeriesDescription": "COR FLAIR RECON",
    "ProtocolName": "COR FLAIR RECON",
    "ScanningSequence": "IR",
    "SequenceVariant": "OSP",
    "ScanOptions": "FS",
    "ImageType": [
        "ORIGINAL",
        "PRIMARY",
        "PROJECTION IMAGE",
        "M",
        "IR"
    ],
    "PhilipsRWVSlope": 16.3282,
    "PhilipsRWVIntercept": 0,
    "PhilipsRescaleSlope": 16.3282,
    "PhilipsRescaleIntercept": 0,
    "PhilipsScaleSlope": 0.000236111,
    "UsePhilipsFloatNotDisplayScaling": 1,
    "SliceThickness": 1,
    "SpacingBetweenSlices": 1,
    "NumberOfAverages": 2,
    "EchoTime": 0.394944,
    "RepetitionTime": 4.8,
    "InversionTime": 1.66,
    "FlipAngle": 90,
    "CoilString": "SENSE-Head-8",
    "PercentPhaseFOV": 107.937,
    "PercentSampling": 77.9623,
    "EchoTrainLength": 178,
    "PhaseEncodingSteps": 269,
    "AcquisitionMatrixPE": 269,
    "ReconMatrixPE": 336,
    "ParallelReductionFactorInPlane": 2.59,
    "ParallelReductionOutOfPlane": 2,
    "WaterFatShift": 0.279158,
    "EstimatedEffectiveEchoSpacing": 3.81499e-06,
    "EstimatedTotalReadoutTime": 0.00127802,
    "PixelBandwidth": 778,
    "ImageOrientationPatientDICOM": [
        0.975008,
        -0.182505,
        0.126691,
        0.0441196,
        -0.399835,
        -0.915525
    ],
    "ConversionSoftware": "dcm2niix",
    "ConversionSoftwareVersion": "v1.0.20201102"
}