{
    "Modality": "MR",
    "MagneticFieldStrength": 1.5,
    "ImagingFrequency": 63.8785,
    "Manufacturer": "Philips",
    "ManufacturersModelName": "Achieva",
    "BodyPartExamined": "HEAD",
    "PatientPosition": "HFS",
    "ProcedureStepDescription": "MRI BRAIN WITHOUT CONTRAST",
    "SoftwareVersions": "3.2.3\\3.2.3.4",
    "MRAcquisitionType": "3D",
    "SeriesDescription": "Sag 3D Flair",
    "ProtocolName": "Sag 3D Flair SENSE",
    "ScanningSequence": "IR",
    "SequenceVariant": "SK",
    "ScanOptions": "FS",
    "ImageType": [
        "ORIGINAL",
        "PRIMARY",
        "M",
        "IR",
        "M",
        "IR"
    ],
    "PhilipsRWVSlope": 6.72259,
    "PhilipsRWVIntercept": 0,
    "PhilipsRescaleSlope": 6.72259,
    "PhilipsRescaleIntercept": 0,
    "PhilipsScaleSlope": 0.000473056,
    "UsePhilipsFloatNotDisplayScaling": 1,
    "SliceThickness": 2.4,
    "SpacingBetweenSlices": 1.2,
    "NumberOfAverages": 2,
    "EchoTime": 0.301131,
    "RepetitionTime": 8,
    "InversionTime": 2.4,
    "FlipAngle": 90,
    "CoilString": "SENSE-Head-8",
    "PercentPhaseFOV": 100,
    "PercentSampling": 78.1622,
    "EchoTrainLength": 140,
    "PhaseEncodingSteps": 208,
    "AcquisitionMatrixPE": 208,
    "ReconMatrixPE": 432,
    "ParallelReductionFactorInPlane": 2.8,
    "ParallelReductionOutOfPlane": 2,
    "WaterFatShift": 0.365916,
    "EstimatedEffectiveEchoSpacing": 3.88133e-06,
    "EstimatedTotalReadoutTime": 0.00167285,
    "PixelBandwidth": 594,
    "PhaseEncodingAxis": "i",
    "ImageOrientationPatientDICOM": [
        -0.0681008,
        0.99162,
        -0.109786,
        0.0308148,
        -0.107899,
        -0.993684
    ],
    "InPlanePhaseEncodingDirectionDICOM": "ROW",
    "ConversionSoftware": "dcm2niix",
    "ConversionSoftwareVersion": "v1.0.20201102"
}