{
    "Modality": "MR",
    "MagneticFieldStrength": 1.5,
    "ImagingFrequency": 63.8859,
    "Manufacturer": "Philips",
    "ManufacturersModelName": "Achieva",
    "BodyPartExamined": "BRAIN",
    "PatientPosition": "HFS",
    "ProcedureStepDescription": "MRI BRAIN W WO CONTRAST",
    "SoftwareVersions": "3.2.3",
    "MRAcquisitionType": "2D",
    "SeriesDescription": "dADC",
    "ProtocolName": "dADC",
    "ScanningSequence": "RM",
    "SequenceVariant": "SK",
    "ScanOptions": "FS",
    "ImageType": [
        "ORIGINAL",
        "PRIMARY",
        "ADC",
        "ADC",
        "UNSPECIFIED"
    ],
    "RawImage": false,
    "PhilipsRWVSlope": 0.966995,
    "PhilipsRWVIntercept": 0,
    "PhilipsRescaleSlope": 0.966995,
    "PhilipsRescaleIntercept": 0,
    "PhilipsScaleSlope": 0.00524362,
    "UsePhilipsFloatNotDisplayScaling": 1,
    "SliceThickness": 5,
    "SpacingBetweenSlices": 6,
    "EchoTime": 0.099037,
    "RepetitionTime": 4.03773,
    "FlipAngle": 90,
    "CoilString": "SENSE-Head-8",
    "PercentPhaseFOV": 118.421,
    "PercentSampling": 84.4444,
    "EchoTrainLength": 51,
    "PhaseEncodingSteps": 148,
    "AcquisitionMatrixPE": 148,
    "ReconMatrixPE": 320,
    "ParallelReductionFactorInPlane": 6,
    "WaterFatShift": 11.0556,
    "EstimatedEffectiveEchoSpacing": 0.000156485,
    "EstimatedTotalReadoutTime": 0.0499188,
    "PixelBandwidth": 1315,
    "PhaseEncodingAxis": "j",
    "ImageOrientationPatientDICOM": [
        0.993632,
        0.0478497,
        0.102005,
        -0.0353708,
        0.992045,
        -0.120813
    ],
    "InPlanePhaseEncodingDirectionDICOM": "COL",
    "ConversionSoftware": "dcm2niix",
    "ConversionSoftwareVersion": "v1.0.20201102"
}