{
    "Modality": "MR",
    "MagneticFieldStrength": 1.5,
    "ImagingFrequency": 63.8872,
    "Manufacturer": "Philips",
    "ManufacturersModelName": "Ingenia Ambition X",
    "BodyPartExamined": "BRAIN",
    "PatientPosition": "HFS",
    "ProcedureStepDescription": "MRI BRAIN W WO CONTRAST",
    "SoftwareVersions": "5.6.1\\5.6.1.0",
    "MRAcquisitionType": "3D",
    "SeriesDescription": "SAG T1 3D TFE POST",
    "ProtocolName": "SAG T1 3D TFE POST",
    "ScanningSequence": "GR",
    "SequenceVariant": "MP",
    "ScanOptions": "OTHER",
    "ImageType": [
        "ORIGINAL",
        "PRIMARY",
        "M",
        "FFE",
        "M",
        "FFE"
    ],
    "PhilipsRWVSlope": 6.05104,
    "PhilipsRWVIntercept": 0,
    "PhilipsRescaleSlope": 6.05104,
    "PhilipsRescaleIntercept": 0,
    "PhilipsScaleSlope": 0.00646939,
    "UsePhilipsFloatNotDisplayScaling": 1,
    "SliceThickness": 1,
    "SpacingBetweenSlices": 0.5,
    "EchoTime": 0.003435,
    "RepetitionTime": 0.0075596,
    "FlipAngle": 8,
    "CoilString": "MULTI COIL",
    "PercentPhaseFOV": 137.5,
    "PercentSampling": 78.8565,
    "EchoTrainLength": 250,
    "PhaseEncodingSteps": 249,
    "AcquisitionMatrixPE": 249,
    "ReconMatrixPE": 528,
    "ParallelReductionFactorInPlane": 1.87083,
    "ParallelReductionOutOfPlane": 1.87083,
    "WaterFatShift": 1.00093,
    "EstimatedEffectiveEchoSpacing": 8.709e-06,
    "EstimatedTotalReadoutTime": 0.00458964,
    "PixelBandwidth": 217,
    "PhaseEncodingAxis": "i",
    "ImageOrientationPatientDICOM": [
        0.0629079,
        0.997353,
        0.0364709,
        0.0399192,
        0.0339995,
        -0.998624
    ],
    "InPlanePhaseEncodingDirectionDICOM": "ROW",
    "ConversionSoftware": "dcm2niix",
    "ConversionSoftwareVersion": "v1.0.20201102"
}