{
    "Modality": "MR",
    "MagneticFieldStrength": 1.5,
    "ImagingFrequency": 63.8863,
    "Manufacturer": "Philips",
    "ManufacturersModelName": "Achieva",
    "BodyPartExamined": "BRAIN",
    "PatientPosition": "HFS",
    "ProcedureStepDescription": "MRI BRAIN W WO CONTRAST",
    "SoftwareVersions": "3.2.3\\3.2.3.4",
    "MRAcquisitionType": "2D",
    "SeriesDescription": "COR FLAIR",
    "ProtocolName": "COR FLAIR CLEAR",
    "ScanningSequence": "IR",
    "SequenceVariant": "SK",
    "ScanOptions": "OTHER",
    "ImageType": [
        "ORIGINAL",
        "PRIMARY",
        "M",
        "IR",
        "M",
        "IR"
    ],
    "PhilipsRWVSlope": 4.40928,
    "PhilipsRWVIntercept": 0,
    "PhilipsRescaleSlope": 4.40928,
    "PhilipsRescaleIntercept": 0,
    "PhilipsScaleSlope": 0.0183867,
    "UsePhilipsFloatNotDisplayScaling": 1,
    "SliceThickness": 5,
    "SpacingBetweenSlices": 6,
    "NumberOfAverages": 2,
    "EchoTime": 0.14,
    "RepetitionTime": 11,
    "InversionTime": 2.8,
    "FlipAngle": 90,
    "CoilString": "SENSE-Head-8",
    "PercentPhaseFOV": 88.0597,
    "PercentSampling": 58.8983,
    "EchoTrainLength": 53,
    "PhaseEncodingSteps": 120,
    "AcquisitionMatrixPE": 120,
    "ReconMatrixPE": 432,
    "WaterFatShift": 0.672363,
    "EstimatedEffectiveEchoSpacing": 7.0489e-06,
    "EstimatedTotalReadoutTime": 0.00303808,
    "PixelBandwidth": 323,
    "PhaseEncodingAxis": "i",
    "ImageOrientationPatientDICOM": [
        0.981383,
        -0.190503,
        0.0244281,
        0.0103674,
        -0.074459,
        -0.99717
    ],
    "InPlanePhaseEncodingDirectionDICOM": "ROW",
    "ConversionSoftware": "dcm2niix",
    "ConversionSoftwareVersion": "v1.0.20201102"
}