{
    "Modality": "MR",
    "MagneticFieldStrength": 1.5,
    "ImagingFrequency": 63.8847,
    "Manufacturer": "Philips",
    "ManufacturersModelName": "Achieva",
    "BodyPartExamined": "CSPINE",
    "PatientPosition": "HFS",
    "ProcedureStepDescription": "MRI BRAIN WITHOUT CONTRAST",
    "SoftwareVersions": "3.2.3\\3.2.3.4",
    "MRAcquisitionType": "3D",
    "SeriesDescription": "SAG T1 3D",
    "ProtocolName": "SAG T1 3D SENSE",
    "ScanningSequence": "GR",
    "SequenceVariant": "MP",
    "ScanOptions": "OTHER",
    "ImageType": [
        "ORIGINAL",
        "PRIMARY",
        "M",
        "FFE",
        "M",
        "FFE"
    ],
    "PhilipsRWVSlope": 15.1858,
    "PhilipsRWVIntercept": 0,
    "PhilipsRescaleSlope": 15.1858,
    "PhilipsRescaleIntercept": 0,
    "PhilipsScaleSlope": 0.000248822,
    "UsePhilipsFloatNotDisplayScaling": 1,
    "SliceThickness": 1,
    "SpacingBetweenSlices": 1,
    "EchoTime": 0.003228,
    "RepetitionTime": 0.0071412,
    "FlipAngle": 8,
    "CoilString": "SENSE-NV-16",
    "PercentPhaseFOV": 103.125,
    "PercentSampling": 100,
    "EchoTrainLength": 232,
    "PhaseEncodingSteps": 232,
    "AcquisitionMatrixPE": 232,
    "ReconMatrixPE": 288,
    "ParallelReductionOutOfPlane": 2,
    "WaterFatShift": 0.900806,
    "EstimatedEffectiveEchoSpacing": 1.43882e-05,
    "EstimatedTotalReadoutTime": 0.0041294,
    "PixelBandwidth": 241,
    "PhaseEncodingAxis": "i",
    "ImageOrientationPatientDICOM": [
        0.0959661,
        0.995385,
        7.3417e-11,
        -0.0550213,
        0.00530466,
        -0.998471
    ],
    "InPlanePhaseEncodingDirectionDICOM": "ROW",
    "ConversionSoftware": "dcm2niix",
    "ConversionSoftwareVersion": "v1.0.20201102"
}