{
    "Modality": "MR",
    "MagneticFieldStrength": 1.5,
    "ImagingFrequency": 63.8871,
    "Manufacturer": "Philips",
    "ManufacturersModelName": "Ingenia Ambition X",
    "BodyPartExamined": "BRAIN",
    "PatientPosition": "HFS",
    "ProcedureStepDescription": "MRI BRAIN W WO CONTRAST",
    "SoftwareVersions": "5.6.1\\5.6.1.0",
    "MRAcquisitionType": "2D",
    "SeriesDescription": "dADC",
    "ProtocolName": "dADC",
    "ScanningSequence": "RM",
    "SequenceVariant": "SK",
    "ScanOptions": "FS",
    "ImageType": [
        "ORIGINAL",
        "PRIMARY",
        "ADC",
        "UNSPECIFIED",
        "ADC",
        "UNSPECIFIED"
    ],
    "RawImage": false,
    "PhilipsRWVSlope": 1.27773e-06,
    "PhilipsRWVIntercept": -0.00193634,
    "PhilipsRescaleSlope": 1.27773e-06,
    "PhilipsRescaleIntercept": -0.00193634,
    "PhilipsScaleSlope": 0.102196,
    "UsePhilipsFloatNotDisplayScaling": 1,
    "SliceThickness": 5,
    "SpacingBetweenSlices": 6,
    "EchoTime": 0.069223,
    "RepetitionTime": 3.39775,
    "FlipAngle": 90,
    "CoilString": "MULTI COIL",
    "PercentPhaseFOV": 100,
    "PercentSampling": 100.658,
    "EchoTrainLength": 77,
    "PartialFourierEnabled": "YES",
    "PhaseEncodingStepsNoPartialFourier": 154,
    "AcquisitionMatrixPE": 154,
    "ReconMatrixPE": 224,
    "ParallelReductionFactorInPlane": 2,
    "WaterFatShift": 16.5989,
    "EstimatedEffectiveEchoSpacing": 0.000338282,
    "EstimatedTotalReadoutTime": 0.075437,
    "PixelBandwidth": 1314,
    "PhaseEncodingAxis": "j",
    "ImageOrientationPatientDICOM": [
        0.992231,
        0.0730526,
        -0.1007,
        -0.0852807,
        0.988732,
        -0.123027
    ],
    "InPlanePhaseEncodingDirectionDICOM": "COL",
    "ConversionSoftware": "dcm2niix",
    "ConversionSoftwareVersion": "v1.0.20201102"
}