{
    "Modality": "MR",
    "MagneticFieldStrength": 1.5,
    "ImagingFrequency": 63.8866,
    "Manufacturer": "Philips",
    "ManufacturersModelName": "Ingenia Ambition X",
    "BodyPartExamined": "BRAIN",
    "PatientPosition": "HFS",
    "ProcedureStepDescription": "MRI BRAIN W WO CONTRAST",
    "SoftwareVersions": "5.6.1\\5.6.1.0",
    "MRAcquisitionType": "2D",
    "SeriesDescription": "Cor T1 FFE POST CONTRAST",
    "ProtocolName": "Cor T1 FFE POST CONTRAST",
    "ScanningSequence": "GR",
    "SequenceVariant": "SS",
    "ScanOptions": "PFF",
    "ImageType": [
        "ORIGINAL",
        "PRIMARY",
        "M",
        "FFE",
        "M",
        "FFE"
    ],
    "PhilipsRWVSlope": 1.8525,
    "PhilipsRWVIntercept": 0,
    "PhilipsRescaleSlope": 1.8525,
    "PhilipsRescaleIntercept": 0,
    "PhilipsScaleSlope": 0.202306,
    "UsePhilipsFloatNotDisplayScaling": 1,
    "SliceThickness": 5,
    "SpacingBetweenSlices": 6,
    "EchoTime": 0.00192,
    "RepetitionTime": 0.221942,
    "FlipAngle": 80,
    "CoilString": "MULTI COIL",
    "PercentPhaseFOV": 86.1111,
    "PercentSampling": 79.0909,
    "PartialFourierEnabled": "YES",
    "PhaseEncodingStepsNoPartialFourier": 202,
    "AcquisitionMatrixPE": 202,
    "ReconMatrixPE": 288,
    "WaterFatShift": 1.27229,
    "EstimatedEffectiveEchoSpacing": 1.02043e-05,
    "EstimatedTotalReadoutTime": 0.00292864,
    "PixelBandwidth": 171,
    "PhaseEncodingAxis": "i",
    "ImageOrientationPatientDICOM": [
        0.998631,
        -0.0522632,
        -0.00210423,
        0.0137879,
        0.301836,
        -0.95326
    ],
    "InPlanePhaseEncodingDirectionDICOM": "ROW",
    "ConversionSoftware": "dcm2niix",
    "ConversionSoftwareVersion": "v1.0.20201102"
}