{
    "Modality": "MR",
    "MagneticFieldStrength": 1.5,
    "ImagingFrequency": 63.8622,
    "Manufacturer": "GE",
    "InternalPulseSequenceName": "EPI2",
    "ManufacturersModelName": "Signa HDxt",
    "PatientPosition": "HFS",
    "SoftwareVersions": "24\\LX\\MR Software release:HD16.0_V03_1638.a",
    "MRAcquisitionType": "2D",
    "SeriesDescription": "eDWI",
    "ProtocolName": "eDWI",
    "ScanningSequence": "EP\\SE",
    "SequenceVariant": "NONE",
    "ScanOptions": "EPI_GEMS\\ACC_GEMS\\PFF",
    "ImageType": [
        "ORIGINAL",
        "PRIMARY",
        "OTHER"
    ],
    "SliceThickness": 5,
    "SpacingBetweenSlices": 6,
    "EchoTime": 0.0964,
    "RepetitionTime": 7.5,
    "FlipAngle": 90,
    "PhaseEncodingPolarityGE": "Flipped",
    "CoilString": "8HRBRAIN",
    "PercentPhaseFOV": 100,
    "PercentSampling": 100,
    "AcquisitionMatrixPE": 128,
    "ReconMatrixPE": 256,
    "ParallelReductionFactorInPlane": 2,
    "EffectiveEchoSpacing": 0.000712,
    "TotalReadoutTime": 0.18156,
    "PixelBandwidth": 1953.12,
    "PhaseEncodingDirection": "j",
    "ImageOrientationPatientDICOM": [
        0.999223,
        0.00173953,
        -0.0393683,
        -0.0056154,
        0.995117,
        -0.0985443
    ],
    "InPlanePhaseEncodingDirectionDICOM": "COL",
    "ConversionSoftware": "dcm2niix",
    "ConversionSoftwareVersion": "v1.0.20201102"
}