{
    "Modality": "MR",
    "MagneticFieldStrength": 3,
    "ImagingFrequency": 127.75,
    "Manufacturer": "Philips",
    "ManufacturersModelName": "Achieva",
    "BodyPartExamined": "TSPINE",
    "PatientPosition": "HFS",
    "ProcedureStepDescription": "MRI BRAIN WITHOUT CONTRAST",
    "SoftwareVersions": "3.2.3\\3.2.3.4",
    "MRAcquisitionType": "3D",
    "SeriesDescription": "SAG FLAIR 3D",
    "ProtocolName": "SAG FLAIR 3D SENSE",
    "ScanningSequence": "IR",
    "SequenceVariant": "SK",
    "ScanOptions": "FS",
    "ImageType": [
        "ORIGINAL",
        "PRIMARY",
        "M",
        "IR",
        "M",
        "IR"
    ],
    "PhilipsRWVSlope": 7.07375,
    "PhilipsRWVIntercept": 0,
    "PhilipsRescaleSlope": 7.07375,
    "PhilipsRescaleIntercept": 0,
    "PhilipsScaleSlope": 0.000206546,
    "UsePhilipsFloatNotDisplayScaling": 1,
    "SliceThickness": 1.8,
    "SpacingBetweenSlices": 0.9,
    "NumberOfAverages": 2,
    "EchoTime": 0.279533,
    "RepetitionTime": 4.8,
    "InversionTime": 1.65,
    "FlipAngle": 90,
    "CoilString": "SENSE-Head-8",
    "PercentPhaseFOV": 100,
    "PercentSampling": 77.9165,
    "EchoTrainLength": 182,
    "PhaseEncodingSteps": 249,
    "AcquisitionMatrixPE": 249,
    "ReconMatrixPE": 320,
    "ParallelReductionFactorInPlane": 2.6,
    "ParallelReductionOutOfPlane": 2,
    "WaterFatShift": 0.337751,
    "EstimatedEffectiveEchoSpacing": 2.4243e-06,
    "EstimatedTotalReadoutTime": 0.000773351,
    "PixelBandwidth": 1286,
    "PhaseEncodingAxis": "i",
    "ImageOrientationPatientDICOM": [
        -0.0806828,
        0.996729,
        -0.00453325,
        -0.00916472,
        -0.00528973,
        -0.999944
    ],
    "InPlanePhaseEncodingDirectionDICOM": "ROW",
    "ConversionSoftware": "dcm2niix",
    "ConversionSoftwareVersion": "v1.0.20201102"
}