{
    "Modality": "MR",
    "MagneticFieldStrength": 1.5,
    "ImagingFrequency": 63.8868,
    "Manufacturer": "Philips",
    "ManufacturersModelName": "Ingenia Ambition X",
    "BodyPartExamined": "BRAIN",
    "PatientPosition": "HFS",
    "ProcedureStepDescription": "MRI BRAIN WITHOUT CONTRAST",
    "SoftwareVersions": "5.6.1\\5.6.1.0",
    "MRAcquisitionType": "2D",
    "SeriesDescription": "Cor T2 FLAIR",
    "ProtocolName": "Cor T2 FLAIR",
    "ScanningSequence": "IR",
    "SequenceVariant": "SK",
    "ScanOptions": "FS",
    "ImageType": [
        "ORIGINAL",
        "PRIMARY",
        "M",
        "IR",
        "M",
        "IR"
    ],
    "PhilipsRWVSlope": 4.9453,
    "PhilipsRWVIntercept": 0,
    "PhilipsRescaleSlope": 4.9453,
    "PhilipsRescaleIntercept": 0,
    "PhilipsScaleSlope": 0.119912,
    "UsePhilipsFloatNotDisplayScaling": 1,
    "SliceThickness": 5,
    "SpacingBetweenSlices": 6,
    "EchoTime": 0.102851,
    "RepetitionTime": 6,
    "InversionTime": 2,
    "FlipAngle": 90,
    "CoilString": "MULTI COIL",
    "PercentPhaseFOV": 85.9375,
    "PercentSampling": 84.9515,
    "EchoTrainLength": 47,
    "PhaseEncodingSteps": 197,
    "AcquisitionMatrixPE": 197,
    "ReconMatrixPE": 256,
    "ParallelReductionFactorInPlane": 1.2,
    "WaterFatShift": 0.39203,
    "EstimatedEffectiveEchoSpacing": 6.9302e-06,
    "EstimatedTotalReadoutTime": 0.0017672,
    "PixelBandwidth": 554,
    "PhaseEncodingAxis": "i",
    "ImageOrientationPatientDICOM": [
        0.988005,
        0.0695684,
        0.137862,
        0.126559,
        0.146734,
        -0.981046
    ],
    "InPlanePhaseEncodingDirectionDICOM": "ROW",
    "ConversionSoftware": "dcm2niix",
    "ConversionSoftwareVersion": "v1.0.20201102"
}