{
    "Modality": "MR",
    "MagneticFieldStrength": 1.5,
    "ImagingFrequency": 63.8849,
    "Manufacturer": "Philips",
    "ManufacturersModelName": "Achieva",
    "BodyPartExamined": "BRAIN",
    "PatientPosition": "HFS",
    "ProcedureStepDescription": "MRI ANGIOGRAM HEAD WITHOUT CONTRAST",
    "SoftwareVersions": "3.2.3",
    "MRAcquisitionType": "2D",
    "SeriesDescription": "sB1000",
    "ProtocolName": "sB1000",
    "ScanningSequence": "SE",
    "SequenceVariant": "SK",
    "ScanOptions": "FS",
    "ImageType": [
        "ORIGINAL",
        "PRIMARY",
        "M",
        "SE",
        "M",
        "SE"
    ],
    "PhilipsRWVSlope": 1,
    "PhilipsRWVIntercept": 0,
    "PhilipsRescaleSlope": 1,
    "PhilipsRescaleIntercept": 0,
    "PhilipsScaleSlope": 0.0938988,
    "UsePhilipsFloatNotDisplayScaling": 1,
    "SliceThickness": 5,
    "SpacingBetweenSlices": 6,
    "EchoTime": 0.092551,
    "RepetitionTime": 3.92612,
    "FlipAngle": 90,
    "CoilString": "SENSE-Head-8",
    "PercentPhaseFOV": 100,
    "PercentSampling": 84.2105,
    "EchoTrainLength": 45,
    "PhaseEncodingSteps": 129,
    "AcquisitionMatrixPE": 129,
    "ReconMatrixPE": 256,
    "ParallelReductionFactorInPlane": 6,
    "WaterFatShift": 9.77978,
    "EstimatedEffectiveEchoSpacing": 0.000172729,
    "EstimatedTotalReadoutTime": 0.044046,
    "PixelBandwidth": 1315,
    "PhaseEncodingAxis": "j",
    "ImageOrientationPatientDICOM": [
        0.997563,
        0.0598559,
        -0.0358503,
        -0.0668348,
        0.967278,
        -0.244758
    ],
    "InPlanePhaseEncodingDirectionDICOM": "COL",
    "ConversionSoftware": "dcm2niix",
    "ConversionSoftwareVersion": "v1.0.20201102"
}