{
    "Modality": "MR",
    "MagneticFieldStrength": 1.5,
    "ImagingFrequency": 63.8759,
    "Manufacturer": "Philips",
    "ManufacturersModelName": "Achieva",
    "BodyPartExamined": "HEAD",
    "PatientPosition": "HFS",
    "ProcedureStepDescription": "MRI BRAIN WITHOUT CONTRAST",
    "SoftwareVersions": "3.2.3",
    "MRAcquisitionType": "2D",
    "SeriesDescription": "dADC",
    "ProtocolName": "dADC",
    "ScanningSequence": "RM",
    "SequenceVariant": "SK",
    "ScanOptions": "FS",
    "ImageType": [
        "ORIGINAL",
        "PRIMARY",
        "ADC",
        "ADC",
        "UNSPECIFIED"
    ],
    "RawImage": false,
    "PhilipsRWVSlope": 1.20257,
    "PhilipsRWVIntercept": 0,
    "PhilipsRescaleSlope": 1.20257,
    "PhilipsRescaleIntercept": 0,
    "PhilipsScaleSlope": 0.00490136,
    "UsePhilipsFloatNotDisplayScaling": 1,
    "SliceThickness": 5,
    "SpacingBetweenSlices": 6,
    "EchoTime": 0.061751,
    "RepetitionTime": 2.88681,
    "FlipAngle": 90,
    "CoilString": "SENSE-Head-8",
    "PercentPhaseFOV": 100,
    "PercentSampling": 80.3571,
    "EchoTrainLength": 89,
    "PartialFourierEnabled": "YES",
    "PhaseEncodingStepsNoPartialFourier": 89,
    "AcquisitionMatrixPE": 89,
    "ReconMatrixPE": 256,
    "WaterFatShift": 14.9312,
    "EstimatedEffectiveEchoSpacing": 0.000266616,
    "EstimatedTotalReadoutTime": 0.0679871,
    "PixelBandwidth": 1833,
    "PhaseEncodingAxis": "j",
    "ImageOrientationPatientDICOM": [
        0.991063,
        0.0433118,
        -0.126171,
        -0.0631316,
        0.985483,
        -0.157597
    ],
    "InPlanePhaseEncodingDirectionDICOM": "COL",
    "ConversionSoftware": "dcm2niix",
    "ConversionSoftwareVersion": "v1.0.20201102"
}