{
    "Modality": "MR",
    "MagneticFieldStrength": 1.5,
    "ImagingFrequency": 63.8859,
    "Manufacturer": "Philips",
    "ManufacturersModelName": "Achieva",
    "BodyPartExamined": "BRAIN",
    "PatientPosition": "HFS",
    "ProcedureStepDescription": "MRI BRAIN WITHOUT CONTRAST",
    "SoftwareVersions": "3.2.3\\3.2.3.4",
    "MRAcquisitionType": "2D",
    "SeriesDescription": "COR FLAIR",
    "ProtocolName": "COR FLAIR CLEAR",
    "ScanningSequence": "IR",
    "SequenceVariant": "SK",
    "ScanOptions": "OTHER",
    "ImageType": [
        "ORIGINAL",
        "PRIMARY",
        "M",
        "IR",
        "M",
        "IR"
    ],
    "PhilipsRWVSlope": 4.58974,
    "PhilipsRWVIntercept": 0,
    "PhilipsRescaleSlope": 4.58974,
    "PhilipsRescaleIntercept": 0,
    "PhilipsScaleSlope": 0.0202132,
    "UsePhilipsFloatNotDisplayScaling": 1,
    "SliceThickness": 5,
    "SpacingBetweenSlices": 6,
    "NumberOfAverages": 2,
    "EchoTime": 0.14,
    "RepetitionTime": 11,
    "InversionTime": 2.8,
    "FlipAngle": 90,
    "CoilString": "SENSE-Head-8",
    "PercentPhaseFOV": 87.5,
    "PercentSampling": 58.9286,
    "EchoTrainLength": 53,
    "PhaseEncodingSteps": 121,
    "AcquisitionMatrixPE": 121,
    "ReconMatrixPE": 400,
    "WaterFatShift": 0.667275,
    "EstimatedEffectiveEchoSpacing": 7.55667e-06,
    "EstimatedTotalReadoutTime": 0.00301511,
    "PixelBandwidth": 326,
    "PhaseEncodingAxis": "i",
    "ImageOrientationPatientDICOM": [
        0.992645,
        -0.0527585,
        0.108963,
        0.11422,
        0.1098,
        -0.987369
    ],
    "InPlanePhaseEncodingDirectionDICOM": "ROW",
    "ConversionSoftware": "dcm2niix",
    "ConversionSoftwareVersion": "v1.0.20201102"
}