{
    "Modality": "MR",
    "MagneticFieldStrength": 1.5,
    "ImagingFrequency": 63.8807,
    "Manufacturer": "Philips",
    "ManufacturersModelName": "Achieva",
    "BodyPartExamined": "HEAD",
    "PatientPosition": "HFS",
    "ProcedureStepDescription": "MRI BRAIN WITHOUT CONTRAST",
    "SoftwareVersions": "3.2.3\\3.2.3.4",
    "MRAcquisitionType": "2D",
    "SeriesDescription": "Ax T1",
    "ProtocolName": "Ax T1 CLEAR",
    "ScanningSequence": "SE",
    "SequenceVariant": "OSP",
    "ScanOptions": "OTHER",
    "ImageType": [
        "ORIGINAL",
        "PRIMARY",
        "M",
        "SE",
        "M",
        "SE"
    ],
    "PhilipsRWVSlope": 2.8591,
    "PhilipsRWVIntercept": 0,
    "PhilipsRescaleSlope": 2.8591,
    "PhilipsRescaleIntercept": 0,
    "PhilipsScaleSlope": 0.0028097,
    "UsePhilipsFloatNotDisplayScaling": 1,
    "SliceThickness": 5,
    "SpacingBetweenSlices": 6.2,
    "NumberOfAverages": 2,
    "EchoTime": 0.015,
    "RepetitionTime": 0.677253,
    "FlipAngle": 69,
    "CoilString": "SENSE-NV-16",
    "PercentPhaseFOV": 79.6875,
    "PercentSampling": 79.902,
    "PhaseEncodingSteps": 205,
    "AcquisitionMatrixPE": 205,
    "ReconMatrixPE": 256,
    "WaterFatShift": 1.98776,
    "EstimatedEffectiveEchoSpacing": 1.79451e-05,
    "EstimatedTotalReadoutTime": 0.004576,
    "PixelBandwidth": 109,
    "PhaseEncodingAxis": "i",
    "ImageOrientationPatientDICOM": [
        0.995442,
        -0.0572184,
        0.0763,
        0.0800028,
        0.936481,
        -0.341471
    ],
    "InPlanePhaseEncodingDirectionDICOM": "ROW",
    "ConversionSoftware": "dcm2niix",
    "ConversionSoftwareVersion": "v1.0.20201102"
}