{
    "Modality": "MR",
    "MagneticFieldStrength": 1.5,
    "ImagingFrequency": 63.8807,
    "Manufacturer": "Philips",
    "ManufacturersModelName": "Achieva",
    "BodyPartExamined": "HEAD",
    "PatientPosition": "HFS",
    "ProcedureStepDescription": "MRI BRAIN WITHOUT CONTRAST",
    "SoftwareVersions": "3.2.3",
    "MRAcquisitionType": "3D",
    "SeriesDescription": "Cor Flair Recon",
    "ProtocolName": "Cor Flair Recon",
    "ScanningSequence": "IR",
    "SequenceVariant": "SK",
    "ScanOptions": "FS",
    "ImageType": [
        "ORIGINAL",
        "PRIMARY",
        "PROJECTION IMAGE",
        "M",
        "IR"
    ],
    "PhilipsRWVSlope": 8.59878,
    "PhilipsRWVIntercept": 0,
    "PhilipsRescaleSlope": 8.59878,
    "PhilipsRescaleIntercept": 0,
    "PhilipsScaleSlope": 0.000158893,
    "UsePhilipsFloatNotDisplayScaling": 1,
    "SliceThickness": 1,
    "SpacingBetweenSlices": 1,
    "NumberOfAverages": 2,
    "EchoTime": 0.30103,
    "RepetitionTime": 8,
    "InversionTime": 2.4,
    "FlipAngle": 90,
    "CoilString": "SENSE-NV-16",
    "PercentPhaseFOV": 100,
    "PercentSampling": 78.1622,
    "EchoTrainLength": 140,
    "PhaseEncodingSteps": 208,
    "AcquisitionMatrixPE": 208,
    "ReconMatrixPE": 432,
    "ParallelReductionFactorInPlane": 2.8,
    "ParallelReductionOutOfPlane": 2,
    "WaterFatShift": 0.365929,
    "EstimatedEffectiveEchoSpacing": 3.88132e-06,
    "EstimatedTotalReadoutTime": 0.00167285,
    "PixelBandwidth": 594,
    "ImageOrientationPatientDICOM": [
        0.995442,
        -0.0572184,
        0.0763,
        0.0804185,
        0.0735104,
        -0.994047
    ],
    "ConversionSoftware": "dcm2niix",
    "ConversionSoftwareVersion": "v1.0.20201102"
}