{
    "Modality": "MR",
    "MagneticFieldStrength": 3,
    "ImagingFrequency": 127.778,
    "Manufacturer": "Philips",
    "ManufacturersModelName": "Ingenia Elition X",
    "BodyPartExamined": "BRAIN",
    "PatientPosition": "HFS",
    "ProcedureStepDescription": "MRI BRAIN WITHOUT CONTRAST",
    "SoftwareVersions": "5.6.1\\5.6.1.0",
    "MRAcquisitionType": "2D",
    "SeriesDescription": "dAx DWI",
    "ProtocolName": "dAx DWI",
    "ScanningSequence": "RM",
    "SequenceVariant": "SK",
    "ScanOptions": "FS",
    "ImageType": [
        "ORIGINAL",
        "PRIMARY",
        "ADC",
        "UNSPECIFIED",
        "ADC",
        "UNSPECIFIED"
    ],
    "RawImage": false,
    "PhilipsRWVSlope": 1.37154e-06,
    "PhilipsRWVIntercept": -0.0016666,
    "PhilipsRescaleSlope": 0.00137154,
    "PhilipsRescaleIntercept": -1.6666,
    "PhilipsScaleSlope": 0.101995,
    "UsePhilipsFloatNotDisplayScaling": 1,
    "SliceThickness": 5,
    "SpacingBetweenSlices": 6,
    "NumberOfAverages": 2,
    "EchoTime": 0.073785,
    "RepetitionTime": 4.47892,
    "FlipAngle": 90,
    "CoilString": "MULTI COIL",
    "PercentPhaseFOV": 100,
    "PercentSampling": 89.2857,
    "EchoTrainLength": 49,
    "PartialFourierEnabled": "YES",
    "PhaseEncodingStepsNoPartialFourier": 123,
    "AcquisitionMatrixPE": 123,
    "ReconMatrixPE": 432,
    "ParallelReductionFactorInPlane": 2.5,
    "WaterFatShift": 15.8953,
    "EstimatedEffectiveEchoSpacing": 8.31921e-05,
    "EstimatedTotalReadoutTime": 0.0358558,
    "PixelBandwidth": 2132,
    "PhaseEncodingAxis": "j",
    "ImageOrientationPatientDICOM": [
        0.985076,
        -0.172074,
        0.0038948,
        0.161302,
        0.930835,
        0.327915
    ],
    "InPlanePhaseEncodingDirectionDICOM": "COL",
    "ConversionSoftware": "dcm2niix",
    "ConversionSoftwareVersion": "v1.0.20201102"
}