{
    "Modality": "MR",
    "MagneticFieldStrength": 3,
    "ImagingFrequency": 127.778,
    "Manufacturer": "Philips",
    "ManufacturersModelName": "Ingenia Elition X",
    "BodyPartExamined": "BRAIN",
    "PatientPosition": "HFS",
    "ProcedureStepDescription": "MRI BRAIN WITHOUT CONTRAST",
    "SoftwareVersions": "5.6.1\\5.6.1.0",
    "MRAcquisitionType": "2D",
    "SeriesDescription": "T1 FFE AX",
    "ProtocolName": "T1 FFE AX",
    "ScanningSequence": "GR",
    "SequenceVariant": "SS",
    "ScanOptions": "SP",
    "ImageType": [
        "ORIGINAL",
        "PRIMARY",
        "M",
        "FFE",
        "M",
        "FFE"
    ],
    "PhilipsRWVSlope": 2.22857,
    "PhilipsRWVIntercept": 0,
    "PhilipsRescaleSlope": 2.22857,
    "PhilipsRescaleIntercept": 0,
    "PhilipsScaleSlope": 0.126481,
    "UsePhilipsFloatNotDisplayScaling": 1,
    "SliceThickness": 5,
    "SpacingBetweenSlices": 6,
    "EchoTime": 0.002303,
    "RepetitionTime": 0.29059,
    "FlipAngle": 75,
    "CoilString": "MULTI COIL",
    "PercentPhaseFOV": 81.6667,
    "PercentSampling": 79.476,
    "PartialFourierEnabled": "YES",
    "PhaseEncodingStepsNoPartialFourier": 224,
    "AcquisitionMatrixPE": 224,
    "ReconMatrixPE": 480,
    "ParallelReductionFactorInPlane": 1.5,
    "WaterFatShift": 1.99984,
    "EstimatedEffectiveEchoSpacing": 4.80501e-06,
    "EstimatedTotalReadoutTime": 0.0023016,
    "PixelBandwidth": 217,
    "PhaseEncodingAxis": "i",
    "ImageOrientationPatientDICOM": [
        0.99364,
        -0.0224943,
        0.110336,
        -0.00416496,
        0.971832,
        0.235636
    ],
    "InPlanePhaseEncodingDirectionDICOM": "ROW",
    "ConversionSoftware": "dcm2niix",
    "ConversionSoftwareVersion": "v1.0.20201102"
}