{
    "Modality": "MR",
    "MagneticFieldStrength": 3,
    "ImagingFrequency": 127.778,
    "Manufacturer": "Philips",
    "ManufacturersModelName": "Ingenia Elition X",
    "BodyPartExamined": "BRAIN",
    "PatientPosition": "HFS",
    "ProcedureStepDescription": "MRI BRAIN WITHOUT CONTRAST",
    "SoftwareVersions": "5.6.1\\5.6.1.0",
    "MRAcquisitionType": "3D",
    "SeriesDescription": "Sag T1 3D",
    "ProtocolName": "Sag T1 3D",
    "ScanningSequence": "GR",
    "SequenceVariant": "MP",
    "ScanOptions": "PFP",
    "ImageType": [
        "ORIGINAL",
        "PRIMARY",
        "M",
        "FFE",
        "M",
        "FFE"
    ],
    "PhilipsRWVSlope": 8.16972,
    "PhilipsRWVIntercept": 0,
    "PhilipsRescaleSlope": 8.16972,
    "PhilipsRescaleIntercept": 0,
    "PhilipsScaleSlope": 0.00186224,
    "UsePhilipsFloatNotDisplayScaling": 1,
    "SliceThickness": 1,
    "SpacingBetweenSlices": 0.5,
    "EchoTime": 0.003073,
    "RepetitionTime": 0.0067405,
    "FlipAngle": 8,
    "CoilString": "MULTI COIL",
    "PercentPhaseFOV": 139.806,
    "PercentSampling": 78.5398,
    "EchoTrainLength": 204,
    "PartialFourierEnabled": "YES",
    "PhaseEncodingStepsNoPartialFourier": 252,
    "AcquisitionMatrixPE": 252,
    "ReconMatrixPE": 576,
    "ParallelReductionFactorInPlane": 2.12132,
    "ParallelReductionOutOfPlane": 2.12132,
    "WaterFatShift": 1.60154,
    "EstimatedEffectiveEchoSpacing": 6.37986e-06,
    "EstimatedTotalReadoutTime": 0.00366842,
    "PixelBandwidth": 271,
    "PhaseEncodingAxis": "i",
    "ImageOrientationPatientDICOM": [
        0.0312375,
        0.987588,
        -0.153932,
        0.0459535,
        -0.155263,
        -0.986804
    ],
    "InPlanePhaseEncodingDirectionDICOM": "ROW",
    "ConversionSoftware": "dcm2niix",
    "ConversionSoftwareVersion": "v1.0.20201102"
}