{
    "Modality": "MR",
    "MagneticFieldStrength": 3,
    "ImagingFrequency": 127.778,
    "Manufacturer": "Philips",
    "ManufacturersModelName": "Ingenia Elition X",
    "BodyPartExamined": "BRAIN",
    "PatientPosition": "HFS",
    "ProcedureStepDescription": "MRI BRAIN WITHOUT CONTRAST",
    "SoftwareVersions": "5.6.1\\5.6.1.0",
    "MRAcquisitionType": "2D",
    "SeriesDescription": "sB1000",
    "ProtocolName": "sB1000",
    "ScanningSequence": "SE",
    "SequenceVariant": "SK",
    "ScanOptions": "FS",
    "ImageType": [
        "ORIGINAL",
        "PRIMARY",
        "M",
        "SE",
        "M",
        "SE"
    ],
    "PhilipsRWVSlope": 1,
    "PhilipsRWVIntercept": 0,
    "PhilipsRescaleSlope": 1,
    "PhilipsRescaleIntercept": 0,
    "PhilipsScaleSlope": 0.93482,
    "UsePhilipsFloatNotDisplayScaling": 1,
    "SliceThickness": 5,
    "SpacingBetweenSlices": 6,
    "EchoTime": 0.061189,
    "RepetitionTime": 4.13835,
    "FlipAngle": 90,
    "CoilString": "MULTI COIL",
    "PercentPhaseFOV": 109.091,
    "PercentSampling": 89.2857,
    "EchoTrainLength": 49,
    "PartialFourierEnabled": "YES",
    "PhaseEncodingStepsNoPartialFourier": 123,
    "AcquisitionMatrixPE": 123,
    "ReconMatrixPE": 480,
    "ParallelReductionFactorInPlane": 2.5,
    "WaterFatShift": 15.726,
    "EstimatedEffectiveEchoSpacing": 7.40582e-05,
    "EstimatedTotalReadoutTime": 0.0354739,
    "PixelBandwidth": 2143,
    "PhaseEncodingAxis": "j",
    "ImageOrientationPatientDICOM": [
        0.993648,
        -0.0216769,
        0.110425,
        -0.00345978,
        0.974923,
        0.222514
    ],
    "InPlanePhaseEncodingDirectionDICOM": "COL",
    "ConversionSoftware": "dcm2niix",
    "ConversionSoftwareVersion": "v1.0.20201102"
}