{
    "Modality": "MR",
    "MagneticFieldStrength": 3,
    "ImagingFrequency": 127.751,
    "Manufacturer": "Philips",
    "ManufacturersModelName": "Achieva",
    "BodyPartExamined": "TSPINE",
    "PatientPosition": "HFS",
    "ProcedureStepDescription": "MRI BRAIN WITHOUT CONTRAST",
    "SoftwareVersions": "3.2.3\\3.2.3.4",
    "MRAcquisitionType": "3D",
    "SeriesDescription": "SAG T1 3D",
    "ProtocolName": "SAG T1 3D SENSE",
    "ScanningSequence": "GR",
    "SequenceVariant": "MP",
    "ImageType": [
        "ORIGINAL",
        "PRIMARY",
        "T1",
        "NONE"
    ],
    "PhilipsRescaleSlope": 3.2823,
    "PhilipsRescaleIntercept": 0,
    "PhilipsScaleSlope": 0.000621634,
    "UsePhilipsFloatNotDisplayScaling": 1,
    "SliceThickness": 1,
    "SpacingBetweenSlices": 1,
    "EchoTime": 0.004593,
    "RepetitionTime": 0.0098667,
    "FlipAngle": 8,
    "CoilString": "SENSE-Head-8",
    "PercentPhaseFOV": 100,
    "PercentSampling": 99.2064,
    "EchoTrainLength": 200,
    "PhaseEncodingSteps": 200,
    "AcquisitionMatrixPE": 200,
    "ReconMatrixPE": 288,
    "ParallelReductionOutOfPlane": 1.5,
    "WaterFatShift": 3.03039,
    "EstimatedEffectiveEchoSpacing": 2.41885e-05,
    "EstimatedTotalReadoutTime": 0.00694209,
    "PixelBandwidth": 143.332,
    "PhaseEncodingAxis": "i",
    "ImageOrientationPatientDICOM": [
        0,
        1,
        0,
        0.053736,
        0,
        -0.998555
    ],
    "InPlanePhaseEncodingDirectionDICOM": "ROW",
    "ConversionSoftware": "dcm2niix",
    "ConversionSoftwareVersion": "v1.0.20201102"
}