{
    "Modality": "MR",
    "MagneticFieldStrength": 3,
    "ImagingFrequency": 127.751,
    "Manufacturer": "Philips",
    "ManufacturersModelName": "Achieva",
    "BodyPartExamined": "TSPINE",
    "PatientPosition": "HFS",
    "ProcedureStepDescription": "MRI BRAIN WITHOUT CONTRAST",
    "SoftwareVersions": "3.2.3",
    "MRAcquisitionType": "2D",
    "SeriesDescription": "dADC",
    "ProtocolName": "dADC",
    "ScanningSequence": "RM",
    "SequenceVariant": "SK",
    "ScanOptions": "FS",
    "ImageType": [
        "ORIGINAL",
        "PRIMARY",
        "ADC",
        "ADC",
        "UNSPECIFIED"
    ],
    "RawImage": false,
    "PhilipsRWVSlope": 1.14273,
    "PhilipsRWVIntercept": 0,
    "PhilipsRescaleSlope": 1.14273,
    "PhilipsRescaleIntercept": 0,
    "PhilipsScaleSlope": 0.00343477,
    "UsePhilipsFloatNotDisplayScaling": 1,
    "SliceThickness": 5,
    "SpacingBetweenSlices": 6,
    "EchoTime": 0.076,
    "RepetitionTime": 3.33861,
    "FlipAngle": 90,
    "CoilString": "SENSE-Head-8",
    "PercentPhaseFOV": 100,
    "PercentSampling": 84.6154,
    "EchoTrainLength": 69,
    "PartialFourierEnabled": "YES",
    "PhaseEncodingStepsNoPartialFourier": 133,
    "AcquisitionMatrixPE": 133,
    "ReconMatrixPE": 240,
    "ParallelReductionFactorInPlane": 2,
    "WaterFatShift": 30.3804,
    "EstimatedEffectiveEchoSpacing": 0.000288472,
    "EstimatedTotalReadoutTime": 0.0689448,
    "PixelBandwidth": 1281,
    "PhaseEncodingAxis": "j",
    "ImageOrientationPatientDICOM": [
        0.99267,
        -0.117258,
        -0.0292564,
        0.102119,
        0.94331,
        -0.315814
    ],
    "InPlanePhaseEncodingDirectionDICOM": "COL",
    "ConversionSoftware": "dcm2niix",
    "ConversionSoftwareVersion": "v1.0.20201102"
}