{
    "Modality": "MR",
    "MagneticFieldStrength": 1.5,
    "ImagingFrequency": 63.8868,
    "Manufacturer": "Philips",
    "ManufacturersModelName": "Ingenia Ambition X",
    "BodyPartExamined": "BRAIN",
    "PatientPosition": "HFS",
    "ProcedureStepDescription": "MRI BRAIN WITHOUT CONTRAST",
    "SoftwareVersions": "5.6.1\\5.6.1.0",
    "MRAcquisitionType": "2D",
    "SeriesDescription": "Cor T2 FLAIR",
    "ProtocolName": "Cor T2 FLAIR",
    "ScanningSequence": "IR",
    "SequenceVariant": "SK",
    "ScanOptions": "FS",
    "ImageType": [
        "ORIGINAL",
        "PRIMARY",
        "M",
        "IR",
        "M",
        "IR"
    ],
    "PhilipsRWVSlope": 4.54481,
    "PhilipsRWVIntercept": 0,
    "PhilipsRescaleSlope": 4.54481,
    "PhilipsRescaleIntercept": 0,
    "PhilipsScaleSlope": 0.108274,
    "UsePhilipsFloatNotDisplayScaling": 1,
    "SliceThickness": 5,
    "SpacingBetweenSlices": 6,
    "EchoTime": 0.100372,
    "RepetitionTime": 6,
    "InversionTime": 2,
    "FlipAngle": 90,
    "CoilString": "MULTI COIL",
    "PercentPhaseFOV": 85.9375,
    "PercentSampling": 84.9515,
    "EchoTrainLength": 47,
    "PhaseEncodingSteps": 197,
    "AcquisitionMatrixPE": 197,
    "ReconMatrixPE": 256,
    "ParallelReductionFactorInPlane": 1.2,
    "WaterFatShift": 0.371177,
    "EstimatedEffectiveEchoSpacing": 6.56157e-06,
    "EstimatedTotalReadoutTime": 0.0016732,
    "PixelBandwidth": 585,
    "PhaseEncodingAxis": "i",
    "ImageOrientationPatientDICOM": [
        0.994121,
        -0.107599,
        0.0120697,
        0.0537308,
        0.393479,
        -0.917762
    ],
    "InPlanePhaseEncodingDirectionDICOM": "ROW",
    "ConversionSoftware": "dcm2niix",
    "ConversionSoftwareVersion": "v1.0.20201102"
}