{
    "Modality": "MR",
    "MagneticFieldStrength": 3,
    "ImagingFrequency": 127.751,
    "Manufacturer": "Philips",
    "ManufacturersModelName": "Achieva",
    "BodyPartExamined": "TSPINE",
    "PatientPosition": "HFS",
    "ProcedureStepDescription": "MRI BRAIN WITHOUT CONTRAST",
    "SoftwareVersions": "3.2.3\\3.2.3.4",
    "MRAcquisitionType": "2D",
    "SeriesDescription": "AXIAL T1",
    "ProtocolName": "AXIAL T1 SENSE",
    "ScanningSequence": "SE",
    "SequenceVariant": "SK",
    "ScanOptions": "FC",
    "ImageType": [
        "ORIGINAL",
        "PRIMARY",
        "M",
        "SE",
        "M",
        "SE"
    ],
    "PhilipsRWVSlope": 1.46056,
    "PhilipsRWVIntercept": 0,
    "PhilipsRescaleSlope": 1.46056,
    "PhilipsRescaleIntercept": 0,
    "PhilipsScaleSlope": 0.0207623,
    "UsePhilipsFloatNotDisplayScaling": 1,
    "SliceThickness": 5,
    "SpacingBetweenSlices": 6,
    "EchoTime": 0.01,
    "RepetitionTime": 0.533133,
    "FlipAngle": 70,
    "CoilString": "SENSE-Head-8",
    "PercentPhaseFOV": 100,
    "PercentSampling": 99.1379,
    "EchoTrainLength": 3,
    "PhaseEncodingSteps": 222,
    "AcquisitionMatrixPE": 222,
    "ReconMatrixPE": 480,
    "ParallelReductionFactorInPlane": 2,
    "WaterFatShift": 2.34364,
    "EstimatedEffectiveEchoSpacing": 8.44838e-06,
    "EstimatedTotalReadoutTime": 0.00404678,
    "PixelBandwidth": 185,
    "PhaseEncodingAxis": "i",
    "ImageOrientationPatientDICOM": [
        0.963185,
        -0.252807,
        0.0914541,
        0.267745,
        0.932727,
        -0.241521
    ],
    "InPlanePhaseEncodingDirectionDICOM": "ROW",
    "ConversionSoftware": "dcm2niix",
    "ConversionSoftwareVersion": "v1.0.20201102"
}