{
    "Modality": "MR",
    "MagneticFieldStrength": 3,
    "ImagingFrequency": 127.778,
    "Manufacturer": "Philips",
    "ManufacturersModelName": "Ingenia Elition X",
    "BodyPartExamined": "BRAIN",
    "PatientPosition": "HFS",
    "ProcedureStepDescription": "MRI BRAIN W WO CONTRAST",
    "SoftwareVersions": "5.6.1\\5.6.1.0",
    "MRAcquisitionType": "2D",
    "SeriesDescription": "dADC",
    "ProtocolName": "dADC",
    "ScanningSequence": "RM",
    "SequenceVariant": "SK",
    "ScanOptions": "FS",
    "ImageType": [
        "ORIGINAL",
        "PRIMARY",
        "ADC",
        "UNSPECIFIED",
        "ADC",
        "UNSPECIFIED"
    ],
    "RawImage": false,
    "PhilipsRWVSlope": 1.11687e-06,
    "PhilipsRWVIntercept": 0,
    "PhilipsRescaleSlope": 0.00111687,
    "PhilipsRescaleIntercept": 0,
    "PhilipsScaleSlope": 0.104879,
    "UsePhilipsFloatNotDisplayScaling": 1,
    "SliceThickness": 5,
    "SpacingBetweenSlices": 6,
    "EchoTime": 0.06039,
    "RepetitionTime": 3.97496,
    "FlipAngle": 90,
    "CoilString": "MULTI COIL",
    "PercentPhaseFOV": 100,
    "PercentSampling": 89.8438,
    "EchoTrainLength": 47,
    "PartialFourierEnabled": "YES",
    "PhaseEncodingStepsNoPartialFourier": 116,
    "AcquisitionMatrixPE": 116,
    "ReconMatrixPE": 384,
    "ParallelReductionFactorInPlane": 2.5,
    "WaterFatShift": 19.5276,
    "EstimatedEffectiveEchoSpacing": 0.000114913,
    "EstimatedTotalReadoutTime": 0.0440118,
    "PixelBandwidth": 1397,
    "PhaseEncodingAxis": "j",
    "ImageOrientationPatientDICOM": [
        0.997298,
        -0.0728222,
        -0.00965205,
        0.073243,
        0.975675,
        0.206623
    ],
    "InPlanePhaseEncodingDirectionDICOM": "COL",
    "ConversionSoftware": "dcm2niix",
    "ConversionSoftwareVersion": "v1.0.20201102"
}