{
    "Modality": "MR",
    "MagneticFieldStrength": 3,
    "ImagingFrequency": 127.778,
    "Manufacturer": "Philips",
    "ManufacturersModelName": "Ingenia Elition X",
    "BodyPartExamined": "BRAIN",
    "PatientPosition": "HFS",
    "ProcedureStepDescription": "MRI BRAIN W WO CONTRAST",
    "SoftwareVersions": "5.6.1\\5.6.1.0",
    "MRAcquisitionType": "3D",
    "SeriesDescription": "Sag T1 3D TFE",
    "ProtocolName": "Sag T1 3D TFE",
    "ScanningSequence": "GR",
    "SequenceVariant": "MP",
    "ScanOptions": "PFP",
    "ImageType": [
        "ORIGINAL",
        "PRIMARY",
        "M",
        "FFE",
        "M",
        "FFE"
    ],
    "PhilipsRWVSlope": 6.92186,
    "PhilipsRWVIntercept": 0,
    "PhilipsRescaleSlope": 6.92186,
    "PhilipsRescaleIntercept": 0,
    "PhilipsScaleSlope": 0.00246463,
    "UsePhilipsFloatNotDisplayScaling": 1,
    "SliceThickness": 1,
    "SpacingBetweenSlices": 0.5,
    "EchoTime": 0.002984,
    "RepetitionTime": 0.006626,
    "FlipAngle": 8,
    "CoilString": "MULTI COIL",
    "PercentPhaseFOV": 139.806,
    "PercentSampling": 78.5398,
    "EchoTrainLength": 204,
    "PartialFourierEnabled": "YES",
    "PhaseEncodingStepsNoPartialFourier": 252,
    "AcquisitionMatrixPE": 252,
    "ReconMatrixPE": 576,
    "ParallelReductionFactorInPlane": 1.87083,
    "ParallelReductionOutOfPlane": 1.87083,
    "WaterFatShift": 1.60154,
    "EstimatedEffectiveEchoSpacing": 6.37986e-06,
    "EstimatedTotalReadoutTime": 0.00366842,
    "PixelBandwidth": 271,
    "PhaseEncodingAxis": "i",
    "ImageOrientationPatientDICOM": [
        -0.00283495,
        0.999995,
        0.00118849,
        -0.0622757,
        0.00100964,
        -0.998058
    ],
    "InPlanePhaseEncodingDirectionDICOM": "ROW",
    "ConversionSoftware": "dcm2niix",
    "ConversionSoftwareVersion": "v1.0.20201102"
}