{
    "Modality": "MR",
    "MagneticFieldStrength": 1.5,
    "ImagingFrequency": 63.8929,
    "Manufacturer": "Philips",
    "ManufacturersModelName": "Intera",
    "PatientPosition": "HFS",
    "ProcedureStepDescription": "MRI BRAIN WITHOUT CONTRAST",
    "SoftwareVersions": "11.8.1\\Gyroscan PMS/DICOM 4.0 MR datadefs $Revision: 6.30 $",
    "SeriesDescription": "sb 1000",
    "ProtocolName": "sb 1000",
    "ScanningSequence": "SE",
    "SequenceVariant": "SK",
    "ScanOptions": "FS",
    "ImageType": [
        "ORIGINAL",
        "PRIMARY",
        "M",
        "SE",
        "M",
        "SE"
    ],
    "PhilipsRWVSlope": 1,
    "PhilipsRWVIntercept": 0,
    "PhilipsRescaleSlope": 1,
    "PhilipsRescaleIntercept": 0,
    "PhilipsScaleSlope": 0.0190609,
    "UsePhilipsFloatNotDisplayScaling": 1,
    "SliceThickness": 5,
    "SpacingBetweenSlices": 6,
    "NumberOfAverages": 2,
    "EchoTime": 0.077935,
    "RepetitionTime": 4.88445,
    "FlipAngle": 90,
    "CoilString": "SENSE-head",
    "PercentPhaseFOV": 100,
    "PercentSampling": 100,
    "EchoTrainLength": 127,
    "PartialFourierEnabled": "YES",
    "PhaseEncodingStepsNoPartialFourier": 127,
    "AcquisitionMatrixPE": 127,
    "ReconMatrixPE": 256,
    "WaterFatShift": 23.905,
    "EstimatedEffectiveEchoSpacing": 0.000428164,
    "EstimatedTotalReadoutTime": 0.109182,
    "PixelBandwidth": 1675,
    "PhaseEncodingAxis": "j",
    "ImageOrientationPatientDICOM": [
        0.992383,
        -0.0627203,
        -0.106027,
        0.0522164,
        0.993707,
        -0.0990964
    ],
    "InPlanePhaseEncodingDirectionDICOM": "COL",
    "ConversionSoftware": "dcm2niix",
    "ConversionSoftwareVersion": "v1.0.20201102"
}