{
    "Modality": "MR",
    "MagneticFieldStrength": 1.5,
    "ImagingFrequency": 63.8929,
    "Manufacturer": "Philips",
    "ManufacturersModelName": "Intera",
    "PatientPosition": "HFS",
    "ProcedureStepDescription": "MRI BRAIN WITHOUT CONTRAST",
    "SoftwareVersions": "11.8.1\\11.8.1.5\\Gyroscan PMS/DICOM 4.0 MR datadefs $Revision: 6.3",
    "SeriesDescription": "COR T2 FLAIR",
    "ProtocolName": "COR T2 FLAIR CLEAR",
    "ScanningSequence": "IR",
    "SequenceVariant": "SK",
    "ScanOptions": "OTHER",
    "ImageType": [
        "ORIGINAL",
        "PRIMARY",
        "M",
        "IR",
        "M",
        "IR"
    ],
    "PhilipsRWVSlope": 6.94872,
    "PhilipsRWVIntercept": 0,
    "PhilipsRescaleSlope": 6.94872,
    "PhilipsRescaleIntercept": 0,
    "PhilipsScaleSlope": 0.0109381,
    "UsePhilipsFloatNotDisplayScaling": 1,
    "SliceThickness": 5,
    "SpacingBetweenSlices": 6,
    "EchoTime": 0.12,
    "RepetitionTime": 6,
    "InversionTime": 2,
    "FlipAngle": 90,
    "CoilString": "SENSE-head",
    "PercentPhaseFOV": 80.5556,
    "PercentSampling": 80,
    "EchoTrainLength": 23,
    "PhaseEncodingSteps": 228,
    "AcquisitionMatrixPE": 228,
    "ReconMatrixPE": 432,
    "WaterFatShift": 0.925946,
    "EstimatedEffectiveEchoSpacing": 9.47749e-06,
    "EstimatedTotalReadoutTime": 0.0040848,
    "PixelBandwidth": 235,
    "PhaseEncodingAxis": "i",
    "ImageOrientationPatientDICOM": [
        0.99844,
        -0.0444666,
        0.0337574,
        0.0273588,
        -0.137372,
        -0.990142
    ],
    "InPlanePhaseEncodingDirectionDICOM": "ROW",
    "ConversionSoftware": "dcm2niix",
    "ConversionSoftwareVersion": "v1.0.20201102"
}