{
    "Modality": "MR",
    "MagneticFieldStrength": 1.5,
    "ImagingFrequency": 63.8856,
    "Manufacturer": "Philips",
    "ManufacturersModelName": "Achieva",
    "BodyPartExamined": "BRAIN",
    "PatientPosition": "HFS",
    "ProcedureStepDescription": "MRI BRAIN WITHOUT CONTRAST",
    "SoftwareVersions": "3.2.3\\3.2.3.4",
    "MRAcquisitionType": "2D",
    "SeriesDescription": "AX T1",
    "ProtocolName": "AX T1 CLEAR",
    "ScanningSequence": "SE",
    "SequenceVariant": "SS",
    "ScanOptions": "FC",
    "ImageType": [
        "ORIGINAL",
        "PRIMARY",
        "M",
        "SE",
        "M",
        "SE"
    ],
    "PhilipsRWVSlope": 3.50476,
    "PhilipsRWVIntercept": 0,
    "PhilipsRescaleSlope": 3.50476,
    "PhilipsRescaleIntercept": 0,
    "PhilipsScaleSlope": 0.027972,
    "UsePhilipsFloatNotDisplayScaling": 1,
    "SliceThickness": 5,
    "SpacingBetweenSlices": 6,
    "EchoTime": 0.011,
    "RepetitionTime": 0.375001,
    "FlipAngle": 69,
    "CoilString": "SENSE-Head-8",
    "PercentPhaseFOV": 79.3651,
    "PercentSampling": 67.5,
    "PhaseEncodingSteps": 170,
    "AcquisitionMatrixPE": 170,
    "ReconMatrixPE": 512,
    "WaterFatShift": 1.5518,
    "EstimatedEffectiveEchoSpacing": 6.99041e-06,
    "EstimatedTotalReadoutTime": 0.0035721,
    "PixelBandwidth": 140,
    "PhaseEncodingAxis": "i",
    "ImageOrientationPatientDICOM": [
        0.997601,
        0.066172,
        0.0203459,
        -0.0593886,
        0.969032,
        -0.239689
    ],
    "InPlanePhaseEncodingDirectionDICOM": "ROW",
    "ConversionSoftware": "dcm2niix",
    "ConversionSoftwareVersion": "v1.0.20201102"
}