{
    "Modality": "MR",
    "MagneticFieldStrength": 1.5,
    "ImagingFrequency": 63.8778,
    "Manufacturer": "Philips",
    "ManufacturersModelName": "Achieva",
    "BodyPartExamined": "HEAD",
    "PatientPosition": "HFS",
    "ProcedureStepDescription": "MRI BRAIN W WO CONTRAST",
    "SoftwareVersions": "3.2.3",
    "MRAcquisitionType": "3D",
    "SeriesDescription": "Cor Flair Recon",
    "ProtocolName": "Cor Flair Recon",
    "ScanningSequence": "IR",
    "SequenceVariant": "SK",
    "ScanOptions": "FS",
    "ImageType": [
        "ORIGINAL",
        "PRIMARY",
        "PROJECTION IMAGE",
        "M",
        "IR"
    ],
    "PhilipsRWVSlope": 7.55287,
    "PhilipsRWVIntercept": 0,
    "PhilipsRescaleSlope": 7.55287,
    "PhilipsRescaleIntercept": 0,
    "PhilipsScaleSlope": 0.000332263,
    "UsePhilipsFloatNotDisplayScaling": 1,
    "SliceThickness": 1,
    "SpacingBetweenSlices": 1,
    "NumberOfAverages": 2,
    "EchoTime": 0.303193,
    "RepetitionTime": 8,
    "InversionTime": 2.4,
    "FlipAngle": 90,
    "CoilString": "SENSE-NV-16",
    "PercentPhaseFOV": 109.524,
    "PercentSampling": 77.2593,
    "EchoTrainLength": 140,
    "PhaseEncodingSteps": 181,
    "AcquisitionMatrixPE": 181,
    "ReconMatrixPE": 384,
    "ParallelReductionFactorInPlane": 2.8,
    "ParallelReductionOutOfPlane": 2,
    "WaterFatShift": 0.372167,
    "EstimatedEffectiveEchoSpacing": 4.44242e-06,
    "EstimatedTotalReadoutTime": 0.00170145,
    "PixelBandwidth": 584,
    "ImageOrientationPatientDICOM": [
        0.997729,
        -0.0351069,
        -0.0574851,
        -0.0550219,
        0.0674998,
        -0.996201
    ],
    "ConversionSoftware": "dcm2niix",
    "ConversionSoftwareVersion": "v1.0.20201102"
}