{
    "Modality": "MR",
    "MagneticFieldStrength": 3,
    "ImagingFrequency": 127.778,
    "Manufacturer": "Philips",
    "ManufacturersModelName": "Ingenia Elition X",
    "BodyPartExamined": "BRAIN",
    "PatientPosition": "HFS",
    "ProcedureStepDescription": "MRI BRAIN WITHOUT CONTRAST",
    "SoftwareVersions": "5.6.1\\5.6.1.0",
    "MRAcquisitionType": "3D",
    "SeriesDescription": "COR FLAIR RECON",
    "ProtocolName": "COR FLAIR RECON",
    "ScanningSequence": "IR",
    "SequenceVariant": "SK",
    "ScanOptions": "FS",
    "ImageType": [
        "ORIGINAL",
        "PRIMARY",
        "PROJECTION IMAGE",
        "M",
        "IR"
    ],
    "PhilipsRWVSlope": 6.37949,
    "PhilipsRWVIntercept": 0,
    "PhilipsRescaleSlope": 6.37949,
    "PhilipsRescaleIntercept": 0,
    "PhilipsScaleSlope": 0.00136735,
    "UsePhilipsFloatNotDisplayScaling": 1,
    "SliceThickness": 1,
    "SpacingBetweenSlices": 1,
    "NumberOfAverages": 2,
    "EchoTime": 0.34,
    "RepetitionTime": 4.8,
    "InversionTime": 1.65,
    "FlipAngle": 90,
    "CoilString": "MULTI COIL",
    "PercentPhaseFOV": 139.13,
    "PercentSampling": 78.5398,
    "EchoTrainLength": 167,
    "PhaseEncodingSteps": 223,
    "AcquisitionMatrixPE": 223,
    "ReconMatrixPE": 1024,
    "ParallelReductionFactorInPlane": 2.91548,
    "ParallelReductionOutOfPlane": 2.91548,
    "WaterFatShift": 0.578333,
    "EstimatedEffectiveEchoSpacing": 1.29352e-06,
    "EstimatedTotalReadoutTime": 0.00132328,
    "PixelBandwidth": 751,
    "ImageOrientationPatientDICOM": [
        0.992997,
        -0.109384,
        0.0446439,
        0.0929433,
        0.489987,
        -0.866761
    ],
    "ConversionSoftware": "dcm2niix",
    "ConversionSoftwareVersion": "v1.0.20201102"
}