{
    "Modality": "MR",
    "MagneticFieldStrength": 1.5,
    "ImagingFrequency": 63.8868,
    "Manufacturer": "Philips",
    "ManufacturersModelName": "Ingenia Ambition X",
    "BodyPartExamined": "BRAIN",
    "PatientPosition": "HFS",
    "ProcedureStepDescription": "MRI BRAIN WITHOUT CONTRAST",
    "SoftwareVersions": "5.6.1\\5.6.1.0",
    "MRAcquisitionType": "2D",
    "SeriesDescription": "Ax T1 FFE",
    "ProtocolName": "Ax T1 FFE",
    "ScanningSequence": "GR",
    "SequenceVariant": "SS",
    "ScanOptions": "SP",
    "ImageType": [
        "ORIGINAL",
        "PRIMARY",
        "M",
        "FFE",
        "M",
        "FFE"
    ],
    "PhilipsRWVSlope": 4.21734,
    "PhilipsRWVIntercept": 0,
    "PhilipsRescaleSlope": 4.21734,
    "PhilipsRescaleIntercept": 0,
    "PhilipsScaleSlope": 0.123619,
    "UsePhilipsFloatNotDisplayScaling": 1,
    "SliceThickness": 5,
    "SpacingBetweenSlices": 6,
    "EchoTime": 0.00187,
    "RepetitionTime": 0.206514,
    "FlipAngle": 80,
    "CoilString": "MULTI COIL",
    "PercentPhaseFOV": 85.9375,
    "PercentSampling": 80,
    "PartialFourierEnabled": "YES",
    "PhaseEncodingStepsNoPartialFourier": 205,
    "AcquisitionMatrixPE": 205,
    "ReconMatrixPE": 256,
    "ParallelReductionFactorInPlane": 1.75,
    "WaterFatShift": 1.27229,
    "EstimatedEffectiveEchoSpacing": 1.14849e-05,
    "EstimatedTotalReadoutTime": 0.00292864,
    "PixelBandwidth": 171,
    "PhaseEncodingAxis": "i",
    "ImageOrientationPatientDICOM": [
        0.992744,
        0.0371803,
        -0.114356,
        0.0096341,
        0.923349,
        0.38384
    ],
    "InPlanePhaseEncodingDirectionDICOM": "ROW",
    "ConversionSoftware": "dcm2niix",
    "ConversionSoftwareVersion": "v1.0.20201102"
}