{
    "Modality": "MR",
    "MagneticFieldStrength": 1.5,
    "ImagingFrequency": 63.887,
    "Manufacturer": "Philips",
    "ManufacturersModelName": "Ingenia Ambition X",
    "BodyPartExamined": "BRAIN",
    "PatientPosition": "HFS",
    "ProcedureStepDescription": "MRI BRAIN WITHOUT CONTRAST",
    "SoftwareVersions": "5.6.1\\5.6.1.0",
    "MRAcquisitionType": "3D",
    "SeriesDescription": "SAG FLAIR",
    "ProtocolName": "SAG FLAIR",
    "ScanningSequence": "IR",
    "SequenceVariant": "SK",
    "ScanOptions": "FS",
    "ImageType": [
        "ORIGINAL",
        "PRIMARY",
        "M",
        "IR",
        "M",
        "IR"
    ],
    "PhilipsRWVSlope": 8.04347,
    "PhilipsRWVIntercept": 0,
    "PhilipsRescaleSlope": 8.04347,
    "PhilipsRescaleIntercept": 0,
    "PhilipsScaleSlope": 0.00261356,
    "UsePhilipsFloatNotDisplayScaling": 1,
    "SliceThickness": 1.8,
    "SpacingBetweenSlices": 0.9,
    "EchoTime": 0.3,
    "RepetitionTime": 4.8,
    "InversionTime": 1.66,
    "FlipAngle": 90,
    "CoilString": "MULTI COIL",
    "PercentPhaseFOV": 128.205,
    "PercentSampling": 78.5398,
    "EchoTrainLength": 116,
    "PhaseEncodingSteps": 231,
    "AcquisitionMatrixPE": 231,
    "ReconMatrixPE": 400,
    "ParallelReductionFactorInPlane": 2.54951,
    "ParallelReductionOutOfPlane": 2.54951,
    "WaterFatShift": 0.417576,
    "EstimatedEffectiveEchoSpacing": 4.77687e-06,
    "EstimatedTotalReadoutTime": 0.00190597,
    "PixelBandwidth": 520,
    "PhaseEncodingAxis": "i",
    "ImageOrientationPatientDICOM": [
        0.247071,
        0.933085,
        0.261359,
        0.0636731,
        0.253505,
        -0.965236
    ],
    "InPlanePhaseEncodingDirectionDICOM": "ROW",
    "ConversionSoftware": "dcm2niix",
    "ConversionSoftwareVersion": "v1.0.20201102"
}