{
    "Modality": "MR",
    "MagneticFieldStrength": 1.5,
    "ImagingFrequency": 63.8852,
    "Manufacturer": "Philips",
    "ManufacturersModelName": "Achieva",
    "BodyPartExamined": "BRAIN",
    "PatientPosition": "HFS",
    "ProcedureStepDescription": "MRI BRAIN WITHOUT CONTRAST",
    "SoftwareVersions": "3.2.3\\3.2.3.4",
    "MRAcquisitionType": "3D",
    "SeriesDescription": "SAG T1 3D",
    "ProtocolName": "SAG T1 3D SENSE",
    "ScanningSequence": "GR",
    "SequenceVariant": "MP",
    "ScanOptions": "OTHER",
    "ImageType": [
        "ORIGINAL",
        "PRIMARY",
        "M",
        "FFE",
        "M",
        "FFE"
    ],
    "PhilipsRWVSlope": 14.6503,
    "PhilipsRWVIntercept": 0,
    "PhilipsRescaleSlope": 14.6503,
    "PhilipsRescaleIntercept": 0,
    "PhilipsScaleSlope": 0.000241853,
    "UsePhilipsFloatNotDisplayScaling": 1,
    "SliceThickness": 1,
    "SpacingBetweenSlices": 1,
    "EchoTime": 0.00321,
    "RepetitionTime": 0.0071056,
    "FlipAngle": 8,
    "CoilString": "SENSE-Head-8",
    "PercentPhaseFOV": 98.5075,
    "PercentSampling": 99.2424,
    "EchoTrainLength": 232,
    "PhaseEncodingSteps": 236,
    "AcquisitionMatrixPE": 236,
    "ReconMatrixPE": 288,
    "ParallelReductionOutOfPlane": 2,
    "WaterFatShift": 0.902289,
    "EstimatedEffectiveEchoSpacing": 1.44117e-05,
    "EstimatedTotalReadoutTime": 0.00413617,
    "PixelBandwidth": 241,
    "PhaseEncodingAxis": "i",
    "ImageOrientationPatientDICOM": [
        -0.0757347,
        0.996984,
        -0.0169508,
        0.0368571,
        -0.014189,
        -0.99922
    ],
    "InPlanePhaseEncodingDirectionDICOM": "ROW",
    "ConversionSoftware": "dcm2niix",
    "ConversionSoftwareVersion": "v1.0.20201102"
}