{
    "Modality": "MR",
    "MagneticFieldStrength": 1.5,
    "ImagingFrequency": 63.8859,
    "Manufacturer": "Philips",
    "ManufacturersModelName": "Achieva",
    "BodyPartExamined": "BRAIN",
    "PatientPosition": "HFS",
    "ProcedureStepDescription": "MRI BRAIN WITHOUT CONTRAST",
    "SoftwareVersions": "3.2.3",
    "MRAcquisitionType": "2D",
    "SeriesDescription": "sB1000",
    "ProtocolName": "sB1000",
    "ScanningSequence": "SE",
    "SequenceVariant": "SK",
    "ScanOptions": "FS",
    "ImageType": [
        "ORIGINAL",
        "PRIMARY",
        "M",
        "SE",
        "M",
        "SE"
    ],
    "PhilipsRWVSlope": 1,
    "PhilipsRWVIntercept": 0,
    "PhilipsRescaleSlope": 1,
    "PhilipsRescaleIntercept": 0,
    "PhilipsScaleSlope": 0.0813944,
    "UsePhilipsFloatNotDisplayScaling": 1,
    "SliceThickness": 5,
    "SpacingBetweenSlices": 6,
    "EchoTime": 0.1015,
    "RepetitionTime": 4.3304,
    "FlipAngle": 90,
    "CoilString": "SENSE-Head-8",
    "PercentPhaseFOV": 100,
    "PercentSampling": 84.3023,
    "EchoTrainLength": 51,
    "PhaseEncodingSteps": 146,
    "AcquisitionMatrixPE": 146,
    "ReconMatrixPE": 320,
    "ParallelReductionFactorInPlane": 6,
    "WaterFatShift": 12.1851,
    "EstimatedEffectiveEchoSpacing": 0.000172473,
    "EstimatedTotalReadoutTime": 0.0550188,
    "PixelBandwidth": 1162,
    "PhaseEncodingAxis": "j",
    "ImageOrientationPatientDICOM": [
        0.998026,
        -0.0415227,
        0.047119,
        0.0479312,
        0.988382,
        -0.144238
    ],
    "InPlanePhaseEncodingDirectionDICOM": "COL",
    "ConversionSoftware": "dcm2niix",
    "ConversionSoftwareVersion": "v1.0.20201102"
}