{
    "Modality": "MR",
    "MagneticFieldStrength": 1.5,
    "ImagingFrequency": 63.8873,
    "Manufacturer": "Philips",
    "ManufacturersModelName": "Ingenia Ambition X",
    "BodyPartExamined": "BRAIN",
    "PatientPosition": "HFS",
    "ProcedureStepDescription": "MRI BRAIN WITHOUT CONTRAST",
    "SoftwareVersions": "5.6.1\\5.6.1.0",
    "MRAcquisitionType": "2D",
    "SeriesDescription": "AX FLAIR",
    "ProtocolName": "AX FLAIR",
    "ScanningSequence": "IR",
    "SequenceVariant": "SK",
    "ScanOptions": "OTHER",
    "ImageType": [
        "ORIGINAL",
        "PRIMARY",
        "M",
        "IR",
        "M",
        "IR"
    ],
    "PhilipsRWVSlope": 2.23565,
    "PhilipsRWVIntercept": 0,
    "PhilipsRescaleSlope": 2.23565,
    "PhilipsRescaleIntercept": 0,
    "PhilipsScaleSlope": 0.534176,
    "UsePhilipsFloatNotDisplayScaling": 1,
    "SliceThickness": 5,
    "SpacingBetweenSlices": 6,
    "NumberOfAverages": 2,
    "EchoTime": 0.11,
    "RepetitionTime": 10,
    "InversionTime": 2.5,
    "FlipAngle": 90,
    "CoilString": "MULTI COIL",
    "PercentPhaseFOV": 78.3333,
    "PercentSampling": 89.4977,
    "EchoTrainLength": 41,
    "PhaseEncodingSteps": 209,
    "AcquisitionMatrixPE": 209,
    "ReconMatrixPE": 480,
    "WaterFatShift": 0.554684,
    "EstimatedEffectiveEchoSpacing": 5.20417e-06,
    "EstimatedTotalReadoutTime": 0.0024928,
    "PixelBandwidth": 392,
    "PhaseEncodingAxis": "i",
    "ImageOrientationPatientDICOM": [
        0.996603,
        0.0711861,
        0.0414123,
        -0.0699746,
        0.997097,
        -0.0300052
    ],
    "InPlanePhaseEncodingDirectionDICOM": "ROW",
    "ConversionSoftware": "dcm2niix",
    "ConversionSoftwareVersion": "v1.0.20201102"
}