{
    "Modality": "MR",
    "MagneticFieldStrength": 1.5,
    "ImagingFrequency": 63.8869,
    "Manufacturer": "Philips",
    "ManufacturersModelName": "Ingenia Ambition X",
    "BodyPartExamined": "BRAIN",
    "PatientPosition": "HFS",
    "ProcedureStepDescription": "MRI BRAIN WITHOUT CONTRAST",
    "SoftwareVersions": "5.6.1\\5.6.1.0",
    "MRAcquisitionType": "3D",
    "SeriesDescription": "SAG FLAIR 3D",
    "ProtocolName": "SAG FLAIR 3D",
    "ScanningSequence": "IR",
    "SequenceVariant": "SK",
    "ScanOptions": "FS",
    "ImageType": [
        "ORIGINAL",
        "PRIMARY",
        "M",
        "IR",
        "M",
        "IR"
    ],
    "PhilipsRWVSlope": 12.0103,
    "PhilipsRWVIntercept": 0,
    "PhilipsRescaleSlope": 12.0103,
    "PhilipsRescaleIntercept": 0,
    "PhilipsScaleSlope": 0.00259167,
    "UsePhilipsFloatNotDisplayScaling": 1,
    "SliceThickness": 1.8,
    "SpacingBetweenSlices": 0.9,
    "EchoTime": 0.3,
    "RepetitionTime": 4.8,
    "InversionTime": 1.66,
    "FlipAngle": 90,
    "CoilString": "MULTI COIL",
    "PercentPhaseFOV": 137.634,
    "PercentSampling": 77.6085,
    "EchoTrainLength": 116,
    "PhaseEncodingSteps": 250,
    "AcquisitionMatrixPE": 250,
    "ReconMatrixPE": 512,
    "ParallelReductionFactorInPlane": 2.54951,
    "ParallelReductionOutOfPlane": 2.54951,
    "WaterFatShift": 0.412471,
    "EstimatedEffectiveEchoSpacing": 3.68429e-06,
    "EstimatedTotalReadoutTime": 0.00188267,
    "PixelBandwidth": 527,
    "PhaseEncodingAxis": "i",
    "ImageOrientationPatientDICOM": [
        0.121124,
        0.950716,
        0.285425,
        -0.0421911,
        0.292213,
        -0.955422
    ],
    "InPlanePhaseEncodingDirectionDICOM": "ROW",
    "ConversionSoftware": "dcm2niix",
    "ConversionSoftwareVersion": "v1.0.20201102"
}