{
    "Modality": "MR",
    "MagneticFieldStrength": 3,
    "ImagingFrequency": 127.75,
    "Manufacturer": "Philips",
    "ManufacturersModelName": "Achieva",
    "BodyPartExamined": "TSPINE",
    "PatientPosition": "HFS",
    "ProcedureStepDescription": "MRI BRAIN WITHOUT CONTRAST",
    "SoftwareVersions": "3.2.3\\3.2.3.4",
    "MRAcquisitionType": "3D",
    "SeriesDescription": "SAG T1 3D",
    "ProtocolName": "SAG T1 3D SENSE",
    "ScanningSequence": "GR",
    "SequenceVariant": "MP",
    "ScanOptions": "OTHER",
    "ImageType": [
        "ORIGINAL",
        "PRIMARY",
        "M",
        "FFE",
        "M",
        "FFE"
    ],
    "PhilipsRWVSlope": 3.72088,
    "PhilipsRWVIntercept": 0,
    "PhilipsRescaleSlope": 3.72088,
    "PhilipsRescaleIntercept": 0,
    "PhilipsScaleSlope": 0.000560757,
    "UsePhilipsFloatNotDisplayScaling": 1,
    "SliceThickness": 1,
    "SpacingBetweenSlices": 1,
    "EchoTime": 0.004605,
    "RepetitionTime": 0.0098987,
    "FlipAngle": 8,
    "CoilString": "SENSE-Head-8",
    "PercentPhaseFOV": 100,
    "PercentSampling": 99.2064,
    "EchoTrainLength": 200,
    "PhaseEncodingSteps": 200,
    "AcquisitionMatrixPE": 200,
    "ReconMatrixPE": 288,
    "ParallelReductionOutOfPlane": 1.5,
    "WaterFatShift": 3.05226,
    "EstimatedEffectiveEchoSpacing": 2.43632e-05,
    "EstimatedTotalReadoutTime": 0.00699225,
    "PixelBandwidth": 142,
    "PhaseEncodingAxis": "i",
    "ImageOrientationPatientDICOM": [
        -0.0386064,
        0.999255,
        -1.68163e-11,
        0.0149933,
        0.000579268,
        -0.999887
    ],
    "InPlanePhaseEncodingDirectionDICOM": "ROW",
    "ConversionSoftware": "dcm2niix",
    "ConversionSoftwareVersion": "v1.0.20201102"
}