{
    "Modality": "MR",
    "MagneticFieldStrength": 1.5,
    "ImagingFrequency": 63.8869,
    "Manufacturer": "Philips",
    "ManufacturersModelName": "Ingenia Ambition X",
    "BodyPartExamined": "BRAIN",
    "PatientPosition": "HFS",
    "ProcedureStepDescription": "104MRI BRAIN W WO CONTRAST",
    "SoftwareVersions": "5.6.1\\5.6.1.0",
    "MRAcquisitionType": "2D",
    "SeriesDescription": "Cor T2 FLAIR",
    "ProtocolName": "Cor T2 FLAIR",
    "ScanningSequence": "IR",
    "SequenceVariant": "SK",
    "ScanOptions": "FS",
    "ImageType": [
        "ORIGINAL",
        "PRIMARY",
        "M",
        "IR",
        "M",
        "IR"
    ],
    "PhilipsRWVSlope": 10.1099,
    "PhilipsRWVIntercept": 0,
    "PhilipsRescaleSlope": 10.1099,
    "PhilipsRescaleIntercept": 0,
    "PhilipsScaleSlope": 0.127245,
    "UsePhilipsFloatNotDisplayScaling": 1,
    "SliceThickness": 5,
    "SpacingBetweenSlices": 6,
    "EchoTime": 0.101559,
    "RepetitionTime": 6,
    "InversionTime": 2,
    "FlipAngle": 90,
    "CoilString": "MULTI COIL",
    "PercentPhaseFOV": 85.9375,
    "PercentSampling": 84.9515,
    "EchoTrainLength": 47,
    "PhaseEncodingSteps": 197,
    "AcquisitionMatrixPE": 197,
    "ReconMatrixPE": 256,
    "ParallelReductionFactorInPlane": 1.2,
    "WaterFatShift": 0.400372,
    "EstimatedEffectiveEchoSpacing": 7.07765e-06,
    "EstimatedTotalReadoutTime": 0.0018048,
    "PixelBandwidth": 543,
    "PhaseEncodingAxis": "i",
    "ImageOrientationPatientDICOM": [
        0.999169,
        -0.0379614,
        -0.0148568,
        -0.00376974,
        0.276845,
        -0.960907
    ],
    "InPlanePhaseEncodingDirectionDICOM": "ROW",
    "ConversionSoftware": "dcm2niix",
    "ConversionSoftwareVersion": "v1.0.20201102"
}