{
    "Modality": "MR",
    "MagneticFieldStrength": 1.5,
    "ImagingFrequency": 63.8869,
    "Manufacturer": "Philips",
    "ManufacturersModelName": "Ingenia Ambition X",
    "BodyPartExamined": "BRAIN",
    "PatientPosition": "HFS",
    "ProcedureStepDescription": "MRI BRAIN WITHOUT CONTRAST",
    "SoftwareVersions": "5.6.1\\5.6.1.0",
    "MRAcquisitionType": "2D",
    "SeriesDescription": "dADC",
    "ProtocolName": "dADC",
    "ScanningSequence": "RM",
    "SequenceVariant": "SK",
    "ScanOptions": "FS",
    "ImageType": [
        "ORIGINAL",
        "PRIMARY",
        "ADC",
        "UNSPECIFIED",
        "ADC",
        "UNSPECIFIED"
    ],
    "RawImage": false,
    "PhilipsRWVSlope": 1.27773e-06,
    "PhilipsRWVIntercept": -0.00193634,
    "PhilipsRescaleSlope": 0.00127773,
    "PhilipsRescaleIntercept": -1.93634,
    "PhilipsScaleSlope": 0.103321,
    "UsePhilipsFloatNotDisplayScaling": 1,
    "SliceThickness": 5,
    "SpacingBetweenSlices": 6,
    "EchoTime": 0.070388,
    "RepetitionTime": 3.74135,
    "FlipAngle": 90,
    "CoilString": "MULTI COIL",
    "PercentPhaseFOV": 104.918,
    "PercentSampling": 101.258,
    "EchoTrainLength": 81,
    "PartialFourierEnabled": "YES",
    "PhaseEncodingStepsNoPartialFourier": 161,
    "AcquisitionMatrixPE": 161,
    "ReconMatrixPE": 256,
    "ParallelReductionFactorInPlane": 2,
    "WaterFatShift": 17.4466,
    "EstimatedEffectiveEchoSpacing": 0.000311136,
    "EstimatedTotalReadoutTime": 0.0793396,
    "PixelBandwidth": 1314,
    "PhaseEncodingAxis": "j",
    "ImageOrientationPatientDICOM": [
        0.999779,
        -0.00163345,
        0.0209528,
        -0.000585026,
        0.994426,
        0.105439
    ],
    "InPlanePhaseEncodingDirectionDICOM": "COL",
    "ConversionSoftware": "dcm2niix",
    "ConversionSoftwareVersion": "v1.0.20201102"
}