{
    "Modality": "MR",
    "MagneticFieldStrength": 3,
    "ImagingFrequency": 127.778,
    "Manufacturer": "Philips",
    "ManufacturersModelName": "Ingenia Elition X",
    "BodyPartExamined": "BRAIN",
    "PatientPosition": "HFS",
    "ProcedureStepDescription": "MRI BRAIN WITHOUT CONTRAST",
    "SoftwareVersions": "5.6.1\\5.6.1.0",
    "MRAcquisitionType": "3D",
    "SeriesDescription": "Sag T1 3D TFE",
    "ProtocolName": "Sag T1 3D TFE",
    "ScanningSequence": "GR",
    "SequenceVariant": "MP",
    "ScanOptions": "PFP",
    "ImageType": [
        "ORIGINAL",
        "PRIMARY",
        "M",
        "FFE",
        "M",
        "FFE"
    ],
    "PhilipsRWVSlope": 6.31306,
    "PhilipsRWVIntercept": 0,
    "PhilipsRescaleSlope": 6.31306,
    "PhilipsRescaleIntercept": 0,
    "PhilipsScaleSlope": 0.0033608,
    "UsePhilipsFloatNotDisplayScaling": 1,
    "SliceThickness": 1,
    "SpacingBetweenSlices": 0.5,
    "EchoTime": 0.003003,
    "RepetitionTime": 0.006677,
    "FlipAngle": 8,
    "CoilString": "MULTI COIL",
    "PercentPhaseFOV": 140,
    "PercentSampling": 78.8515,
    "EchoTrainLength": 204,
    "PartialFourierEnabled": "YES",
    "PhaseEncodingStepsNoPartialFourier": 253,
    "AcquisitionMatrixPE": 253,
    "ReconMatrixPE": 1008,
    "ParallelReductionFactorInPlane": 2.44949,
    "ParallelReductionOutOfPlane": 2.44949,
    "WaterFatShift": 1.60154,
    "EstimatedEffectiveEchoSpacing": 3.64292e-06,
    "EstimatedTotalReadoutTime": 0.00366842,
    "PixelBandwidth": 271,
    "PhaseEncodingAxis": "i",
    "ImageOrientationPatientDICOM": [
        0.0413518,
        0.998984,
        -0.0179166,
        0.0728407,
        -0.0208984,
        -0.997125
    ],
    "InPlanePhaseEncodingDirectionDICOM": "ROW",
    "ConversionSoftware": "dcm2niix",
    "ConversionSoftwareVersion": "v1.0.20201102"
}