{
    "Modality": "MR",
    "MagneticFieldStrength": 1.5,
    "ImagingFrequency": 63.8868,
    "Manufacturer": "Philips",
    "ManufacturersModelName": "Ingenia Ambition X",
    "BodyPartExamined": "BRAIN",
    "PatientPosition": "HFS",
    "ProcedureStepDescription": "MRI BRAIN W WO CONTRAST",
    "SoftwareVersions": "5.6.1\\5.6.1.0",
    "MRAcquisitionType": "3D",
    "SeriesDescription": "Sag Flair 3D",
    "ProtocolName": "Sag Flair 3D",
    "ScanningSequence": "IR",
    "SequenceVariant": "SK",
    "ScanOptions": "FS",
    "ImageType": [
        "ORIGINAL",
        "PRIMARY",
        "M",
        "IR",
        "M",
        "IR"
    ],
    "PhilipsRWVSlope": 8.5663,
    "PhilipsRWVIntercept": 0,
    "PhilipsRescaleSlope": 8.5663,
    "PhilipsRescaleIntercept": 0,
    "PhilipsScaleSlope": 0.00270786,
    "UsePhilipsFloatNotDisplayScaling": 1,
    "SliceThickness": 1.201,
    "SpacingBetweenSlices": 1.12,
    "EchoTime": 0.326966,
    "RepetitionTime": 4.8,
    "InversionTime": 1.7,
    "FlipAngle": 90,
    "CoilString": "MULTI COIL",
    "PercentPhaseFOV": 100,
    "PercentSampling": 78.5398,
    "EchoTrainLength": 178,
    "PhaseEncodingSteps": 208,
    "AcquisitionMatrixPE": 208,
    "ReconMatrixPE": 224,
    "ParallelReductionFactorInPlane": 2.5,
    "ParallelReductionOutOfPlane": 1.4,
    "WaterFatShift": 0.227729,
    "EstimatedEffectiveEchoSpacing": 4.67509e-06,
    "EstimatedTotalReadoutTime": 0.00104254,
    "PixelBandwidth": 954,
    "PhaseEncodingAxis": "i",
    "ImageOrientationPatientDICOM": [
        -0.0447002,
        0.998961,
        -0.00889365,
        -0.0256881,
        -0.010049,
        -0.999619
    ],
    "InPlanePhaseEncodingDirectionDICOM": "ROW",
    "ConversionSoftware": "dcm2niix",
    "ConversionSoftwareVersion": "v1.0.20201102"
}