{
    "Modality": "MR",
    "MagneticFieldStrength": 1.5,
    "ImagingFrequency": 63.8866,
    "Manufacturer": "Philips",
    "ManufacturersModelName": "Ingenia Ambition X",
    "BodyPartExamined": "BRAIN",
    "PatientPosition": "HFS",
    "ProcedureStepDescription": "MRI BRAIN WITHOUT CONTRAST",
    "SoftwareVersions": "5.6.1\\5.6.1.0",
    "MRAcquisitionType": "2D",
    "SeriesDescription": "sB1000",
    "ProtocolName": "sB1000",
    "ScanningSequence": "SE",
    "SequenceVariant": "SK",
    "ScanOptions": "FS",
    "ImageType": [
        "ORIGINAL",
        "PRIMARY",
        "M",
        "SE",
        "M",
        "SE"
    ],
    "PhilipsRWVSlope": 1,
    "PhilipsRWVIntercept": 0,
    "PhilipsRescaleSlope": 1,
    "PhilipsRescaleIntercept": 0,
    "PhilipsScaleSlope": 1.09176,
    "UsePhilipsFloatNotDisplayScaling": 1,
    "SliceThickness": 5,
    "SpacingBetweenSlices": 6,
    "EchoTime": 0.069223,
    "RepetitionTime": 3.13638,
    "FlipAngle": 90,
    "CoilString": "MULTI COIL",
    "PercentPhaseFOV": 100,
    "PercentSampling": 100.658,
    "EchoTrainLength": 77,
    "PartialFourierEnabled": "YES",
    "PhaseEncodingStepsNoPartialFourier": 154,
    "AcquisitionMatrixPE": 154,
    "ReconMatrixPE": 224,
    "ParallelReductionFactorInPlane": 2,
    "WaterFatShift": 16.5988,
    "EstimatedEffectiveEchoSpacing": 0.000338282,
    "EstimatedTotalReadoutTime": 0.0754369,
    "PixelBandwidth": 1314,
    "PhaseEncodingAxis": "j",
    "ImageOrientationPatientDICOM": [
        0.963009,
        0.22547,
        0.147568,
        -0.224801,
        0.974169,
        -0.0214212
    ],
    "InPlanePhaseEncodingDirectionDICOM": "COL",
    "ConversionSoftware": "dcm2niix",
    "ConversionSoftwareVersion": "v1.0.20201102"
}