{
    "Modality": "MR",
    "MagneticFieldStrength": 1.5,
    "ImagingFrequency": 63.887,
    "Manufacturer": "Philips",
    "ManufacturersModelName": "Ingenia Ambition X",
    "BodyPartExamined": "BRAIN",
    "PatientPosition": "HFS",
    "ProcedureStepDescription": "MRI BRAIN WITHOUT CONTRAST",
    "SoftwareVersions": "5.6.1\\5.6.1.0",
    "MRAcquisitionType": "3D",
    "SeriesDescription": "COR FLAIR RECON 3MM",
    "ProtocolName": "COR FLAIR RECON 3MM",
    "ScanningSequence": "IR",
    "SequenceVariant": "SK",
    "ScanOptions": "FS",
    "ImageType": [
        "ORIGINAL",
        "PRIMARY",
        "PROJECTION IMAGE",
        "M",
        "IR"
    ],
    "PhilipsRWVSlope": 15.6305,
    "PhilipsRWVIntercept": 0,
    "PhilipsRescaleSlope": 15.6305,
    "PhilipsRescaleIntercept": 0,
    "PhilipsScaleSlope": 0.00361377,
    "UsePhilipsFloatNotDisplayScaling": 1,
    "SliceThickness": 3,
    "SpacingBetweenSlices": 3,
    "NumberOfAverages": 2,
    "EchoTime": 0.390208,
    "RepetitionTime": 4.8,
    "InversionTime": 1.66,
    "FlipAngle": 90,
    "CoilString": "MULTI COIL",
    "PercentPhaseFOV": 100,
    "PercentSampling": 77.9165,
    "EchoTrainLength": 200,
    "PhaseEncodingSteps": 250,
    "AcquisitionMatrixPE": 250,
    "ReconMatrixPE": 1024,
    "ParallelReductionFactorInPlane": 2.44949,
    "ParallelReductionOutOfPlane": 2.44949,
    "WaterFatShift": 0.28464,
    "EstimatedEffectiveEchoSpacing": 1.27457e-06,
    "EstimatedTotalReadoutTime": 0.00130388,
    "PixelBandwidth": 763,
    "ImageOrientationPatientDICOM": [
        0.999215,
        -0.0385464,
        -0.00914178,
        -0.0117402,
        -0.0677313,
        -0.997635
    ],
    "ConversionSoftware": "dcm2niix",
    "ConversionSoftwareVersion": "v1.0.20201102"
}