{
    "Modality": "MR",
    "MagneticFieldStrength": 3,
    "ImagingFrequency": 127.778,
    "Manufacturer": "Philips",
    "ManufacturersModelName": "Ingenia Elition X",
    "BodyPartExamined": "BRAIN",
    "PatientPosition": "HFS",
    "ProcedureStepDescription": "MRI BRAIN W WO CONTRAST",
    "SoftwareVersions": "5.6.1\\5.6.1.0",
    "MRAcquisitionType": "3D",
    "SeriesDescription": "COR FLAIR RECON",
    "ProtocolName": "COR FLAIR RECON",
    "ScanningSequence": "IR",
    "SequenceVariant": "SK",
    "ScanOptions": "FS",
    "ImageType": [
        "ORIGINAL",
        "PRIMARY",
        "PROJECTION IMAGE",
        "M",
        "IR"
    ],
    "PhilipsRWVSlope": 6.01587,
    "PhilipsRWVIntercept": 0,
    "PhilipsRescaleSlope": 6.01587,
    "PhilipsRescaleIntercept": 0,
    "PhilipsScaleSlope": 0.00247536,
    "UsePhilipsFloatNotDisplayScaling": 1,
    "SliceThickness": 1,
    "SpacingBetweenSlices": 1,
    "NumberOfAverages": 2,
    "EchoTime": 0.34,
    "RepetitionTime": 4.8,
    "InversionTime": 1.65,
    "FlipAngle": 90,
    "CoilString": "MULTI COIL",
    "PercentPhaseFOV": 140,
    "PercentSampling": 78.8904,
    "EchoTrainLength": 167,
    "PhaseEncodingSteps": 225,
    "AcquisitionMatrixPE": 225,
    "ReconMatrixPE": 1024,
    "ParallelReductionFactorInPlane": 3.16228,
    "ParallelReductionOutOfPlane": 3.16228,
    "WaterFatShift": 0.611698,
    "EstimatedEffectiveEchoSpacing": 1.36815e-06,
    "EstimatedTotalReadoutTime": 0.00139962,
    "PixelBandwidth": 710,
    "ImageOrientationPatientDICOM": [
        0.992227,
        -0.124421,
        0.00204833,
        0.0176517,
        0.124435,
        -0.992071
    ],
    "ConversionSoftware": "dcm2niix",
    "ConversionSoftwareVersion": "v1.0.20201102"
}