{
    "Modality": "MR",
    "MagneticFieldStrength": 3,
    "ImagingFrequency": 127.778,
    "Manufacturer": "Philips",
    "ManufacturersModelName": "Ingenia Elition X",
    "BodyPartExamined": "BRAIN",
    "PatientPosition": "HFS",
    "ProcedureStepDescription": "MRI BRAIN W WO CONTRAST",
    "SoftwareVersions": "5.6.1\\5.6.1.0",
    "MRAcquisitionType": "2D",
    "SeriesDescription": "sB1000",
    "ProtocolName": "sB1000",
    "ScanningSequence": "SE",
    "SequenceVariant": "SK",
    "ScanOptions": "FS",
    "ImageType": [
        "ORIGINAL",
        "PRIMARY",
        "M",
        "SE",
        "M",
        "SE"
    ],
    "PhilipsRWVSlope": 1,
    "PhilipsRWVIntercept": 0,
    "PhilipsRescaleSlope": 1,
    "PhilipsRescaleIntercept": 0,
    "PhilipsScaleSlope": 0.613904,
    "UsePhilipsFloatNotDisplayScaling": 1,
    "SliceThickness": 5,
    "SpacingBetweenSlices": 6,
    "EchoTime": 0.061652,
    "RepetitionTime": 3.96385,
    "FlipAngle": 90,
    "CoilString": "MULTI COIL",
    "PercentPhaseFOV": 100,
    "PercentSampling": 89.8438,
    "EchoTrainLength": 47,
    "PartialFourierEnabled": "YES",
    "PhaseEncodingStepsNoPartialFourier": 116,
    "AcquisitionMatrixPE": 116,
    "ReconMatrixPE": 384,
    "ParallelReductionFactorInPlane": 2.5,
    "WaterFatShift": 14.9985,
    "EstimatedEffectiveEchoSpacing": 8.82611e-05,
    "EstimatedTotalReadoutTime": 0.033804,
    "PixelBandwidth": 2143,
    "PhaseEncodingAxis": "j",
    "ImageOrientationPatientDICOM": [
        0.972732,
        0.0299334,
        -0.229994,
        -0.0389148,
        0.998643,
        -0.0346133
    ],
    "InPlanePhaseEncodingDirectionDICOM": "COL",
    "ConversionSoftware": "dcm2niix",
    "ConversionSoftwareVersion": "v1.0.20201102"
}