{
    "Modality": "MR",
    "MagneticFieldStrength": 1.5,
    "ImagingFrequency": 63.8869,
    "Manufacturer": "Philips",
    "ManufacturersModelName": "Ingenia Ambition X",
    "BodyPartExamined": "BRAIN",
    "PatientPosition": "HFS",
    "ProcedureStepDescription": "MRI BRAIN W WO CONTRAST",
    "SoftwareVersions": "5.6.1\\5.6.1.0",
    "MRAcquisitionType": "2D",
    "SeriesDescription": "dADC",
    "ProtocolName": "dADC",
    "ScanningSequence": "RM",
    "SequenceVariant": "SK",
    "ScanOptions": "FS",
    "ImageType": [
        "ORIGINAL",
        "PRIMARY",
        "ADC",
        "UNSPECIFIED",
        "ADC",
        "UNSPECIFIED"
    ],
    "RawImage": false,
    "PhilipsRWVSlope": 1.27773e-06,
    "PhilipsRWVIntercept": -0.00193634,
    "PhilipsRescaleSlope": 1.27773e-06,
    "PhilipsRescaleIntercept": -0.00193634,
    "PhilipsScaleSlope": 0.120511,
    "UsePhilipsFloatNotDisplayScaling": 1,
    "SliceThickness": 5,
    "SpacingBetweenSlices": 6,
    "EchoTime": 0.070388,
    "RepetitionTime": 3.51222,
    "FlipAngle": 90,
    "CoilString": "MULTI COIL",
    "PercentPhaseFOV": 108.475,
    "PercentSampling": 100.606,
    "EchoTrainLength": 83,
    "PartialFourierEnabled": "YES",
    "PhaseEncodingStepsNoPartialFourier": 165,
    "AcquisitionMatrixPE": 165,
    "ReconMatrixPE": 256,
    "ParallelReductionFactorInPlane": 2,
    "WaterFatShift": 17.8721,
    "EstimatedEffectiveEchoSpacing": 0.000318818,
    "EstimatedTotalReadoutTime": 0.0812985,
    "PixelBandwidth": 1314,
    "PhaseEncodingAxis": "j",
    "ImageOrientationPatientDICOM": [
        0.969809,
        0.176906,
        -0.167856,
        -0.219028,
        0.93451,
        -0.280566
    ],
    "InPlanePhaseEncodingDirectionDICOM": "COL",
    "ConversionSoftware": "dcm2niix",
    "ConversionSoftwareVersion": "v1.0.20201102"
}