{
    "Modality": "MR",
    "MagneticFieldStrength": 1.5,
    "ImagingFrequency": 63.8862,
    "Manufacturer": "Philips",
    "ManufacturersModelName": "Achieva",
    "BodyPartExamined": "BRAIN",
    "PatientPosition": "HFS",
    "ProcedureStepDescription": "MRI BRAIN WITHOUT CONTRAST",
    "SoftwareVersions": "3.2.3\\3.2.3.4",
    "MRAcquisitionType": "2D",
    "SeriesDescription": "AX T1",
    "ProtocolName": "AX T1 CLEAR",
    "ScanningSequence": "SE",
    "SequenceVariant": "SS",
    "ScanOptions": "FC",
    "ImageType": [
        "ORIGINAL",
        "PRIMARY",
        "M",
        "SE",
        "M",
        "SE"
    ],
    "PhilipsRWVSlope": 5.37363,
    "PhilipsRWVIntercept": 0,
    "PhilipsRescaleSlope": 5.37363,
    "PhilipsRescaleIntercept": 0,
    "PhilipsScaleSlope": 0.027899,
    "UsePhilipsFloatNotDisplayScaling": 1,
    "SliceThickness": 5,
    "SpacingBetweenSlices": 6,
    "EchoTime": 0.011,
    "RepetitionTime": 0.375,
    "FlipAngle": 69,
    "CoilString": "SENSE-Head-8",
    "PercentPhaseFOV": 79.3651,
    "PercentSampling": 67.5,
    "PhaseEncodingSteps": 170,
    "AcquisitionMatrixPE": 170,
    "ReconMatrixPE": 512,
    "WaterFatShift": 1.55181,
    "EstimatedEffectiveEchoSpacing": 6.99041e-06,
    "EstimatedTotalReadoutTime": 0.0035721,
    "PixelBandwidth": 140,
    "PhaseEncodingAxis": "i",
    "ImageOrientationPatientDICOM": [
        0.997718,
        -0.0465076,
        -0.0489375,
        0.0412478,
        0.993775,
        -0.103488
    ],
    "InPlanePhaseEncodingDirectionDICOM": "ROW",
    "ConversionSoftware": "dcm2niix",
    "ConversionSoftwareVersion": "v1.0.20201102"
}