{
    "Modality": "MR",
    "MagneticFieldStrength": 3,
    "ImagingFrequency": 127.752,
    "Manufacturer": "Philips",
    "ManufacturersModelName": "Achieva",
    "BodyPartExamined": "TSPINE",
    "PatientPosition": "HFS",
    "ProcedureStepDescription": "MRI BRAIN WITHOUT CONTRAST",
    "SoftwareVersions": "3.2.3",
    "MRAcquisitionType": "2D",
    "SeriesDescription": "sB1000",
    "ProtocolName": "sB1000",
    "ScanningSequence": "SE",
    "SequenceVariant": "SK",
    "ImageType": [
        "DERIVED",
        "PRIMARY",
        "DIFFUSION",
        "MIXED"
    ],
    "RawImage": false,
    "PhilipsRescaleSlope": 1,
    "PhilipsRescaleIntercept": 0,
    "PhilipsScaleSlope": 0.0194326,
    "UsePhilipsFloatNotDisplayScaling": 1,
    "SliceThickness": 5,
    "SpacingBetweenSlices": 6,
    "EchoTime": 0.076,
    "RepetitionTime": 3.08907,
    "FlipAngle": 90,
    "CoilString": "SENSE-Head-8",
    "PercentPhaseFOV": 100,
    "PercentSampling": 84.6154,
    "EchoTrainLength": 69,
    "PartialFourierEnabled": "YES",
    "PhaseEncodingStepsNoPartialFourier": 133,
    "AcquisitionMatrixPE": 133,
    "ReconMatrixPE": 240,
    "ParallelReductionFactorInPlane": 2,
    "WaterFatShift": 30.3808,
    "EstimatedEffectiveEchoSpacing": 0.000288472,
    "EstimatedTotalReadoutTime": 0.0689448,
    "PixelBandwidth": 1280.68,
    "PhaseEncodingAxis": "j",
    "ImageOrientationPatientDICOM": [
        0.924421,
        0.318882,
        -0.209188,
        -0.375503,
        0.856919,
        -0.353111
    ],
    "InPlanePhaseEncodingDirectionDICOM": "COL",
    "ConversionSoftware": "dcm2niix",
    "ConversionSoftwareVersion": "v1.0.20201102"
}