{
    "Modality": "MR",
    "MagneticFieldStrength": 1.5,
    "ImagingFrequency": 63.6796,
    "Manufacturer": "Siemens",
    "ManufacturersModelName": "Symphony",
    "PatientPosition": "HFS",
    "ProcedureStepDescription": "MRI BRAIN W WO CONTRAST",
    "SoftwareVersions": "syngo MR A40 4VA40A",
    "MRAcquisitionType": "2D",
    "SeriesDescription": "Cor Flair FS",
    "ProtocolName": "Cor Flair FS",
    "ScanningSequence": "IR\\SE",
    "SequenceVariant": "SK\\SP\\MP\\OSP",
    "ScanOptions": "IR\\SAT1\\FS",
    "SequenceName": "*tir2d1_15",
    "ImageType": [
        "ORIGINAL",
        "PRIMARY",
        "M",
        "ND"
    ],
    "SliceThickness": 5,
    "SpacingBetweenSlices": 6,
    "EchoTime": 0.111,
    "RepetitionTime": 9.11,
    "RepetitionTimeExcitation": 5.8,
    "InversionTime": 2.5,
    "FlipAngle": 150,
    "PartialFourier": 1,
    "BaseResolution": 256,
    "ShimSetting": [
        7,
        4,
        110,
        0,
        0,
        0,
        0,
        0
    ],
    "TxRefAmp": 188.608,
    "PhaseResolution": 0.75,
    "ReceiveCoilName": "CP_HeadArray",
    "CoilString": "HE",
    "PulseSequenceDetails": "%SiemensSeq%\\tse",
    "PercentPhaseFOV": 100,
    "PercentSampling": 75,
    "EchoTrainLength": 15,
    "PhaseEncodingSteps": 195,
    "AcquisitionMatrixPE": 192,
    "ReconMatrixPE": 256,
    "PixelBandwidth": 120,
    "PhaseEncodingDirection": "i",
    "SliceTiming": [
        0,
        96.6563,
        4.6875,
        101.219,
        0.25,
        96.9063,
        4.92188,
        101.453,
        0.48438,
        97.1406,
        5.17188,
        101.703,
        0.73438,
        97.375,
        5.40625,
        101.938,
        0.96875,
        97.625,
        5.65625,
        102.172,
        1.21875,
        97.8594,
        5.89063,
        102.422,
        1.45313,
        98.1094,
        6.125,
        102.656,
        1.70313,
        98.3438,
        6.375,
        102.906,
        1.9375
    ],
    "ImageOrientationPatientDICOM": [
        0.999979,
        -0.00650321,
        3.93129e-10,
        0.000372487,
        0.0572761,
        -0.998358
    ],
    "InPlanePhaseEncodingDirectionDICOM": "ROW",
    "ConversionSoftware": "dcm2niix",
    "ConversionSoftwareVersion": "v1.0.20201102"
}