{
    "Modality": "MR",
    "MagneticFieldStrength": 1.5,
    "ImagingFrequency": 63.8869,
    "Manufacturer": "Philips",
    "ManufacturersModelName": "Ingenia Ambition X",
    "BodyPartExamined": "BRAIN",
    "PatientPosition": "HFS",
    "ProcedureStepDescription": "MRI BRAIN W WO CONTRAST",
    "SoftwareVersions": "5.6.1\\5.6.1.0",
    "MRAcquisitionType": "2D",
    "SeriesDescription": "ddADC",
    "ProtocolName": "ddADC",
    "ScanningSequence": "RM",
    "SequenceVariant": "SK",
    "ScanOptions": "FS",
    "ImageType": [
        "ORIGINAL",
        "PRIMARY",
        "ADC",
        "UNSPECIFIED",
        "ADC",
        "UNSPECIFIED"
    ],
    "RawImage": false,
    "PhilipsRWVSlope": 9.66995e-07,
    "PhilipsRWVIntercept": 0,
    "PhilipsRescaleSlope": 9.66995e-07,
    "PhilipsRescaleIntercept": 0,
    "PhilipsScaleSlope": 0.0889317,
    "UsePhilipsFloatNotDisplayScaling": 1,
    "SliceThickness": 5,
    "SpacingBetweenSlices": 6,
    "EchoTime": 0.088256,
    "RepetitionTime": 4.6,
    "FlipAngle": 90,
    "CoilString": "MULTI COIL",
    "PercentPhaseFOV": 110.345,
    "PercentSampling": 99.5283,
    "EchoTrainLength": 105,
    "PartialFourierEnabled": "YES",
    "PhaseEncodingStepsNoPartialFourier": 210,
    "AcquisitionMatrixPE": 210,
    "ReconMatrixPE": 256,
    "ParallelReductionFactorInPlane": 2,
    "WaterFatShift": 27.1463,
    "EstimatedEffectiveEchoSpacing": 0.000485471,
    "EstimatedTotalReadoutTime": 0.123795,
    "PixelBandwidth": 1041,
    "PhaseEncodingAxis": "j",
    "ImageOrientationPatientDICOM": [
        0.997376,
        -0.069231,
        0.0211702,
        0.0696336,
        0.997393,
        -0.0189098
    ],
    "InPlanePhaseEncodingDirectionDICOM": "COL",
    "ConversionSoftware": "dcm2niix",
    "ConversionSoftwareVersion": "v1.0.20201102"
}