{
    "Modality": "MR",
    "MagneticFieldStrength": 1.5,
    "ImagingFrequency": 63.8868,
    "Manufacturer": "Philips",
    "ManufacturersModelName": "Ingenia Ambition X",
    "BodyPartExamined": "BRAIN",
    "PatientPosition": "HFS",
    "ProcedureStepDescription": "MRI BRAIN W WO CONTRAST",
    "SoftwareVersions": "5.6.1\\5.6.1.0",
    "MRAcquisitionType": "2D",
    "SeriesDescription": "sB1000",
    "ProtocolName": "sB1000",
    "ScanningSequence": "SE",
    "SequenceVariant": "SK",
    "ScanOptions": "FS",
    "ImageType": [
        "ORIGINAL",
        "PRIMARY",
        "M",
        "SE",
        "M",
        "SE"
    ],
    "PhilipsRWVSlope": 1,
    "PhilipsRWVIntercept": 0,
    "PhilipsRescaleSlope": 1,
    "PhilipsRescaleIntercept": 0,
    "PhilipsScaleSlope": 0.98359,
    "UsePhilipsFloatNotDisplayScaling": 1,
    "SliceThickness": 5,
    "SpacingBetweenSlices": 6,
    "EchoTime": 0.070777,
    "RepetitionTime": 3.46102,
    "FlipAngle": 90,
    "CoilString": "MULTI COIL",
    "PercentPhaseFOV": 103.226,
    "PercentSampling": 100.637,
    "EchoTrainLength": 79,
    "PartialFourierEnabled": "YES",
    "PhaseEncodingStepsNoPartialFourier": 157,
    "AcquisitionMatrixPE": 157,
    "ReconMatrixPE": 256,
    "ParallelReductionFactorInPlane": 2,
    "WaterFatShift": 17.021,
    "EstimatedEffectiveEchoSpacing": 0.000303453,
    "EstimatedTotalReadoutTime": 0.0773806,
    "PixelBandwidth": 1314,
    "PhaseEncodingAxis": "j",
    "ImageOrientationPatientDICOM": [
        0.988693,
        -0.0224158,
        -0.14827,
        0.0369667,
        0.994683,
        0.0961225
    ],
    "InPlanePhaseEncodingDirectionDICOM": "COL",
    "ConversionSoftware": "dcm2niix",
    "ConversionSoftwareVersion": "v1.0.20201102"
}