{
    "Modality": "MR",
    "MagneticFieldStrength": 1.5,
    "ImagingFrequency": 63.8818,
    "Manufacturer": "Philips",
    "ManufacturersModelName": "Achieva",
    "BodyPartExamined": "HEAD",
    "PatientPosition": "HFS",
    "ProcedureStepDescription": "MRI BRAIN W WO CONTRAST",
    "SoftwareVersions": "3.2.3",
    "MRAcquisitionType": "3D",
    "SeriesDescription": "COR T1 3D Post Contrast SENSE",
    "ProtocolName": "COR T1 3D Post Contrast SENSE",
    "ScanningSequence": "GR",
    "SequenceVariant": "MP",
    "ScanOptions": "PFF",
    "ImageType": [
        "ORIGINAL",
        "PRIMARY",
        "PROJECTION IMAGE",
        "M",
        "FFE"
    ],
    "PhilipsRWVSlope": 1.75604,
    "PhilipsRWVIntercept": 0,
    "PhilipsRescaleSlope": 1.75604,
    "PhilipsRescaleIntercept": 0,
    "PhilipsScaleSlope": 0.0014326,
    "UsePhilipsFloatNotDisplayScaling": 1,
    "SliceThickness": 1,
    "SpacingBetweenSlices": 1,
    "EchoTime": 0.004605,
    "RepetitionTime": 0.02,
    "FlipAngle": 25,
    "CoilString": "SENSE-Head-8",
    "PercentPhaseFOV": 102.381,
    "PercentSampling": 79.6512,
    "EchoTrainLength": 34,
    "PartialFourierEnabled": "YES",
    "PhaseEncodingStepsNoPartialFourier": 98,
    "AcquisitionMatrixPE": 98,
    "ReconMatrixPE": 384,
    "ParallelReductionFactorInPlane": 1.5,
    "WaterFatShift": 1.99232,
    "EstimatedEffectiveEchoSpacing": 2.32656e-05,
    "EstimatedTotalReadoutTime": 0.00891072,
    "PixelBandwidth": 109,
    "ImageOrientationPatientDICOM": [
        0.998528,
        0.00893358,
        -0.0534906,
        -0.054221,
        0.183821,
        -0.981463
    ],
    "ConversionSoftware": "dcm2niix",
    "ConversionSoftwareVersion": "v1.0.20201102"
}