{
    "Modality": "MR",
    "MagneticFieldStrength": 1.5,
    "ImagingFrequency": 63.8929,
    "Manufacturer": "Philips",
    "ManufacturersModelName": "Intera",
    "PatientPosition": "HFS",
    "ProcedureStepDescription": "MRI BRAIN WITHOUT CONTRAST",
    "SoftwareVersions": "11.8.1\\11.8.1.5\\Gyroscan PMS/DICOM 4.0 MR datadefs $Revision: 6.3",
    "SeriesDescription": "COR T2 FLAIR",
    "ProtocolName": "COR T2 FLAIR CLEAR",
    "ScanningSequence": "IR",
    "SequenceVariant": "SK",
    "ScanOptions": "OTHER",
    "ImageType": [
        "ORIGINAL",
        "PRIMARY",
        "M",
        "IR",
        "M",
        "IR"
    ],
    "PhilipsRWVSlope": 3.1685,
    "PhilipsRWVIntercept": 0,
    "PhilipsRescaleSlope": 3.1685,
    "PhilipsRescaleIntercept": 0,
    "PhilipsScaleSlope": 0.00768872,
    "UsePhilipsFloatNotDisplayScaling": 1,
    "SliceThickness": 5,
    "SpacingBetweenSlices": 6,
    "EchoTime": 0.12,
    "RepetitionTime": 6,
    "InversionTime": 2,
    "FlipAngle": 90,
    "CoilString": "SENSE-head",
    "PercentPhaseFOV": 80.7692,
    "PercentSampling": 70,
    "EchoTrainLength": 30,
    "PhaseEncodingSteps": 111,
    "AcquisitionMatrixPE": 111,
    "ReconMatrixPE": 256,
    "WaterFatShift": 0.994072,
    "EstimatedEffectiveEchoSpacing": 1.73662e-05,
    "EstimatedTotalReadoutTime": 0.00442839,
    "PixelBandwidth": 219,
    "PhaseEncodingAxis": "i",
    "ImageOrientationPatientDICOM": [
        0.99842,
        0.0266227,
        -0.0494927,
        -0.0528076,
        0.143145,
        -0.988292
    ],
    "InPlanePhaseEncodingDirectionDICOM": "ROW",
    "ConversionSoftware": "dcm2niix",
    "ConversionSoftwareVersion": "v1.0.20201102"
}