{
    "Modality": "MR",
    "MagneticFieldStrength": 1.5,
    "ImagingFrequency": 63.8869,
    "Manufacturer": "Philips",
    "ManufacturersModelName": "Ingenia Ambition X",
    "BodyPartExamined": "BRAIN",
    "PatientPosition": "HFS",
    "ProcedureStepDescription": "MRI BRAIN WITHOUT CONTRAST",
    "SoftwareVersions": "5.6.1\\5.6.1.0",
    "MRAcquisitionType": "3D",
    "SeriesDescription": "SAG FLAIR",
    "ProtocolName": "SAG FLAIR",
    "ScanningSequence": "IR",
    "SequenceVariant": "SK",
    "ScanOptions": "FS",
    "ImageType": [
        "ORIGINAL",
        "PRIMARY",
        "M",
        "IR",
        "M",
        "IR"
    ],
    "PhilipsRWVSlope": 14.1126,
    "PhilipsRWVIntercept": 0,
    "PhilipsRescaleSlope": 14.1126,
    "PhilipsRescaleIntercept": 0,
    "PhilipsScaleSlope": 0.00222291,
    "UsePhilipsFloatNotDisplayScaling": 1,
    "SliceThickness": 1.8,
    "SpacingBetweenSlices": 0.9,
    "EchoTime": 0.3,
    "RepetitionTime": 4.8,
    "InversionTime": 1.66,
    "FlipAngle": 90,
    "CoilString": "MULTI COIL",
    "PercentPhaseFOV": 137.634,
    "PercentSampling": 77.6085,
    "EchoTrainLength": 116,
    "PhaseEncodingSteps": 250,
    "AcquisitionMatrixPE": 250,
    "ReconMatrixPE": 512,
    "ParallelReductionFactorInPlane": 2.54951,
    "ParallelReductionOutOfPlane": 2.54951,
    "WaterFatShift": 0.303754,
    "EstimatedEffectiveEchoSpacing": 2.71321e-06,
    "EstimatedTotalReadoutTime": 0.00138645,
    "PixelBandwidth": 715,
    "PhaseEncodingAxis": "i",
    "ImageOrientationPatientDICOM": [
        -0.00841926,
        0.995168,
        0.0978289,
        0.103677,
        0.0981738,
        -0.989754
    ],
    "InPlanePhaseEncodingDirectionDICOM": "ROW",
    "ConversionSoftware": "dcm2niix",
    "ConversionSoftwareVersion": "v1.0.20201102"
}