{
    "Modality": "MR",
    "MagneticFieldStrength": 1.5,
    "ImagingFrequency": 63.8869,
    "Manufacturer": "Philips",
    "ManufacturersModelName": "Ingenia Ambition X",
    "BodyPartExamined": "BRAIN",
    "PatientPosition": "HFS",
    "ProcedureStepDescription": "MRI BRAIN WITHOUT CONTRAST",
    "SoftwareVersions": "5.6.1\\5.6.1.0",
    "MRAcquisitionType": "2D",
    "SeriesDescription": "ddADC",
    "ProtocolName": "ddADC",
    "ScanningSequence": "RM",
    "SequenceVariant": "SK",
    "ScanOptions": "FS",
    "ImageType": [
        "ORIGINAL",
        "PRIMARY",
        "ADC",
        "UNSPECIFIED",
        "ADC",
        "UNSPECIFIED"
    ],
    "RawImage": false,
    "PhilipsRWVSlope": 9.66995e-07,
    "PhilipsRWVIntercept": 0,
    "PhilipsRescaleSlope": 0.000966995,
    "PhilipsRescaleIntercept": 0,
    "PhilipsScaleSlope": 0.0996371,
    "UsePhilipsFloatNotDisplayScaling": 1,
    "SliceThickness": 5,
    "SpacingBetweenSlices": 6,
    "EchoTime": 0.085282,
    "RepetitionTime": 4.6,
    "FlipAngle": 90,
    "CoilString": "MULTI COIL",
    "PercentPhaseFOV": 107.692,
    "PercentSampling": 99.5169,
    "EchoTrainLength": 103,
    "PartialFourierEnabled": "YES",
    "PhaseEncodingStepsNoPartialFourier": 205,
    "AcquisitionMatrixPE": 205,
    "ReconMatrixPE": 224,
    "ParallelReductionFactorInPlane": 2,
    "WaterFatShift": 26.6341,
    "EstimatedEffectiveEchoSpacing": 0.000544561,
    "EstimatedTotalReadoutTime": 0.121437,
    "PixelBandwidth": 1041,
    "PhaseEncodingAxis": "j",
    "ImageOrientationPatientDICOM": [
        0.996798,
        0.0760773,
        -0.0246205,
        -0.0628168,
        0.935541,
        0.347587
    ],
    "InPlanePhaseEncodingDirectionDICOM": "COL",
    "ConversionSoftware": "dcm2niix",
    "ConversionSoftwareVersion": "v1.0.20201102"
}