{
    "Modality": "MR",
    "MagneticFieldStrength": 1.5,
    "ImagingFrequency": 63.885,
    "Manufacturer": "Philips",
    "ManufacturersModelName": "Achieva",
    "BodyPartExamined": "BRAIN",
    "PatientPosition": "HFS",
    "ProcedureStepDescription": "MRI BRAIN WITHOUT CONTRAST",
    "SoftwareVersions": "3.2.3",
    "MRAcquisitionType": "2D",
    "SeriesDescription": "sB1000",
    "ProtocolName": "sB1000",
    "ScanningSequence": "SE",
    "SequenceVariant": "SK",
    "ScanOptions": "FS",
    "ImageType": [
        "ORIGINAL",
        "PRIMARY",
        "M",
        "SE",
        "M",
        "SE"
    ],
    "PhilipsRWVSlope": 1,
    "PhilipsRWVIntercept": 0,
    "PhilipsRescaleSlope": 1,
    "PhilipsRescaleIntercept": 0,
    "PhilipsScaleSlope": 0.0572739,
    "UsePhilipsFloatNotDisplayScaling": 1,
    "SliceThickness": 5,
    "SpacingBetweenSlices": 6,
    "EchoTime": 0.097191,
    "RepetitionTime": 3.83917,
    "FlipAngle": 90,
    "CoilString": "SENSE-Head-8",
    "PercentPhaseFOV": 100,
    "PercentSampling": 82.7381,
    "EchoTrainLength": 47,
    "PhaseEncodingSteps": 136,
    "AcquisitionMatrixPE": 136,
    "ReconMatrixPE": 288,
    "ParallelReductionFactorInPlane": 6,
    "WaterFatShift": 11.0391,
    "EstimatedEffectiveEchoSpacing": 0.000173392,
    "EstimatedTotalReadoutTime": 0.0497636,
    "PixelBandwidth": 1190,
    "PhaseEncodingAxis": "j",
    "ImageOrientationPatientDICOM": [
        0.999661,
        0.0190412,
        -0.0177715,
        -0.0216828,
        0.986426,
        -0.162771
    ],
    "InPlanePhaseEncodingDirectionDICOM": "COL",
    "ConversionSoftware": "dcm2niix",
    "ConversionSoftwareVersion": "v1.0.20201102"
}