{
    "Modality": "MR",
    "MagneticFieldStrength": 1.5,
    "ImagingFrequency": 63.8869,
    "Manufacturer": "Philips",
    "ManufacturersModelName": "Ingenia Ambition X",
    "BodyPartExamined": "BRAIN",
    "PatientPosition": "HFS",
    "ProcedureStepDescription": "MRI BRAIN WITHOUT CONTRAST",
    "SoftwareVersions": "5.6.1\\5.6.1.0",
    "MRAcquisitionType": "3D",
    "SeriesDescription": "SAG T1 3D TFE",
    "ProtocolName": "SAG T1 3D TFE",
    "ScanningSequence": "GR",
    "SequenceVariant": "MP",
    "ScanOptions": "OTHER",
    "ImageType": [
        "ORIGINAL",
        "PRIMARY",
        "M",
        "FFE",
        "M",
        "FFE"
    ],
    "PhilipsRWVSlope": 6.35897,
    "PhilipsRWVIntercept": 0,
    "PhilipsRescaleSlope": 6.35897,
    "PhilipsRescaleIntercept": 0,
    "PhilipsScaleSlope": 0.00802309,
    "UsePhilipsFloatNotDisplayScaling": 1,
    "SliceThickness": 1,
    "SpacingBetweenSlices": 0.5,
    "EchoTime": 0.003487,
    "RepetitionTime": 0.0076637,
    "FlipAngle": 8,
    "CoilString": "MULTI COIL",
    "PercentPhaseFOV": 139.806,
    "PercentSampling": 78.5398,
    "EchoTrainLength": 250,
    "PhaseEncodingSteps": 252,
    "AcquisitionMatrixPE": 252,
    "ReconMatrixPE": 576,
    "ParallelReductionFactorInPlane": 1.73205,
    "ParallelReductionOutOfPlane": 1.73205,
    "WaterFatShift": 1.00093,
    "EstimatedEffectiveEchoSpacing": 7.98198e-06,
    "EstimatedTotalReadoutTime": 0.00458964,
    "PixelBandwidth": 217,
    "PhaseEncodingAxis": "i",
    "ImageOrientationPatientDICOM": [
        0.0794538,
        0.996835,
        0.0027682,
        0.101724,
        -0.00534544,
        -0.994798
    ],
    "InPlanePhaseEncodingDirectionDICOM": "ROW",
    "ConversionSoftware": "dcm2niix",
    "ConversionSoftwareVersion": "v1.0.20201102"
}