{
    "Modality": "MR",
    "MagneticFieldStrength": 3,
    "ImagingFrequency": 127.778,
    "Manufacturer": "Philips",
    "ManufacturersModelName": "Ingenia Elition X",
    "BodyPartExamined": "BRAIN",
    "PatientPosition": "HFS",
    "ProcedureStepDescription": "MRI BRAIN WITHOUT CONTRAST",
    "SoftwareVersions": "5.6.1\\5.6.1.0",
    "MRAcquisitionType": "2D",
    "SeriesDescription": "Ax FLAIR",
    "ProtocolName": "Ax FLAIR",
    "ScanningSequence": "IR",
    "SequenceVariant": "SK",
    "ScanOptions": "FS",
    "ImageType": [
        "ORIGINAL",
        "PRIMARY",
        "M",
        "IR",
        "M",
        "IR"
    ],
    "PhilipsRWVSlope": 3.09231,
    "PhilipsRWVIntercept": 0,
    "PhilipsRescaleSlope": 3.09231,
    "PhilipsRescaleIntercept": 0,
    "PhilipsScaleSlope": 0.0763041,
    "UsePhilipsFloatNotDisplayScaling": 1,
    "SliceThickness": 5,
    "SpacingBetweenSlices": 6,
    "NumberOfAverages": 2,
    "EchoTime": 0.125,
    "RepetitionTime": 11,
    "InversionTime": 2.8,
    "FlipAngle": 90,
    "CoilString": "MULTI COIL",
    "PercentPhaseFOV": 80.4688,
    "PercentSampling": 79.5455,
    "EchoTrainLength": 35,
    "PhaseEncodingSteps": 227,
    "AcquisitionMatrixPE": 227,
    "ReconMatrixPE": 512,
    "ParallelReductionFactorInPlane": 1.8,
    "WaterFatShift": 1.74421,
    "EstimatedEffectiveEchoSpacing": 7.63851e-06,
    "EstimatedTotalReadoutTime": 0.00390328,
    "PixelBandwidth": 249,
    "PhaseEncodingAxis": "i",
    "ImageOrientationPatientDICOM": [
        0.996713,
        0.066352,
        0.0464798,
        -0.07726,
        0.951122,
        0.298994
    ],
    "InPlanePhaseEncodingDirectionDICOM": "ROW",
    "ConversionSoftware": "dcm2niix",
    "ConversionSoftwareVersion": "v1.0.20201102"
}