{
    "Modality": "MR",
    "MagneticFieldStrength": 1.5,
    "ImagingFrequency": 63.8928,
    "Manufacturer": "Philips",
    "ManufacturersModelName": "Intera",
    "PatientPosition": "HFS",
    "ProcedureStepDescription": "MRI BRAIN WITHOUT CONTRAST",
    "SoftwareVersions": "11.8.1\\11.8.1.5\\Gyroscan PMS/DICOM 4.0 MR datadefs $Revision: 6.3",
    "SeriesDescription": "AX T1",
    "ProtocolName": "AX T1 CLEAR",
    "ScanningSequence": "SE",
    "SequenceVariant": "SK",
    "ScanOptions": "OTHER",
    "ImageType": [
        "ORIGINAL",
        "PRIMARY",
        "M",
        "SE",
        "M",
        "SE"
    ],
    "PhilipsRWVSlope": 2.09621,
    "PhilipsRWVIntercept": 0,
    "PhilipsRescaleSlope": 2.09622,
    "PhilipsRescaleIntercept": 0,
    "PhilipsScaleSlope": 0.00528667,
    "UsePhilipsFloatNotDisplayScaling": 1,
    "SliceThickness": 5,
    "SpacingBetweenSlices": 6,
    "EchoTime": 0.015,
    "RepetitionTime": 0.55,
    "FlipAngle": 90,
    "CoilString": "SENSE-head",
    "PercentPhaseFOV": 80.7692,
    "PercentSampling": 70,
    "EchoTrainLength": 4,
    "PhaseEncodingSteps": 144,
    "AcquisitionMatrixPE": 144,
    "ReconMatrixPE": 256,
    "WaterFatShift": 0.759108,
    "EstimatedEffectiveEchoSpacing": 1.09628e-05,
    "EstimatedTotalReadoutTime": 0.00279552,
    "PixelBandwidth": 286,
    "PhaseEncodingAxis": "i",
    "ImageOrientationPatientDICOM": [
        0.98791,
        -0.152496,
        -0.027896,
        0.144149,
        0.969813,
        -0.196682
    ],
    "InPlanePhaseEncodingDirectionDICOM": "ROW",
    "ConversionSoftware": "dcm2niix",
    "ConversionSoftwareVersion": "v1.0.20201102"
}