{
    "Modality": "MR",
    "MagneticFieldStrength": 1.5,
    "ImagingFrequency": 63.8869,
    "Manufacturer": "Philips",
    "ManufacturersModelName": "Ingenia Ambition X",
    "BodyPartExamined": "BRAIN",
    "PatientPosition": "HFS",
    "ProcedureStepDescription": "MRI BRAIN WITHOUT CONTRAST",
    "SoftwareVersions": "5.6.1\\5.6.1.0",
    "MRAcquisitionType": "2D",
    "SeriesDescription": "Sag T1 FFE",
    "ProtocolName": "Sag T1 FFE",
    "ScanningSequence": "GR",
    "SequenceVariant": "SS",
    "ScanOptions": "PFF",
    "ImageType": [
        "ORIGINAL",
        "PRIMARY",
        "M",
        "FFE",
        "M",
        "FFE"
    ],
    "PhilipsRWVSlope": 3.79072,
    "PhilipsRWVIntercept": 0,
    "PhilipsRescaleSlope": 3.79072,
    "PhilipsRescaleIntercept": 0,
    "PhilipsScaleSlope": 0.183574,
    "UsePhilipsFloatNotDisplayScaling": 1,
    "SliceThickness": 5,
    "SpacingBetweenSlices": 6,
    "EchoTime": 0.001906,
    "RepetitionTime": 0.188949,
    "FlipAngle": 80,
    "CoilString": "MULTI COIL",
    "PercentPhaseFOV": 121.212,
    "PercentSampling": 79.0441,
    "PartialFourierEnabled": "YES",
    "PhaseEncodingStepsNoPartialFourier": 214,
    "AcquisitionMatrixPE": 214,
    "ReconMatrixPE": 320,
    "ParallelReductionFactorInPlane": 1.75,
    "WaterFatShift": 1.27285,
    "EstimatedEffectiveEchoSpacing": 9.1847e-06,
    "EstimatedTotalReadoutTime": 0.00292992,
    "PixelBandwidth": 171,
    "PhaseEncodingAxis": "i",
    "ImageOrientationPatientDICOM": [
        0.253592,
        0.960291,
        0.116327,
        0.162771,
        0.0761812,
        -0.983719
    ],
    "InPlanePhaseEncodingDirectionDICOM": "ROW",
    "ConversionSoftware": "dcm2niix",
    "ConversionSoftwareVersion": "v1.0.20201102"
}