{
    "Modality": "MR",
    "MagneticFieldStrength": 1.5,
    "ImagingFrequency": 63.887,
    "Manufacturer": "Philips",
    "ManufacturersModelName": "Ingenia Ambition X",
    "BodyPartExamined": "BRAIN",
    "PatientPosition": "HFS",
    "ProcedureStepDescription": "MRI BRAIN WITHOUT CONTRAST",
    "SoftwareVersions": "5.6.1\\5.6.1.0",
    "MRAcquisitionType": "3D",
    "SeriesDescription": "SAG T1 3D TFE",
    "ProtocolName": "SAG T1 3D TFE",
    "ScanningSequence": "GR",
    "SequenceVariant": "MP",
    "ScanOptions": "OTHER",
    "ImageType": [
        "ORIGINAL",
        "PRIMARY",
        "M",
        "FFE",
        "M",
        "FFE"
    ],
    "PhilipsRWVSlope": 6.84078,
    "PhilipsRWVIntercept": 0,
    "PhilipsRescaleSlope": 6.84078,
    "PhilipsRescaleIntercept": 0,
    "PhilipsScaleSlope": 0.00871407,
    "UsePhilipsFloatNotDisplayScaling": 1,
    "SliceThickness": 1,
    "SpacingBetweenSlices": 0.5,
    "EchoTime": 0.00359,
    "RepetitionTime": 0.0077439,
    "FlipAngle": 8,
    "CoilString": "MULTI COIL",
    "PercentPhaseFOV": 137.143,
    "PercentSampling": 78.5398,
    "EchoTrainLength": 250,
    "PhaseEncodingSteps": 247,
    "AcquisitionMatrixPE": 247,
    "ReconMatrixPE": 576,
    "ParallelReductionFactorInPlane": 1.73205,
    "ParallelReductionOutOfPlane": 1.73205,
    "WaterFatShift": 1.00093,
    "EstimatedEffectiveEchoSpacing": 7.98199e-06,
    "EstimatedTotalReadoutTime": 0.00458964,
    "PixelBandwidth": 217,
    "PhaseEncodingAxis": "i",
    "ImageOrientationPatientDICOM": [
        0.0743208,
        0.948715,
        0.307272,
        -0.0153492,
        0.309175,
        -0.950881
    ],
    "InPlanePhaseEncodingDirectionDICOM": "ROW",
    "ConversionSoftware": "dcm2niix",
    "ConversionSoftwareVersion": "v1.0.20201102"
}