{
    "Modality": "MR",
    "MagneticFieldStrength": 1.5,
    "ImagingFrequency": 63.8864,
    "Manufacturer": "Philips",
    "ManufacturersModelName": "Achieva",
    "BodyPartExamined": "BRAIN",
    "PatientPosition": "HFS",
    "ProcedureStepDescription": "MRI BRAIN WITHOUT CONTRAST",
    "SoftwareVersions": "3.2.3",
    "MRAcquisitionType": "3D",
    "SeriesDescription": "COR FLAIR RECON",
    "ProtocolName": "COR FLAIR RECON",
    "ScanningSequence": "IR",
    "SequenceVariant": "OSP",
    "ScanOptions": "FS",
    "ImageType": [
        "ORIGINAL",
        "PRIMARY",
        "PROJECTION IMAGE",
        "M",
        "IR"
    ],
    "PhilipsRWVSlope": 18.7187,
    "PhilipsRWVIntercept": 0,
    "PhilipsRescaleSlope": 18.7187,
    "PhilipsRescaleIntercept": 0,
    "PhilipsScaleSlope": 0.000223801,
    "UsePhilipsFloatNotDisplayScaling": 1,
    "SliceThickness": 1,
    "SpacingBetweenSlices": 1,
    "NumberOfAverages": 2,
    "EchoTime": 0.332282,
    "RepetitionTime": 4.8,
    "InversionTime": 1.66,
    "FlipAngle": 90,
    "CoilString": "SENSE-Head-8",
    "PercentPhaseFOV": 108.197,
    "PercentSampling": 78.8373,
    "EchoTrainLength": 178,
    "PhaseEncodingSteps": 265,
    "AcquisitionMatrixPE": 265,
    "ReconMatrixPE": 336,
    "ParallelReductionFactorInPlane": 2.59,
    "ParallelReductionOutOfPlane": 2,
    "WaterFatShift": 0.265001,
    "EstimatedEffectiveEchoSpacing": 3.62145e-06,
    "EstimatedTotalReadoutTime": 0.00121318,
    "PixelBandwidth": 820,
    "ImageOrientationPatientDICOM": [
        0.999481,
        -0.0281564,
        0.0156355,
        0.017737,
        0.0760045,
        -0.99695
    ],
    "ConversionSoftware": "dcm2niix",
    "ConversionSoftwareVersion": "v1.0.20201102"
}