{
    "Modality": "MR",
    "MagneticFieldStrength": 1.5,
    "ImagingFrequency": 63.8864,
    "Manufacturer": "Philips",
    "ManufacturersModelName": "Achieva",
    "BodyPartExamined": "BRAIN",
    "PatientPosition": "HFS",
    "ProcedureStepDescription": "MRI BRAIN WITHOUT CONTRAST",
    "SoftwareVersions": "3.2.3\\3.2.3.4",
    "MRAcquisitionType": "3D",
    "SeriesDescription": "SAG T1 3D",
    "ProtocolName": "SAG T1 3D SENSE",
    "ScanningSequence": "GR",
    "SequenceVariant": "MP",
    "ScanOptions": "OTHER",
    "ImageType": [
        "ORIGINAL",
        "PRIMARY",
        "M",
        "FFE",
        "M",
        "FFE"
    ],
    "PhilipsRWVSlope": 19.9763,
    "PhilipsRWVIntercept": 0,
    "PhilipsRescaleSlope": 19.9763,
    "PhilipsRescaleIntercept": 0,
    "PhilipsScaleSlope": 0.000234599,
    "UsePhilipsFloatNotDisplayScaling": 1,
    "SliceThickness": 1,
    "SpacingBetweenSlices": 1,
    "EchoTime": 0.00322,
    "RepetitionTime": 0.0070807,
    "FlipAngle": 8,
    "CoilString": "SENSE-Head-8",
    "PercentPhaseFOV": 98.3607,
    "PercentSampling": 100.417,
    "EchoTrainLength": 232,
    "PhaseEncodingSteps": 236,
    "AcquisitionMatrixPE": 236,
    "ReconMatrixPE": 256,
    "ParallelReductionOutOfPlane": 2,
    "WaterFatShift": 0.901002,
    "EstimatedEffectiveEchoSpacing": 1.61969e-05,
    "EstimatedTotalReadoutTime": 0.0041302,
    "PixelBandwidth": 241,
    "PhaseEncodingAxis": "i",
    "ImageOrientationPatientDICOM": [
        0.0118419,
        0.997002,
        0.0764645,
        0.0165883,
        0.0762635,
        -0.99695
    ],
    "InPlanePhaseEncodingDirectionDICOM": "ROW",
    "ConversionSoftware": "dcm2niix",
    "ConversionSoftwareVersion": "v1.0.20201102"
}