{
    "Modality": "MR",
    "MagneticFieldStrength": 1.5,
    "ImagingFrequency": 63.8795,
    "Manufacturer": "GE",
    "ManufacturersModelName": "Signa HDxt",
    "PatientPosition": "HFS",
    "ProcedureStepDescription": "MRI BRAIN WITHOUT CONTRAST",
    "SoftwareVersions": "23\\LX\\MR Software release:HD23.0_V03_1614.b",
    "MRAcquisitionType": "3D",
    "SeriesDescription": "Sag Flair 3D",
    "ProtocolName": "Sag Flair 3D",
    "ScanningSequence": "SE\\IR",
    "SequenceVariant": "SK",
    "ScanOptions": "SAT_GEMS\\EDR_GEMS\\ACC_GEMS\\FS",
    "ImageType": [
        "ORIGINAL",
        "PRIMARY",
        "OTHER"
    ],
    "SliceThickness": 1.2,
    "SpacingBetweenSlices": 0.599997,
    "EchoTime": 0.135501,
    "RepetitionTime": 5.7,
    "InversionTime": 1.768,
    "FlipAngle": 90,
    "CoilString": "HNS Head",
    "PercentPhaseFOV": 100,
    "PercentSampling": 100,
    "EchoTrainLength": 160,
    "AcquisitionMatrixPE": 224,
    "ReconMatrixPE": 512,
    "ParallelReductionFactorInPlane": 2,
    "ParallelReductionOutOfPlane": 2,
    "PixelBandwidth": 122.07,
    "PhaseEncodingAxis": "i",
    "ImageOrientationPatientDICOM": [
        -0.0243416,
        0.999698,
        0.00351111,
        -0.0115481,
        0.00323075,
        -0.999928
    ],
    "InPlanePhaseEncodingDirectionDICOM": "ROW",
    "ConversionSoftware": "dcm2niix",
    "ConversionSoftwareVersion": "v1.0.20201102"
}