{
    "Modality": "MR",
    "MagneticFieldStrength": 1.5,
    "ImagingFrequency": 63.8848,
    "Manufacturer": "Philips",
    "ManufacturersModelName": "Achieva",
    "BodyPartExamined": "BRAIN",
    "PatientPosition": "HFS",
    "ProcedureStepDescription": "MRI BRAIN W WO CONTRAST",
    "SoftwareVersions": "3.2.3",
    "MRAcquisitionType": "3D",
    "SeriesDescription": "COR FLAIR RECON",
    "ProtocolName": "COR FLAIR RECON",
    "ScanningSequence": "IR",
    "SequenceVariant": "OSP",
    "ScanOptions": "FS",
    "ImageType": [
        "ORIGINAL",
        "PRIMARY",
        "PROJECTION IMAGE",
        "M",
        "IR"
    ],
    "PhilipsRWVSlope": 21.4342,
    "PhilipsRWVIntercept": 0,
    "PhilipsRescaleSlope": 21.4342,
    "PhilipsRescaleIntercept": 0,
    "PhilipsScaleSlope": 0.000212983,
    "UsePhilipsFloatNotDisplayScaling": 1,
    "SliceThickness": 1,
    "SpacingBetweenSlices": 1,
    "NumberOfAverages": 2,
    "EchoTime": 0.33022,
    "RepetitionTime": 4.8,
    "InversionTime": 1.66,
    "FlipAngle": 90,
    "CoilString": "SENSE-Head-8",
    "PercentPhaseFOV": 108.333,
    "PercentSampling": 78.5398,
    "EchoTrainLength": 178,
    "PhaseEncodingSteps": 260,
    "AcquisitionMatrixPE": 260,
    "ReconMatrixPE": 336,
    "ParallelReductionFactorInPlane": 2.59,
    "ParallelReductionOutOfPlane": 2,
    "WaterFatShift": 0.26065,
    "EstimatedEffectiveEchoSpacing": 3.56208e-06,
    "EstimatedTotalReadoutTime": 0.0011933,
    "PixelBandwidth": 833,
    "ImageOrientationPatientDICOM": [
        0.998275,
        0.0502781,
        0.0303241,
        0.0273821,
        0.0582045,
        -0.997929
    ],
    "ConversionSoftware": "dcm2niix",
    "ConversionSoftwareVersion": "v1.0.20201102"
}