{
    "Modality": "MR",
    "MagneticFieldStrength": 3,
    "ImagingFrequency": 127.752,
    "Manufacturer": "Philips",
    "ManufacturersModelName": "Achieva",
    "BodyPartExamined": "BRAIN",
    "PatientPosition": "HFS",
    "ProcedureStepDescription": "MRI BRAIN WITHOUT CONTRAST",
    "SoftwareVersions": "3.2.3\\3.2.3.4",
    "MRAcquisitionType": "3D",
    "SeriesDescription": "SAG T1 3D",
    "ProtocolName": "SAG T1 3D SENSE",
    "ScanningSequence": "GR",
    "SequenceVariant": "MP",
    "ScanOptions": "OTHER",
    "ImageType": [
        "ORIGINAL",
        "PRIMARY",
        "M",
        "FFE",
        "M",
        "FFE"
    ],
    "PhilipsRWVSlope": 4.379,
    "PhilipsRWVIntercept": 0,
    "PhilipsRescaleSlope": 4.379,
    "PhilipsRescaleIntercept": 0,
    "PhilipsScaleSlope": 0.000527427,
    "UsePhilipsFloatNotDisplayScaling": 1,
    "SliceThickness": 1,
    "SpacingBetweenSlices": 1,
    "EchoTime": 0.004592,
    "RepetitionTime": 0.0098745,
    "FlipAngle": 8,
    "CoilString": "SENSE-Head-8",
    "PercentPhaseFOV": 100,
    "PercentSampling": 99.2064,
    "EchoTrainLength": 200,
    "PhaseEncodingSteps": 200,
    "AcquisitionMatrixPE": 200,
    "ReconMatrixPE": 288,
    "ParallelReductionOutOfPlane": 1.5,
    "WaterFatShift": 3.03354,
    "EstimatedEffectiveEchoSpacing": 2.42134e-05,
    "EstimatedTotalReadoutTime": 0.00694926,
    "PixelBandwidth": 143,
    "PhaseEncodingAxis": "i",
    "ImageOrientationPatientDICOM": [
        -0.0166076,
        0.999862,
        2.20794e-11,
        0.0428884,
        0.00071237,
        -0.99908
    ],
    "InPlanePhaseEncodingDirectionDICOM": "ROW",
    "ConversionSoftware": "dcm2niix",
    "ConversionSoftwareVersion": "v1.0.20201102"
}