{
    "Modality": "MR",
    "MagneticFieldStrength": 1.5,
    "ImagingFrequency": 63.893,
    "Manufacturer": "Philips",
    "ManufacturersModelName": "Intera",
    "PatientPosition": "HFS",
    "ProcedureStepDescription": "MRI BRAIN WITHOUT CONTRAST",
    "SoftwareVersions": "11.8.1\\Gyroscan PMS/DICOM 4.0 MR datadefs $Revision: 6.30 $",
    "SeriesDescription": "dAX DWI b1000 CLEAR",
    "ProtocolName": "dAX DWI b1000 CLEAR",
    "ScanningSequence": "SE",
    "SequenceVariant": "SK",
    "ScanOptions": "FS",
    "ImageType": [
        "ORIGINAL",
        "PRIMARY",
        "ADC",
        "SE",
        "ADC",
        "SE"
    ],
    "RawImage": false,
    "PhilipsRWVSlope": 1.13395,
    "PhilipsRWVIntercept": 0,
    "PhilipsRescaleSlope": 1.13395,
    "PhilipsRescaleIntercept": 0,
    "PhilipsScaleSlope": 0.00165952,
    "UsePhilipsFloatNotDisplayScaling": 1,
    "SliceThickness": 5,
    "SpacingBetweenSlices": 6,
    "NumberOfAverages": 2,
    "EchoTime": 0.077642,
    "RepetitionTime": 4.65633,
    "FlipAngle": 90,
    "CoilString": "SENSE-head",
    "PercentPhaseFOV": 100,
    "PercentSampling": 100,
    "EchoTrainLength": 127,
    "PartialFourierEnabled": "YES",
    "PhaseEncodingStepsNoPartialFourier": 127,
    "AcquisitionMatrixPE": 127,
    "ReconMatrixPE": 256,
    "WaterFatShift": 23.2405,
    "EstimatedEffectiveEchoSpacing": 0.000416261,
    "EstimatedTotalReadoutTime": 0.106147,
    "PixelBandwidth": 1744,
    "PhaseEncodingAxis": "j",
    "ImageOrientationPatientDICOM": [
        0.952304,
        -0.284832,
        0.10949,
        0.264735,
        0.949611,
        0.167794
    ],
    "InPlanePhaseEncodingDirectionDICOM": "COL",
    "ConversionSoftware": "dcm2niix",
    "ConversionSoftwareVersion": "v1.0.20201102"
}