{
    "Modality": "MR",
    "MagneticFieldStrength": 1.5,
    "ImagingFrequency": 63.8868,
    "Manufacturer": "Philips",
    "ManufacturersModelName": "Ingenia Ambition X",
    "BodyPartExamined": "BRAIN",
    "PatientPosition": "HFS",
    "ProcedureStepDescription": "MRI BRAIN W WO CONTRAST",
    "SoftwareVersions": "5.6.1\\5.6.1.0",
    "MRAcquisitionType": "3D",
    "SeriesDescription": "COR FLAIR RECON",
    "ProtocolName": "COR FLAIR RECON",
    "ScanningSequence": "IR",
    "SequenceVariant": "SK",
    "ScanOptions": "FS",
    "ImageType": [
        "ORIGINAL",
        "PRIMARY",
        "PROJECTION IMAGE",
        "M",
        "IR"
    ],
    "PhilipsRWVSlope": 8.29719,
    "PhilipsRWVIntercept": 0,
    "PhilipsRescaleSlope": 8.29719,
    "PhilipsRescaleIntercept": 0,
    "PhilipsScaleSlope": 0.0107619,
    "UsePhilipsFloatNotDisplayScaling": 1,
    "SliceThickness": 1,
    "SpacingBetweenSlices": 1,
    "NumberOfAverages": 2,
    "EchoTime": 0.316002,
    "RepetitionTime": 4.8,
    "InversionTime": 1.66,
    "FlipAngle": 90,
    "CoilString": "MULTI COIL",
    "PercentPhaseFOV": 139.683,
    "PercentSampling": 71.1411,
    "EchoTrainLength": 178,
    "PhaseEncodingSteps": 228,
    "AcquisitionMatrixPE": 228,
    "ReconMatrixPE": 1024,
    "ParallelReductionFactorInPlane": 2.59,
    "ParallelReductionOutOfPlane": 2,
    "WaterFatShift": 0.247104,
    "EstimatedEffectiveEchoSpacing": 1.10581e-06,
    "EstimatedTotalReadoutTime": 0.00113125,
    "PixelBandwidth": 879,
    "ImageOrientationPatientDICOM": [
        0.994251,
        0.000659823,
        0.107074,
        0.103129,
        0.263114,
        -0.959237
    ],
    "ConversionSoftware": "dcm2niix",
    "ConversionSoftwareVersion": "v1.0.20201102"
}