{
    "Modality": "MR",
    "MagneticFieldStrength": 1.5,
    "ImagingFrequency": 63.8852,
    "Manufacturer": "Philips",
    "ManufacturersModelName": "Achieva",
    "BodyPartExamined": "BRAIN",
    "PatientPosition": "HFS",
    "ProcedureStepDescription": "MRI BRAIN WITHOUT CONTRAST",
    "SoftwareVersions": "3.2.3",
    "MRAcquisitionType": "2D",
    "SeriesDescription": "sB1000",
    "ProtocolName": "sB1000",
    "ScanningSequence": "SE",
    "SequenceVariant": "SK",
    "ScanOptions": "FS",
    "ImageType": [
        "ORIGINAL",
        "PRIMARY",
        "M",
        "SE",
        "M",
        "SE"
    ],
    "PhilipsRWVSlope": 1,
    "PhilipsRWVIntercept": 0,
    "PhilipsRescaleSlope": 1,
    "PhilipsRescaleIntercept": 0,
    "PhilipsScaleSlope": 0.0867492,
    "UsePhilipsFloatNotDisplayScaling": 1,
    "SliceThickness": 5,
    "SpacingBetweenSlices": 6,
    "EchoTime": 0.095652,
    "RepetitionTime": 3.77544,
    "FlipAngle": 90,
    "CoilString": "SENSE-Head-8",
    "PercentPhaseFOV": 100,
    "PercentSampling": 83.75,
    "EchoTrainLength": 47,
    "PhaseEncodingSteps": 134,
    "AcquisitionMatrixPE": 134,
    "ReconMatrixPE": 288,
    "ParallelReductionFactorInPlane": 6,
    "WaterFatShift": 10.6221,
    "EstimatedEffectiveEchoSpacing": 0.000166842,
    "EstimatedTotalReadoutTime": 0.0478836,
    "PixelBandwidth": 1249,
    "PhaseEncodingAxis": "j",
    "ImageOrientationPatientDICOM": [
        0.991026,
        -0.133486,
        -0.00696286,
        0.133626,
        0.988084,
        0.0763816
    ],
    "InPlanePhaseEncodingDirectionDICOM": "COL",
    "ConversionSoftware": "dcm2niix",
    "ConversionSoftwareVersion": "v1.0.20201102"
}