{
    "Modality": "MR",
    "MagneticFieldStrength": 1.5,
    "ImagingFrequency": 63.886,
    "Manufacturer": "Philips",
    "ManufacturersModelName": "Achieva",
    "BodyPartExamined": "BRAIN",
    "PatientPosition": "HFS",
    "ProcedureStepDescription": "MRI BRAIN WITHOUT CONTRAST",
    "SoftwareVersions": "3.2.3\\3.2.3.4",
    "MRAcquisitionType": "2D",
    "SeriesDescription": "AX T1",
    "ProtocolName": "AX T1 CLEAR",
    "ScanningSequence": "SE",
    "SequenceVariant": "SS",
    "ScanOptions": "FC",
    "ImageType": [
        "ORIGINAL",
        "PRIMARY",
        "M",
        "SE",
        "M",
        "SE"
    ],
    "PhilipsRWVSlope": 3.49182,
    "PhilipsRWVIntercept": 0,
    "PhilipsRescaleSlope": 3.49182,
    "PhilipsRescaleIntercept": 0,
    "PhilipsScaleSlope": 0.0238203,
    "UsePhilipsFloatNotDisplayScaling": 1,
    "SliceThickness": 5,
    "SpacingBetweenSlices": 6,
    "EchoTime": 0.011,
    "RepetitionTime": 0.375001,
    "FlipAngle": 69,
    "CoilString": "SENSE-Head-8",
    "PercentPhaseFOV": 79.4118,
    "PercentSampling": 67.5926,
    "PhaseEncodingSteps": 184,
    "AcquisitionMatrixPE": 184,
    "ReconMatrixPE": 560,
    "WaterFatShift": 1.5509,
    "EstimatedEffectiveEchoSpacing": 6.3864e-06,
    "EstimatedTotalReadoutTime": 0.00357,
    "PixelBandwidth": 140,
    "PhaseEncodingAxis": "i",
    "ImageOrientationPatientDICOM": [
        0.995632,
        -0.0706504,
        -0.0610447,
        0.0623322,
        0.989708,
        -0.128813
    ],
    "InPlanePhaseEncodingDirectionDICOM": "ROW",
    "ConversionSoftware": "dcm2niix",
    "ConversionSoftwareVersion": "v1.0.20201102"
}