{
    "Modality": "MR",
    "MagneticFieldStrength": 1.5,
    "ImagingFrequency": 63.8869,
    "Manufacturer": "Philips",
    "ManufacturersModelName": "Ingenia Ambition X",
    "BodyPartExamined": "BRAIN",
    "PatientPosition": "HFS",
    "ProcedureStepDescription": "MRI BRAIN WITHOUT CONTRAST",
    "SoftwareVersions": "5.6.1\\5.6.1.0",
    "MRAcquisitionType": "3D",
    "SeriesDescription": "SAG T1 3D TFE",
    "ProtocolName": "SAG T1 3D TFE",
    "ScanningSequence": "GR",
    "SequenceVariant": "MP",
    "ScanOptions": "OTHER",
    "ImageType": [
        "ORIGINAL",
        "PRIMARY",
        "M",
        "FFE",
        "M",
        "FFE"
    ],
    "PhilipsRWVSlope": 6.25763,
    "PhilipsRWVIntercept": 0,
    "PhilipsRescaleSlope": 6.25763,
    "PhilipsRescaleIntercept": 0,
    "PhilipsScaleSlope": 0.00891096,
    "UsePhilipsFloatNotDisplayScaling": 1,
    "SliceThickness": 1,
    "SpacingBetweenSlices": 0.5,
    "EchoTime": 0.003534,
    "RepetitionTime": 0.0077056,
    "FlipAngle": 8,
    "CoilString": "MULTI COIL",
    "PercentPhaseFOV": 144.144,
    "PercentSampling": 78.5398,
    "EchoTrainLength": 250,
    "PhaseEncodingSteps": 259,
    "AcquisitionMatrixPE": 259,
    "ReconMatrixPE": 640,
    "ParallelReductionFactorInPlane": 1.73205,
    "ParallelReductionOutOfPlane": 1.73205,
    "WaterFatShift": 1.00093,
    "EstimatedEffectiveEchoSpacing": 7.18254e-06,
    "EstimatedTotalReadoutTime": 0.00458964,
    "PixelBandwidth": 217,
    "PhaseEncodingAxis": "i",
    "ImageOrientationPatientDICOM": [
        0.0212025,
        0.997209,
        0.0715876,
        0.151534,
        0.0675711,
        -0.98614
    ],
    "InPlanePhaseEncodingDirectionDICOM": "ROW",
    "ConversionSoftware": "dcm2niix",
    "ConversionSoftwareVersion": "v1.0.20201102"
}