{
    "Modality": "MR",
    "MagneticFieldStrength": 3,
    "ImagingFrequency": 127.778,
    "Manufacturer": "Philips",
    "ManufacturersModelName": "Ingenia Elition X",
    "BodyPartExamined": "BRAIN",
    "PatientPosition": "HFS",
    "ProcedureStepDescription": "MRI BRAIN WITHOUT CONTRAST",
    "SoftwareVersions": "5.6.1\\5.6.1.0",
    "MRAcquisitionType": "2D",
    "SeriesDescription": "Ax FLAIR",
    "ProtocolName": "Ax FLAIR",
    "ScanningSequence": "IR",
    "SequenceVariant": "SK",
    "ScanOptions": "FS",
    "ImageType": [
        "ORIGINAL",
        "PRIMARY",
        "M",
        "IR",
        "M",
        "IR"
    ],
    "PhilipsRWVSlope": 3.34872,
    "PhilipsRWVIntercept": 0,
    "PhilipsRescaleSlope": 3.34872,
    "PhilipsRescaleIntercept": 0,
    "PhilipsScaleSlope": 0.0439362,
    "UsePhilipsFloatNotDisplayScaling": 1,
    "SliceThickness": 5,
    "SpacingBetweenSlices": 6,
    "EchoTime": 0.125,
    "RepetitionTime": 11,
    "InversionTime": 2.8,
    "FlipAngle": 90,
    "CoilString": "MULTI COIL",
    "PercentPhaseFOV": 80.8333,
    "PercentSampling": 79.4118,
    "EchoTrainLength": 35,
    "PhaseEncodingSteps": 147,
    "AcquisitionMatrixPE": 147,
    "ReconMatrixPE": 480,
    "ParallelReductionFactorInPlane": 1.8,
    "WaterFatShift": 1.77797,
    "EstimatedEffectiveEchoSpacing": 8.30651e-06,
    "EstimatedTotalReadoutTime": 0.00397882,
    "PixelBandwidth": 244,
    "PhaseEncodingAxis": "i",
    "ImageOrientationPatientDICOM": [
        0.999603,
        0.0151633,
        -0.0237382,
        -0.017305,
        0.995536,
        -0.0927854
    ],
    "InPlanePhaseEncodingDirectionDICOM": "ROW",
    "ConversionSoftware": "dcm2niix",
    "ConversionSoftwareVersion": "v1.0.20201102"
}