{
    "Modality": "MR",
    "MagneticFieldStrength": 1.5,
    "ImagingFrequency": 63.8929,
    "Manufacturer": "Philips",
    "ManufacturersModelName": "Intera",
    "PatientPosition": "HFS",
    "ProcedureStepDescription": "MRI BRAIN WITHOUT CONTRAST",
    "SoftwareVersions": "11.8.1\\Gyroscan PMS/DICOM 4.0 MR datadefs $Revision: 6.30 $",
    "SeriesDescription": "dADC",
    "ProtocolName": "dADC",
    "ScanningSequence": "SE",
    "SequenceVariant": "SK",
    "ScanOptions": "FS",
    "ImageType": [
        "ORIGINAL",
        "PRIMARY",
        "ADC",
        "SE",
        "ADC",
        "SE"
    ],
    "RawImage": false,
    "PhilipsRWVSlope": 1.07147,
    "PhilipsRWVIntercept": 0,
    "PhilipsRescaleSlope": 1.07147,
    "PhilipsRescaleIntercept": 0,
    "PhilipsScaleSlope": 0.00483174,
    "UsePhilipsFloatNotDisplayScaling": 1,
    "SliceThickness": 5,
    "SpacingBetweenSlices": 6,
    "NumberOfAverages": 2,
    "EchoTime": 0.078435,
    "RepetitionTime": 5.00353,
    "FlipAngle": 90,
    "CoilString": "SENSE-head",
    "PercentPhaseFOV": 100,
    "PercentSampling": 100,
    "EchoTrainLength": 127,
    "PartialFourierEnabled": "YES",
    "PhaseEncodingStepsNoPartialFourier": 127,
    "AcquisitionMatrixPE": 127,
    "ReconMatrixPE": 256,
    "WaterFatShift": 24.6252,
    "EstimatedEffectiveEchoSpacing": 0.000441064,
    "EstimatedTotalReadoutTime": 0.112471,
    "PixelBandwidth": 1605,
    "PhaseEncodingAxis": "j",
    "ImageOrientationPatientDICOM": [
        0.99625,
        -0.0447266,
        -0.0740664,
        0.0385255,
        0.995793,
        -0.0831347
    ],
    "InPlanePhaseEncodingDirectionDICOM": "COL",
    "ConversionSoftware": "dcm2niix",
    "ConversionSoftwareVersion": "v1.0.20201102"
}