{
    "Modality": "MR",
    "MagneticFieldStrength": 1.5,
    "ImagingFrequency": 63.8871,
    "Manufacturer": "Philips",
    "ManufacturersModelName": "Ingenia Ambition X",
    "BodyPartExamined": "BRAIN",
    "PatientPosition": "HFS",
    "ProcedureStepDescription": "MRI BRAIN W WO CONTRAST",
    "SoftwareVersions": "5.6.1\\5.6.1.0",
    "MRAcquisitionType": "3D",
    "SeriesDescription": "SAG T1 3D TFE POST",
    "ProtocolName": "SAG T1 3D TFE POST",
    "ScanningSequence": "GR",
    "SequenceVariant": "MP",
    "ScanOptions": "OTHER",
    "ImageType": [
        "ORIGINAL",
        "PRIMARY",
        "M",
        "FFE",
        "M",
        "FFE"
    ],
    "PhilipsRWVSlope": 5.61929,
    "PhilipsRWVIntercept": 0,
    "PhilipsRescaleSlope": 5.61929,
    "PhilipsRescaleIntercept": 0,
    "PhilipsScaleSlope": 0.00755654,
    "UsePhilipsFloatNotDisplayScaling": 1,
    "SliceThickness": 1,
    "SpacingBetweenSlices": 0.5,
    "EchoTime": 0.003528,
    "RepetitionTime": 0.0077367,
    "FlipAngle": 8,
    "CoilString": "MULTI COIL",
    "PercentPhaseFOV": 137.634,
    "PercentSampling": 78.5398,
    "EchoTrainLength": 250,
    "PhaseEncodingSteps": 248,
    "AcquisitionMatrixPE": 248,
    "ReconMatrixPE": 512,
    "ParallelReductionFactorInPlane": 1.87083,
    "ParallelReductionOutOfPlane": 1.87083,
    "WaterFatShift": 1.00093,
    "EstimatedEffectiveEchoSpacing": 8.98168e-06,
    "EstimatedTotalReadoutTime": 0.00458964,
    "PixelBandwidth": 217,
    "PhaseEncodingAxis": "i",
    "ImageOrientationPatientDICOM": [
        -0.117602,
        0.993035,
        0.00710716,
        -0.131816,
        -0.00851631,
        -0.991238
    ],
    "InPlanePhaseEncodingDirectionDICOM": "ROW",
    "ConversionSoftware": "dcm2niix",
    "ConversionSoftwareVersion": "v1.0.20201102"
}